{
	"TaskName": "movie watching",
	"Modality": "MR",
	"MagneticFieldStrength": 3,
	"Manufacturer": "Siemens",
	"ManufacturersModelName": "Prisma",
	"InstitutionName": "Princeton_University",
	"InstitutionalDepartmentName": "NeuroScience",
	"InstitutionAddress": "Stadium_1952_Princeton_NJ_US_08544",
	"DeviceSerialNumber": "66018",
	"StationName": "AWP66018",
	"BodyPartExamined": "BRAIN",
	"PatientPosition": "HFS",
	"ProcedureStepDescription": "Turk-Browne_projects",
	"SoftwareVersions": "syngo_MR_D13D",
	"MRAcquisitionType": "2D",
	"SeriesDescription": "TR1500_Slice60_Res2iso_MGH",
	"ProtocolName": "TR1500_Slice60_Res2iso_MGH",
	"ScanningSequence": "EP",
	"SequenceVariant": "SK",
	"ScanOptions": "PFP_FS",
	"SequenceName": "epfSM2d1_96",
	"ImageType": ["ORIGINAL", "PRIMARY", "M", "ND", "MOSAIC"],
	"SeriesNumber": 4,
	"AcquisitionTime": "10:25:45.787500",
	"AcquisitionNumber": 1,
	"ImageComments": "SMS_MGH_V2.2;_MB=4;_FOVshift=3;_K_PE=3;_K_RO=3;_CCR=1;_LeakBlockOn;",
	"SliceThickness": 2,
	"SpacingBetweenSlices": 2,
	"SAR": 0.115094,
	"EchoTime": 0.039,
	"RepetitionTime": 1.5,
	"FlipAngle": 50,
	"PartialFourier": 0.75,
	"BaseResolution": 96,
	"ShimSetting": [
		765,
		522,
		2040,
		329,
		-88,
		-304,
		122,
		35	],
	"TxRefAmp": 241.703,
	"PhaseResolution": 1,
	"ReceiveCoilName": "HeadNeck_64",
	"ReceiveCoilActiveElements": "HC1-7;NC1,2",
	"PulseSequenceDetails": "%CustomerSeq%_ep2d_bold_sms_mgh_v22",
	"PercentPhaseFOV": 100,
	"EchoTrainLength": 72,
	"PhaseEncodingSteps": 72,
	"AcquisitionMatrixPE": 96,
	"ReconMatrixPE": 96,
	"BandwidthPerPixelPhaseEncode": 11.201,
	"EffectiveEchoSpacing": 0.000929976,
	"DerivedVendorReportedEchoSpacing": 0.000929976,
	"TotalReadoutTime": 0.0883478,
	"PixelBandwidth": 1240,
	"DwellTime": 4.2e-06,
	"PhaseEncodingDirection": "j-",
	"ImageOrientationPatientDICOM": [
		1,
		0,
		0,
		0,
		0.879649,
		0.475624	],
	"InPlanePhaseEncodingDirectionDICOM": "COL",
	"ConversionSoftware": "dcm2niix",
	"ConversionSoftwareVersion": "v1.0.20180518 GCC4.8.5"
}
