{
	"Manufacturer": "GE",
	"ManufacturersModelName": "DISCOVERY MR750",
	"DeviceSerialNumber": "000301496MR3T6MR",
	"InstitutionName": "NIH FMRIF",
	"StationName": "fmrif3tb",
	"SoftwareVersions": "DV26.0_R01_1725.a",
	"MagneticFieldStrength": 3,
	"ReceiveCoilName": "32Ch Head",
	"PulseSequenceType": "MPRAGE",
	"ScanningSequence": "RM",
	"SequenceVariant": "NONE",
	"ScanOptions": "EDR_GEMS FILTERED_GEMS ACC_GEMS IR_GEMS",
	"EchoTime": 0.003476,
	"InversionTime": 900,
	"FlipAngle": 7,
	"SliceThickness": 1,
	"RepetitionTime": 7.66,
	"SeriesDescription": "Anat T1w MP-RAGE 1mm + PURE",
	"MRAcquisitionType": "3D",
	"ImagingFrequency": 127.697465,
	"EchoNumber": 1,
	"EchoTrainLength": 1,
	"PercentSampling": 100,
	"PercentPhaseFieldofView": 100,
	"PixelBandwidth": 195.312,
	"SAR": 0.0864036,
	"Rows": 256,
	"Columns": 256,
	"PixelSpacing": "1 1"
}
