{
	"TaskName": "Recall",
	"Manufacturer": "GE",
	"ManufacturersModelName": "DISCOVERY MR750",
	"DeviceSerialNumber": "000301496MR3T6MR",
	"InstitutionName": "NIH FMRIF",
	"StationName": "fmrif3tb",
	"SoftwareVersion": "DV26.0_R01_1725.a",
	"MagneticFieldStrength": 3,
	"ReceiveCoilName": "32Ch Head",
	"PulseSequenceType": "Gradient Echo EPI",
	"SequenceVariant": "NONE",
	"ScanOptions": "SAT_GEMS EPI_GEMS ACC_GEMS FS ",
	"MRAcquisitionType": "2D",
	"SliceThickness": 3.5,
	"RepetitionTime": 2.2,
	"EchoTime": 0.0429,
	"NumberofAverages": 1,
	"ImagingFrequency": 127.697442,
	"MagneticFieldStrength": 3,
	"SpacingBetweenSlices": 3.5,
	"EchoTrainLength": 1,
	"PercentSampling": 100,
	"PercentPhaseFieldofView": 100,
	"PixelBandwidth": 7812.5,
	"AcquisitionMatrix": "64 0 0 64",
	"InplanePhaseEncodingDirection": "COL",
	"FlipAngle": 75,
	"SAR": 0.0868131,
	"Rows": 64,
	"Columns": 64,
	"PixelSpacing": "3.2031 3.2031"
}