{
  "AcquisitionMatrixPE": 86,
  "AcquisitionNumber": 1,
  "BandwidthPerPixelPhaseEncode": 23.73,
  "BaseResolution": 86,
  "BodyPart": "BRAIN",
  "CogAtlasID": "http://www.cognitiveatlas.org/task/id/TODO",
  "CoilCombinationMethod": "Sum of Squares",
  "ConsistencyInfo": "N4_VE11C_LATEST_20160120",
  "ConversionSoftware": "dcm2niix",
  "ConversionSoftwareVersion": "v1.0.20241211",
  "DerivedVendorReportedEchoSpacing": 0.000490009,
  "DeviceSerialNumber": "66003",
  "DwellTime": 2.5e-06,
  "EchoTime": 0.028,
  "EchoTrainLength": 86,
  "EffectiveEchoSpacing": 0.000490009,
  "FlipAngle": 82,
  "HeudiconvVersion": "1.3.4",
  "InPlanePhaseEncodingDirectionDICOM": "COL",
  "InstitutionAddress": "Street StreetNo,City,District,CH,ZIP",
  "InstitutionalDepartmentName": "Department",
  "MRAcquisitionType": "2D",
  "MagneticFieldStrength": 3,
  "Manufacturer": "Siemens",
  "ManufacturersModelName": "Prisma",
  "MatrixCoilMode": "SENSE",
  "Modality": "MR",
  "NonlinearGradientCorrection": false,
  "PartialFourier": 1,
  "PatientPosition": "HFS",
  "PercentPhaseFOV": 100,
  "PercentSampling": 100,
  "PhaseEncodingDirection": "j-",
  "PhaseEncodingSteps": 86,
  "PhaseResolution": 1,
  "PixelBandwidth": 2325,
  "ProtocolName": "EPI_Rest",
  "PulseSequenceDetails": "%SiemensSeq%\\ep2d_bold",
  "ReceiveCoilName": "HeadNeck_20",
  "ReconMatrixPE": 86,
  "RepetitionTime": 3,
  "ScanOptions": "FS",
  "ScanningSequence": "EP",
  "SequenceName": "*epfid2d1_86",
  "SequenceVariant": "SK",
  "SeriesDescription": "EPI_Rest",
  "SliceThickness": 3,
  "SoftwareVersions": "syngo MR E11",
  "SpacingBetweenSlices": 3.99,
  "StationName": "AWP66003",
  "TaskName": "TODO: full task name for rest",
  "TotalReadoutTime": 0.0416507}