{
  "AcquisitionMatrixPE": 74,
  "AcquisitionNumber": 1,
  "BandwidthPerPixelPhaseEncode": 26.497,
  "BaseResolution": 74,
  "CogAtlasID": "http://www.cognitiveatlas.org/task/id/TODO",
  "CoilString": "C:HEA;HEP",
  "ConversionSoftware": "dcm2niix",
  "DerivedVendorReportedEchoSpacing": 0.000510002,
  "DeviceSerialNumber": "35453",
  "DwellTime": 2.6e-06,
  "EchoTime": 0.03,
  "EffectiveEchoSpacing": 0.000510002,
  "FlipAngle": 55,
  "ImageType": [
    "ORIGINAL",
    "PRIMARY",
    "M",
    "MB",
    "ND",
    "MOSAIC"
],
  "ImagingFrequency": 123.238,
  "InPlanePhaseEncodingDirectionDICOM": "COL",
  "InstitutionalDepartmentName": "Department",
  "MRAcquisitionType": "2D",
  "MagneticFieldStrength": 3,
  "Manufacturer": "Siemens",
  "ManufacturersModelName": "TrioTim",
  "Modality": "MR",
  "MultibandAccelerationFactor": 4,
  "PartialFourier": 1,
  "PatientPosition": "HFS",
  "PercentPhaseFOV": 100,
  "PhaseEncodingDirection": "j-",
  "PhaseEncodingSteps": 74,
  "PhaseResolution": 1,
  "PixelBandwidth": 2599,
  "ReceiveCoilName": "32Ch_Head",
  "ReconMatrixPE": 74,
  "RepetitionTime": 0.75,
  "ScanOptions": "FS",
  "ScanningSequence": "EP",
  "SequenceName": "epfid2d1_74",
  "SliceThickness": 3,
  "SpacingBetweenSlices": 3,
  "StationName": "MRC35453",
  "TaskName": "loc",
  "TotalReadoutTime": 0.0372301}