{
	"TaskName": "recognition",
	"Modality": "MR",
	"MagneticFieldStrength": 3,
	"Manufacturer": "Siemens",
	"ManufacturersModelName": "Skyra",
	"BodyPartExamined": "BRAIN",
	"PatientPosition": "HFS",
	"SoftwareVersions": "syngo_MR_E11",
	"MRAcquisitionType": "2D",
	"ScanningSequence": "EP",
	"SequenceVariant": "SK",
	"ScanOptions": "FS",
	"ImageType": ["ORIGINAL", "PRIMARY", "FMRI", "NONE", "ND", "MOSAIC"],
	"AcquisitionNumber": 1,
	"SliceThickness": 2,
	"SpacingBetweenSlices": 2,
	"SAR": 0.0583249,
	"EchoTime": 0.03,
	"RepetitionTime": 1.5,
	"FlipAngle": 60,
	"PartialFourier": 1,
	"BaseResolution": 94,
	"ShimSetting": [
		3384,
		8626,
		9508,
		866,
		201,
		228,
		134,
		239	],
	"TxRefAmp": 289.765,
	"PhaseResolution": 1,
	"ReceiveCoilName": "HeadNeck_64",
	"ReceiveCoilActiveElements": "HC1-7",
	"PulseSequenceDetails": "%SiemensSeq%_ep2d_bold",
	"ConsistencyInfo": "N4_VE11C_LATEST_20160120",
	"MultibandAccelerationFactor": 4,
	"PercentPhaseFOV": 100,
	"EchoTrainLength": 47,
	"PhaseEncodingSteps": 94,
	"AcquisitionMatrixPE": 94,
	"ReconMatrixPE": 94,
	"BandwidthPerPixelPhaseEncode": 27.278,
	"ParallelReductionFactorInPlane": 2,
	"EffectiveEchoSpacing": 0.000389996,
	"DerivedVendorReportedEchoSpacing": 0.000779991,
	"TotalReadoutTime": 0.0362696,
	"PixelBandwidth": 1520,
	"DwellTime": 3.5e-06,
	"PhaseEncodingDirection": "j-",
	"SliceTiming": [
		1.07,
		0,
		0.74,
		0.0825,
		0.8225,
		0.165,
		0.905,
		0.2475,
		0.9875,
		0.4125,
		1.1525,
		0.495,
		1.235,
		0.5775,
		1.3175,
		0.66,
		1.4,
		0.33,
		1.07,
		0,
		0.74,
		0.0825,
		0.8225,
		0.165,
		0.905,
		0.2475,
		0.9875,
		0.4125,
		1.1525,
		0.495,
		1.235,
		0.5775,
		1.3175,
		0.66,
		1.4,
		0.33,
		1.07,
		0,
		0.74,
		0.0825,
		0.8225,
		0.165,
		0.905,
		0.2475,
		0.9875,
		0.4125,
		1.1525,
		0.495,
		1.235,
		0.5775,
		1.3175,
		0.66,
		1.4,
		0.33,
		1.07,
		0,
		0.74,
		0.0825,
		0.8225,
		0.165,
		0.905,
		0.2475,
		0.9875,
		0.4125,
		1.1525,
		0.495,
		1.235,
		0.5775,
		1.3175,
		0.66,
		1.4,
		0.33	],
	"ImageOrientationPatientDICOM": [
		0.999981,
		-0.00117001,
		-0.00602241,
		-2.51823e-08,
		0.981646,
		-0.190714	],
	"InPlanePhaseEncodingDirectionDICOM": "COL",
	"ConversionSoftware": "dcm2niix",
	"ConversionSoftwareVersion": "v1.0.20180518 GCC4.8.5"
}
