{
    "PhaseEncodingDirection": "j-",
    "ProcedureStepDescription": "MRRC_Research_SiteProtocols",
    "FlipAngle": 62,
    "PulseSequenceType": "EP SKSP PFPS",
    "Manufacturer": "Siemens",
    "TaskName": "flavor",
    "RepetitionTime": 2,
    "InstitutionAddress": "Cedar Street 333, New Haven, Connecticut, US 06510",
    "EchoTime": 0.032,
    "EffectiveEchoSpacing": 0.000689988,
    "CogAtlasID": "http://cognitiveatlas.org/task/id/trm_5887c029d46f4",
    "ConversionSoftwareVersion": "v1.0.20170207",
    "DeviceSerialNumber": "35407",
    "MagneticFieldStrength": 3,
    "InstitutionName": "Yale MRRC",
    "AcquisitionDateTime": "2013-05-21T11:52:18.812500",
    "ProtocolName": "cmrr_mbep2d_bold_379",
    "SliceTiming": [
        0,
        0.9025,
        1.8075,
        0.7025,
        1.605,
        0.5025,
        1.405,
        0.3,
        1.205,
        0.1,
        1.0025,
        1.9075,
        0.8025,
        1.705,
        0.6025,
        1.505,
        0.4,
        1.305,
        0.2,
        1.1025,
        0,
        0.9025,
        1.8075,
        0.7025,
        1.605,
        0.5025,
        1.405,
        0.3,
        1.205,
        0.1,
        1.0025,
        1.9075,
        0.8025,
        1.705,
        0.6025,
        1.505,
        0.4,
        1.305,
        0.2,
        1.1025,
        0,
        0.9025,
        1.8075,
        0.7025,
        1.605,
        0.5025,
        1.405,
        0.3,
        1.205,
        0.1,
        1.0025,
        1.9075,
        0.8025,
        1.705,
        0.6025,
        1.505,
        0.4,
        1.305,
        0.2,
        1.1025
    ],
    "HardcopyDeviceSoftwareVersion": "syngo MR B17",
    "ImageType": [
        "ORIGINAL",
        "PRIMARY",
        "M",
        "ND",
        "NORM",
        "MOSAIC"
    ],
    "MultibandAccelerationFactor": "3",
    "ConversionSoftware": "dcm2niix",
    "ManufacturersModelName": "TrioTim",
    "SequenceName": "epfid2d1_100"
}
