{
	"TaskName": "commstruc",
	"Modality": "MR",
	"MagneticFieldStrength": 3,
	"Manufacturer": "Siemens",
	"SoftwareVersions": "syngo_MR_2004A_4VA25A",
	"MRAcquisitionType": "2D",
	"SeriesDescription": "EPI_ax",
	"ProtocolName": "EPI_ax",
	"ScanningSequence": "SE_EP",
	"SequenceVariant": "SK",
	"ScanOptions": "FS",
	"SequenceName": "_epfid2d1_64",
	"ImageType": ["ORIGINAL", "PRIMARY", "M", "ND", "MOSAIC"],
	"SliceThickness": 3,
	"SpacingBetweenSlices": 3.99,
	"SAR": 0.0656757,
	"EchoTime": 0.03,
	"RepetitionTime": 2,
	"FlipAngle": 90,
	"PartialFourier": 1,
	"BaseResolution": 64,
	"ShimSetting": [
		20,
		37,
		98,
		-132,
		90,
		-11,
		-10,
		41	],
	"TxRefAmp": 176.407,
	"PhaseResolution": 1,
	"ReceiveCoilName": "Head_3T",
	"PulseSequenceDetails": "%SiemensSeq%_ep2d_bold",
	"PercentPhaseFOV": 100,
	"PhaseEncodingSteps": 64,
	"AcquisitionMatrixPE": 64,
	"ReconMatrixPE": 64,
	"PixelBandwidth": 2605,
	"PhaseEncodingDirection": "j-",
	"ImageOrientationPatientDICOM": [
		1,
		0,
		0,
		0,
		1,
		0	],
	"InPlanePhaseEncodingDirectionDICOM": "COL",
	"ConversionSoftware": "dcm2niix",
	"ConversionSoftwareVersion": "v1.0.20180518 GCC4.8.5"
}
