{"AcquisitionMatrixPE": 128, "AcquisitionNumber": 1, "BandwidthPerPixelPhaseEncode": 21.701, "BaseResolution": 128, "BodyPartExamined": "BRAIN", "CogAtlasID": "http://www.cognitiveatlas.org/task/id/TODO", "ConsistencyInfo": "N4_VD11D_LATEST_20110129", "ConversionSoftware": "dcm2niix", "ConversionSoftwareVersion": "v1.0.20210317", "DerivedVendorReportedEchoSpacing": 0.000720013, "DeviceSerialNumber": "45239", "DwellTime": 2e-06, "EchoTime": 0.03, "EchoTrainLength": 63, "EffectiveEchoSpacing": 0.000360006, "FlipAngle": 63, "ImageComments": "Unaliased MB4/PE3", "ImageOrientationPatientDICOM": [1, 0, 0, 0, 1, 0], "ImageType": ["ORIGINAL", "PRIMARY", "M", "ND", "NORM", "MOSAIC"], "ImagingFrequency": 123.193, "InPlanePhaseEncodingDirectionDICOM": "COL", "InstitutionAddress": "E 24th St. 100,Austin,Southmiddle,US,78712", "InstitutionName": "Univ of Texas at Austin", "InstitutionalDepartmentName": "IRC", "MRAcquisitionType": "2D", "MagneticFieldStrength": 3, "Manufacturer": "Siemens", "ManufacturersModelName": "Skyra", "Modality": "MR", "MultibandAccelerationFactor": 4, "ParallelReductionFactorInPlane": 2, "PartialFourier": 1, "PatientPosition": "HFS", "PercentPhaseFOV": 100, "PercentSampling": 100, "PhaseEncodingDirection": "j-", "PhaseEncodingSteps": 127, "PhaseResolution": 1, "PixelBandwidth": 1955, "ProcedureStepDescription": "Poldrack2^self-scanning", "ProtocolName": "retinotopy fMRI MBEPI_matrix128_BW1954", "PulseSequenceDetails": "%CustomerSeq%\\cmrr_mbep2d_bold", "ReceiveCoilActiveElements": "HEA;HEP", "ReceiveCoilName": "Head_32", "ReconMatrixPE": 128, "RefLinesPE": 124, "RepetitionTime": 1.3, "SAR": 0.0697544, "ScanOptions": "FS", "ScanningSequence": "EP", "SequenceName": "epfid2d1_128", "SequenceVariant": "SK", "SeriesDescription": "retinotopy fMRI MBEPI_matrix128_BW1954", "ShimSetting": [-2777, 8039, -15474, 168, -258, 188, 256, -82], "SliceThickness": 2, "SoftwareVersions": "syngo MR D11", "SpacingBetweenSlices": 2, "StationName": "AWP45239", "TaskName": "Retinotopic mapping", "TotalReadoutTime": 0.0457208, "TxRefAmp": 330.962, "dcmmeta_affine": [[-2.0, 0.0, 0.0, 128.0], [0.0, 2.0, 0.0, -144.15980529785156], [0.0, 0.0, 2.0, -16.259078979492188], [0.0, 0.0, 0.0, 1.0]], "dcmmeta_reorient_transform": [[0.0, -1.0, 0.0, 127.0], [1.0, 0.0, 0.0, 0.0], [0.0, 0.0, 1.0, 0.0], [0.0, 0.0, 0.0, 1.0]], "dcmmeta_shape": [128, 128, 56, 200], "dcmmeta_slice_dim": 2, "dcmmeta_version": 0.6}