{
	"RepetitionTime": 2.5,
	"TaskName": "rest",
	"Instructions": "Subjects were instructed to close their eyes during the scan.",
	"Manufacturer": "Siemens",
	"ManufacturersModelName": "Verio",
	"MagneticFieldStrength": 3,
	"SoftwareVersions": "syngo_MR_B17",
	"PhaseEncodingDirection": "j-",
	"EffectiveEchoSpacing": 0.0005,
	"TotalReadoutTime": 0.0315,
	"EchoTime": 0.03,
	"SliceTiming": [
		0,
		0.065,
		0.13,
		0.195,
		0.2575,
		0.3225,
		0.3875,
		0.4525,
		0.515,
		0.58,
		0.645,
		0.7075,
		0.7725,
		0.8375,
		0.9025,
		0.965,
		1.03,
		1.095,
		1.16,
		1.2225,
		1.2875,
		1.3525,
		1.4175,
		1.48,
		1.545,
		1.61,
		1.675,
		1.7375,
		1.8025,
		1.8675,
		1.9325,
		1.995,
		2.06,
		2.125,
		2.1875,
		2.2525,
		2.3175,
		2.3825,
		2.445	],
	"FlipAngle": 80,
	"CogAtlasID": "http://www.cognitiveatlas.org/term/id/trm_54e69c642d89b"

}
