{
	"RepetitionTime": 3.00,
	"TaskName": "Resting State",
	"TaskDescription": "Resting State fMRI",
	"CogAtlasID": "trm_54e69c642d89b",
	"Manufacturer": "Siemens",
	"ManufacturerModelName": "Trio",
	"MagneticFieldStrength": 3,
	"ReceiveCoilName": "12 channel head coil",
	"ScanningSequence": "EPI",
	"MRAcquisitionType": "2D",
	"PartialFourier": "6/8",
	"PhaseEncodingDirection": "j-",
	"PixelBandwidth": 1260.0,
	"EPI_Factor": 128,
	"EffectiveEchoSpacing": 0.00086,
	"EchoTime": 0.035,
	"FlipAngle": 87.0
}
