{
    "EchoTime": 0.03,
    "EffectiveEchoSpacing": 0.0005100016422052879,
    "FlipAngle": 60.0,
    "MagneticFieldStrength": 3.0,
    "Manufacturer": "SIEMENS",
    "ManufacturerModelName": "TrioTim",
    "MultibandAccelerationFactor": 4,
    "PhaseEncodingDirection": "j-",
    "RepetitionTime": 0.645,
    "SliceEncodingDirection": "k",
    "SliceTiming": [
        0.0,
        0.455,
        0.26,
        0.065,
        0.52,
        0.325,
        0.13,
        0.582,
        0.39,
        0.195,
        0.0,
        0.455,
        0.26,
        0.065,
        0.52,
        0.325,
        0.13,
        0.582,
        0.39,
        0.195,
        0.0,
        0.455,
        0.26,
        0.065,
        0.52,
        0.325,
        0.13,
        0.582,
        0.39,
        0.195,
        0.0,
        0.455,
        0.26,
        0.065,
        0.52,
        0.325,
        0.13,
        0.582,
        0.39,
        0.195
    ],
    "TaskName": "CHECKERBOARD_645",
    "TaskDescription": "Alternates between a fixation block and a 8Hz reversing radial checkerboard block, using a block design for 6 blocks.",
    "Instructions" : "Next will be the checkerboard like what we practiced earlier. You're going to see a red dot appear on the screen. Keep your eyes on that red dot. Remember to press any button each time you see the checkerboard appear. This scan will be about two minutes. Please remember to stay as still as possible.",
    "CogAtlasID": "http://www.cognitiveatlas.org/task/id/trm_4c898f8f297ac",
    "CogPOID": "http://wiki.cogpo.org/index.php?title=Flashing_Checkerboard"
}
