{
    "EchoTime": 0.03,
    "EffectiveEchoSpacing": 0.0005100016422052879,
    "FlipAngle": 60.0,
    "MagneticFieldStrength": 3.0,
    "Manufacturer": "SIEMENS",
    "ManufacturerModelName": "TrioTim",
    "MultibandAccelerationFactor": 4,
    "PhaseEncodingDirection": "j-",
    "RepetitionTime": 0.645,
    "SliceEncodingDirection": "k",
    "SliceTiming": [
        0.0,
        0.452,
        0.258,
        0.065,
        0.517,
        0.322,
        0.13,
        0.582,
        0.387,
        0.195,
        0.0,
        0.452,
        0.258,
        0.065,
        0.517,
        0.322,
        0.13,
        0.582,
        0.387,
        0.195,
        0.0,
        0.452,
        0.258,
        0.065,
        0.517,
        0.322,
        0.13,
        0.582,
        0.387,
        0.195,
        0.0,
        0.452,
        0.258,
        0.065,
        0.517,
        0.322,
        0.13,
        0.582,
        0.387,
        0.195
    ],
    "TaskName": "REST_645",
    "TaskDescription" : "A resting-state scan.",
    "Instructions" : "Ok, the music has been turned off. Were you able to hear the music? For this next scan, please keep your eyes open and look at the cross. You can blink and breathe normally but don’t strain your eyes. Try not to move. This scan will be about 10 minutes."
}
