{
    "EchoTime": 0.03,
    "EffectiveEchoSpacing": 0.0006899977920070656,
    "FlipAngle": 65.0,
    "MagneticFieldStrength": 3.0,
    "Manufacturer": "SIEMENS",
    "ManufacturerModelName": "TrioTim",
    "MultibandAccelerationFactor": 4,
    "PhaseEncodingDirection": "j-",
    "RepetitionTime": 1.4,
    "SliceEncodingDirection": "k",
    "SliceTiming": [
        0.0,
        0.615,
        1.23,
        0.44,
        1.055,
        0.263,
        0.878,
        0.087,
        0.702,
        1.318,
        0.528,
        1.142,
        0.353,
        0.965,
        0.175,
        0.79,
        0.0,
        0.615,
        1.23,
        0.44,
        1.055,
        0.263,
        0.878,
        0.087,
        0.702,
        1.318,
        0.528,
        1.142,
        0.353,
        0.965,
        0.175,
        0.79,
        0.0,
        0.615,
        1.23,
        0.44,
        1.055,
        0.263,
        0.878,
        0.087,
        0.702,
        1.318,
        0.528,
        1.142,
        0.353,
        0.965,
        0.175,
        0.79,
        0.0,
        0.615,
        1.23,
        0.44,
        1.055,
        0.263,
        0.878,
        0.087,
        0.702,
        1.318,
        0.528,
        1.142,
        0.353,
        0.965,
        0.175,
        0.79
    ],
    "TaskName": "REST_1400",
    "TaskDescription" : "A resting-state scan.",
    "Instructions" : "We have to turn the music off for this next scan.  You will be looking at white cross again.  Remember to keep your eyes open, and try not to move. This scan will be about 10 minutes."
}
