{
    "TaskName": "MID",
	"MagneticFieldStrength": 3,
	"ImagingFrequency": 127.8,
	"Manufacturer": "GE",
	"PulseSequenceName": "epi",
	"InternalPulseSequenceName": "EPI",
	"ManufacturersModelName": "SIGNA UHP",
	"InstitutionName": "cni",
	"DeviceSerialNumber": "00000650723PSYMR",
	"StationName": "CNIMRI",
	"BodyPartExamined": "HEAD",
	"PatientPosition": "HFS",
	"SoftwareVersions": "28\\LX\\MR Software release:RX28.0_R04_UHP3T_2035.a",
	"MRAcquisitionType": "2D",
	"SeriesDescription": "BOLD EPI multiband 8 3.4mm .5sec CUE",
	"ProtocolName": "BOLD EPI multiband 8 3.4mm .5sec CUE",
	"ScanningSequence": "EP\\RM",
	"SequenceVariant": "NONE",
	"ScanOptions": "EDR_GEMS\\MP_GEMS\\EPI_GEMS\\HYPERBAND_GEMS",
	"ImageType": ["ORIGINAL", "PRIMARY", "OTHER"],
	"SeriesNumber": 6,
	"AcquisitionTime": "14:34:9.000000",
	"AcquisitionNumber": 1,
	"TriggerDelayTime": 883667,
	"SliceThickness": 3.4,
	"SpacingBetweenSlices": 3.4,
	"SAR": 0.0785455,
	"EchoTime": 0.025,
	"RepetitionTime": 0.5,
	"FlipAngle": 42,
	"PhaseEncodingPolarityGE": "Flipped",
	"CoilString": "RM:Nova32ch2",
	"MultibandAccelerationFactor": 8,
	"PercentPhaseFOV": 100,
	"PercentSampling": 100,
	"AcquisitionMatrixPE": 70,
	"ReconMatrixPE": 70,
	"EffectiveEchoSpacing": 0.000456,
	"TotalReadoutTime": 0.031464,
	"PixelBandwidth": 7142.86,
	"PhaseEncodingDirection": "j",
	"SliceTiming": [
		0,
		0.25,
		0.0833333,
		0.416667,
		0.166667,
		0.333333,
		0,
		0.25,
		0.0833333,
		0.416667,
		0.166667,
		0.333333,
		0,
		0.25,
		0.0833333,
		0.416667,
		0.166667,
		0.333333,
		0,
		0.25,
		0.0833333,
		0.416667,
		0.166667,
		0.333333,
		0,
		0.25,
		0.0833333,
		0.416667,
		0.166667,
		0.333333,
		0,
		0.25,
		0.0833333,
		0.416667,
		0.166667,
		0.333333,
		0,
		0.25,
		0.0833333,
		0.416667,
		0.166667	],
	"ImageOrientationPatientDICOM": [
		1,
		-0,
		0,
		-0,
		1,
		0	],
	"InPlanePhaseEncodingDirectionDICOM": "COL",
	"ConversionSoftware": "dcm2niix",
	"ConversionSoftwareVersion": "v1.0.20201102"
}
