{
    "TaskName": "MID",
	"MagneticFieldStrength": 3,
	"ImagingFrequency": 127.8,
	"Manufacturer": "GE",
	"PulseSequenceName": "epi",
	"InternalPulseSequenceName": "EPI",
	"ManufacturersModelName": "SIGNA UHP",
	"InstitutionName": "cni",
	"DeviceSerialNumber": "00000650723PSYMR",
	"StationName": "CNIMRI",
	"BodyPartExamined": "HEAD",
	"PatientPosition": "HFS",
	"SoftwareVersions": "28\\LX\\MR Software release:RX28.0_R04_UHP3T_2035.a",
	"MRAcquisitionType": "2D",
	"SeriesDescription": "BOLD EPI 3.4mm 2sec CUE",
	"ProtocolName": "BOLD EPI 3.4mm 2sec CUE",
	"ScanningSequence": "EP\\RM",
	"SequenceVariant": "NONE",
	"ScanOptions": "MP_GEMS\\EPI_GEMS\\ACC_GEMS",
	"ImageType": ["ORIGINAL", "PRIMARY", "OTHER"],
	"SeriesNumber": 7,
	"AcquisitionTime": "14:50:10.000000",
	"AcquisitionNumber": 1,
	"TriggerDelayTime": 882976,
	"SliceThickness": 3.4,
	"SpacingBetweenSlices": 3.4,
	"SAR": 0.179361,
	"EchoTime": 0.025,
	"RepetitionTime": 2,
	"FlipAngle": 77,
	"PhaseEncodingPolarityGE": "Flipped",
	"CoilString": "RM:Nova32ch2",
	"PercentPhaseFOV": 100,
	"PercentSampling": 100,
	"AcquisitionMatrixPE": 70,
	"ReconMatrixPE": 70,
	"EffectiveEchoSpacing": 0.000452,
	"TotalReadoutTime": 0.031188,
	"PixelBandwidth": 7142.86,
	"PhaseEncodingDirection": "j",
	"SliceTiming": [
		0,
		1.02439,
		0.0487805,
		1.07317,
		0.097561,
		1.12195,
		0.146341,
		1.17073,
		0.195122,
		1.21951,
		0.243902,
		1.26829,
		0.292683,
		1.31707,
		0.341463,
		1.36585,
		0.390244,
		1.41463,
		0.439024,
		1.46341,
		0.487805,
		1.5122,
		0.536585,
		1.56098,
		0.585366,
		1.60976,
		0.634146,
		1.65854,
		0.682927,
		1.70732,
		0.731707,
		1.7561,
		0.780488,
		1.80488,
		0.829268,
		1.85366,
		0.878049,
		1.90244,
		0.926829,
		1.95122,
		0.97561	],
	"ImageOrientationPatientDICOM": [
		1,
		-0,
		0,
		-0,
		1,
		0	],
	"InPlanePhaseEncodingDirectionDICOM": "COL",
	"ConversionSoftware": "dcm2niix",
	"ConversionSoftwareVersion": "v1.0.20201102"
}
