{
    "TaskName": "MID",
	"MagneticFieldStrength": 3,
	"ImagingFrequency": 127.8,
	"Manufacturer": "GE",
	"PulseSequenceName": "epi",
	"InternalPulseSequenceName": "EPI",
	"ManufacturersModelName": "SIGNA UHP",
	"InstitutionName": "cni",
	"DeviceSerialNumber": "00000650723PSYMR",
	"StationName": "CNIMRI",
	"BodyPartExamined": "HEAD",
	"PatientPosition": "HFS",
	"SoftwareVersions": "28\\LX\\MR Software release:RX28.0_R04_UHP3T_2035.a",
	"MRAcquisitionType": "2D",
	"SeriesDescription": "BOLD EPI multiband 4 3.4mm 1sec CUE",
	"ProtocolName": "BOLD EPI multiband 4 3.4mm 1sec CUE",
	"ScanningSequence": "EP\\RM",
	"SequenceVariant": "NONE",
	"ScanOptions": "EDR_GEMS\\MP_GEMS\\EPI_GEMS\\HYPERBAND_GEMS",
	"ImageType": ["ORIGINAL", "PRIMARY", "OTHER"],
	"SeriesNumber": 5,
	"AcquisitionTime": "14:17:58.000000",
	"AcquisitionNumber": 4,
	"TriggerDelayTime": 883875,
	"SliceThickness": 3.4,
	"SpacingBetweenSlices": 3.4,
	"SAR": 0.103984,
	"EchoTime": 0.025,
	"RepetitionTime": 0.5,
	"FlipAngle": 42,
	"PhaseEncodingPolarityGE": "Flipped",
	"CoilString": "RM:Nova32ch2",
	"MultibandAccelerationFactor": 4,
	"PercentPhaseFOV": 100,
	"PercentSampling": 100,
	"AcquisitionMatrixPE": 70,
	"ReconMatrixPE": 70,
	"EffectiveEchoSpacing": 0.000448,
	"TotalReadoutTime": 0.030912,
	"PixelBandwidth": 7142.86,
	"PhaseEncodingDirection": "j",
	"SliceTiming": [
		0,
		0.25,
		0.0625,
		0.3125,
		0.125,
		0.4375,
		0.1875,
		0.375,
		0,
		0.25,
		0.0625,
		0.3125,
		0.125,
		0.4375,
		0.1875,
		0.375,
		0,
		0.25,
		0.0625,
		0.3125,
		0.125,
		0.4375,
		0.1875,
		0.375,
		0,
		0.25,
		0.0625,
		0.3125,
		0.125,
		0.4375,
		0.1875,
		0.375	],
	"ImageOrientationPatientDICOM": [
		1,
		-0,
		0,
		-0,
		1,
		0	],
	"InPlanePhaseEncodingDirectionDICOM": "COL",
	"ConversionSoftware": "dcm2niix",
	"ConversionSoftwareVersion": "v1.0.20201102"
}
