{
  "AcquisitionMatrixPE": 82,
  "AcquisitionNumber": 1,
  "BandwidthPerPixelPhaseEncode": 18.477,
  "BaseResolution": 82,
  "BodyPartExamined": "BRAIN",
  "CogAtlasID": "http://www.cognitiveatlas.org/task/id/TODO",
  "CoilCombinationMethod": "Sum of Squares",
  "CoilString": "HeadNeck_64",
  "ConversionSoftware": "dcm2niix",
  "ConversionSoftwareVersion": "v1.0.20220720",
  "DerivedVendorReportedEchoSpacing": 0.000660016,
  "DeviceSerialNumber": "167110",
  "DwellTime": 3.4e-06,
  "EchoTime": 0.033,
  "EchoTrainLength": 82,
  "EffectiveEchoSpacing": 0.000660016,
  "FlipAngle": 70,
  "HeudiconvVersion": "0.13.1",
  "ImageType": [
    "ORIGINAL",
    "PRIMARY",
    "FMRI",
    "NONE"
],
  "ImageTypeText": [
    "ORIGINAL",
    "PRIMARY",
    "M",
    "NORM",
    "DIS2D"
],
  "ImagingFrequency": 123.259,
  "InPlanePhaseEncodingDirectionDICOM": "COL",
  "InstitutionAddress": "Habelschwerdter Allee 45,Berlin,District,DE,14195",
  "InstitutionName": "Freie Universit\u00e4t Berlin",
  "MRAcquisitionType": "2D",
  "MTState": false,
  "MagneticFieldStrength": 3,
  "Manufacturer": "Siemens",
  "ManufacturersModelName": "MAGNETOM Prisma Fit",
  "Modality": "MR",
  "MultibandAccelerationFactor": 3,
  "NonlinearGradientCorrection": true,
  "ParallelAcquisitionTechnique": "SMS",
  "PartialFourier": 1,
  "PatientPosition": "HFS",
  "PercentPhaseFOV": 100,
  "PercentSampling": 100,
  "PhaseEncodingDirection": "j-",
  "PhaseResolution": 1,
  "PixelBandwidth": 1793,
  "ProcedureStepDescription": "CCNB Projekte",
  "PulseSequenceDetails": "%SiemensSeq%\\ep2d_bold",
  "PulseSequenceName": "*epfid2d1_82",
  "ReceiveCoilName": "HeadNeck_64",
  "ReconMatrixPE": 82,
  "RefLinesPE": 21,
  "RepetitionTime": 1,
  "ScanOptions": "FS",
  "ScanningSequence": "EP",
  "SequenceVariant": "SK",
  "SliceThickness": 2.5,
  "SoftwareVersions": "syngo MR XA30",
  "SpacingBetweenSlices": 2.75,
  "StationName": "AWP167110",
  "TaskName": "main",
  "TotalReadoutTime": 0.0534613}