{
  "AcquisitionMatrixPE": 110,
  "AcquisitionNumber": 1,
  "BandwidthPerPixelPhaseEncode": 32.468,
  "BaseResolution": 110,
  "BodyPartExamined": "BRAIN",
  "CogAtlasID": "https://www.cognitiveatlas.org/task/id/trm_4c8a834779883",
  "CoilCombinationMethod": "Sum of Squares",
  "ConsistencyInfo": "N4_VE11C_LATEST_20160120",
  "ConversionSoftware": "dcm2niix",
  "ConversionSoftwareVersion": "v1.0.20240202",
  "DerivedVendorReportedEchoSpacing": 0.000559992,
  "DeviceSerialNumber": "66044",
  "EchoTrainLength": 42,
  "EffectiveEchoSpacing": 0.000279996,
  "FlipAngle": 68,
  "HeudiconvVersion": "0.13.1",
  "ImageOrientationPatientDICOM": [1, 0, 0, 0, 0.939693, -0.34202],
  "InPlanePhaseEncodingDirectionDICOM": "COL",
  "InstitutionAddress": "Curie Blvd. 422,Philadelphia,PA,US,19104",
  "InstitutionName": "SC3T",
  "MRAcquisitionType": "2D",
  "MagneticFieldStrength": 3,
  "Manufacturer": "Siemens",
  "ManufacturersModelName": "Prisma",
  "MatrixCoilMode": "GRAPPA",
  "Modality": "MR",
  "MultibandAccelerationFactor": 6,
  "NonlinearGradientCorrection": false,
  "ParallelReductionFactorInPlane": 2,
  "PartialFourier": 0.75,
  "PatientPosition": "HFS",
  "PercentPhaseFOV": 100,
  "PercentSampling": 100,
  "PhaseEncodingDirection": "j",
  "PhaseEncodingSteps": 83,
  "PhaseResolution": 1,
  "PixelBandwidth": 2275,
  "ProcedureStepDescription": "CAMRIS^Satterthwaite",
  "PulseSequenceDetails": "%CustomerSeq%\\cmrr_mbep2d_bold",
  "ReceiveCoilName": "HeadNeck_64",
  "ReconMatrixPE": 110,
  "RefLinesPE": 24,
  "RepetitionTime": 1.761,
  "ScanOptions": "PFP\\FS\\CT",
  "ScanningSequence": "EP",
  "SequenceName": "epfid2d5_110",
  "SequenceVariant": "SK\\SS",
  "SliceThickness": 2,
  "SoftwareVersions": "syngo MR E11",
  "SpacingBetweenSlices": 2,
  "StationName": "AWP66044",
  "TaskName": "rest eyes open",
  "TotalReadoutTime": 0.0305196
}
