{
	"TaskName": "Photographs task",
	"Modality": "MR",
	"MagneticFieldStrength": 3,
	"Manufacturer": "Siemens",
	"ManufacturersModelName": "Skyra",
	"SoftwareVersions": "syngo_MR_D11",
	"MRAcquisitionType": "2D",
	"ScanningSequence": "EP",
	"SequenceVariant": "SK",
	"ScanOptions": "FS",
	"SequenceName": "_epfid2d1_64",
	"ImageType": ["ORIGINAL", "PRIMARY", "M", "ND", "NORM", "MOSAIC"],
	"SliceThickness": 2,
	"SpacingBetweenSlices": 3,
	"SAR": 0.108161,
	"EchoTime": 0.027,
	"RepetitionTime": 2,
	"FlipAngle": 71,
	"PartialFourier": 1,
	"BaseResolution": 64,
	"ShimSetting": [
		3239,
		10694,
		9910,
		409,
		161,
		394,
		823,
		-53	],
	"TxRefAmp": 323.331,
	"PhaseResolution": 1,
	"ReceiveCoilName": "HeadNeck_20",
	"ReceiveCoilActiveElements": "HE1-4",
	"PulseSequenceDetails": "%SiemensSeq%_ep2d_bold",
	"ConsistencyInfo": "N4_VD11D_LATEST_20110129",
	"PercentPhaseFOV": 100,
	"EchoTrainLength": 32,
	"PhaseEncodingSteps": 64,
	"AcquisitionMatrixPE": 64,
	"ReconMatrixPE": 64,
	"BandwidthPerPixelPhaseEncode": 47.348,
	"ParallelReductionFactorInPlane": 2,
	"EffectiveEchoSpacing": 0.000330003,
	"DerivedVendorReportedEchoSpacing": 0.000660007,
	"TotalReadoutTime": 0.0207902,
	"PixelBandwidth": 1735,
	"DwellTime": 4.5e-06,
	"PhaseEncodingDirection": "j-",
	"SliceTiming": [
		1,
		0,
		1.055,
		0.0575,
		1.1125,
		0.1125,
		1.1675,
		0.1675,
		1.2225,
		0.2225,
		1.2775,
		0.2775,
		1.335,
		0.335,
		1.39,
		0.39,
		1.445,
		0.445,
		1.5,
		0.5,
		1.555,
		0.5575,
		1.6125,
		0.6125,
		1.6675,
		0.6675,
		1.7225,
		0.7225,
		1.7775,
		0.7775,
		1.8325,
		0.835,
		1.89,
		0.89,
		1.945,
		0.945	],
	"ImageOrientationPatientDICOM": [
		0.999639,
		-0.0145184,
		-0.0226153,
		0.0159076,
		0.997918,
		0.062509	],
	"InPlanePhaseEncodingDirectionDICOM": "COL",
	"ConversionSoftware": "dcm2niix",
	"ConversionSoftwareVersion": "v1.0.20180518 GCC4.8.5"
}
