{
"TaskName": "rest",
"TaskDescription": "Subjects did NOT wear a headmold.",
"RepetitionTime": 0.8,
"EchoTime": 0.03,
"FlipAngle": 49,
"InPlanePhaseEncodingDirection": "COL",
"DwellTime": 2,
"Manufacturer": "Siemens",
"MagneticFieldStrength": 3,
"DeviceSerialNumber": 67080,
"StationName": "MRTRI03TX72",
"SoftwareVersions": "syngo MR E11",
"ScanningSequence": "EP",
"SequenceVariant": "SK",
"ScanOptions": "FS",
"InversionTime": 1060,
"InstitutionName": "CBIC",
"InstitutionAddress": "E 72nd Street 516,NYC ,NYC,US,10021"
}
