{
  "AcquisitionMatrixPE": 104,
  "AcquisitionNumber": 1,
  "BandwidthPerPixelPhaseEncode": 43.054,
  "BaseResolution": 104,
  "CoilString": "C:E1_2",
  "ConversionSoftware": "dcm2niix",
  "ConversionSoftwareVersion": "v1.0.20191031",
  "DerivedVendorReportedEchoSpacing": 0.000669999,
  "DeviceSerialNumber": "18932",
  "DwellTime": 2.8e-06,
  "EchoTime": 0.02,
  "EffectiveEchoSpacing": 0.000223333,
  "FlipAngle": 30,
  "ImageComments": "Unaliased_MB2_PE2",
  "ImageOrientationPatientDICOM": [1, 0, 0, 0, 0.997053, -0.076719],
  "ImageType": [
    "ORIGINAL",
    "PRIMARY",
    "M",
    "MB",
    "ND",
    "MOSAIC"
],
  "ImagingFrequency": 297.23,
  "InPlanePhaseEncodingDirectionDICOM": "COL",
  "InstitutionAddress": "Richmond_Street_North_1151_London_409EF2_Ontario_CA_N6A_5B7",
  "InstitutionName": "Robarts_Reserch_Institute",
  "InstitutionalDepartmentName": "Department",
  "MRAcquisitionType": "2D",
  "MagneticFieldStrength": 6.98,
  "Manufacturer": "Siemens",
  "ManufacturersModelName": "Investigational_Device_7T",
  "Modality": "MR",
  "MultibandAccelerationFactor": 2,
  "ParallelReductionFactorInPlane": 3,
  "PartialFourier": 0.875,
  "PatientPosition": "HFS",
  "PercentPhaseFOV": 100,
  "PhaseEncodingDirection": "j-",
  "PhaseEncodingSteps": 91,
  "PhaseResolution": 1,
  "PixelBandwidth": 1717,
  "ProcedureStepDescription": "Diedrichsen_SeqRep4",
  "ProtocolName": "mbep2d_bold_mb2_p3_AP_2iso",
  "PulseSequenceDetails": "%CustomerSeq%_cmrr_mbep2d_bold",
  "ReceiveCoilName": "CFMM_8Tx32Rx",
  "ReconMatrixPE": 104,
  "RefLinesPE": 36,
  "RepetitionTime": 1,
  "ScanOptions": "PFP_FS",
  "ScanningSequence": "EP",
  "SequenceName": "epfid2d1_104",
  "SequenceVariant": "SK_SS",
  "SeriesDescription": "mbep2d_bold_mb2_p3_AP_2iso",
  "ShimSetting": [-51, 1858, 411, 290, 239, -341, -216, -80],
  "SliceThickness": 2,
  "SoftwareVersions": "syngo_MR_B17",
  "SpacingBetweenSlices": 2,
  "StationName": "MASTER",
  "TaskName": "TODO: full task name for dsp",
  "TotalReadoutTime": 0.0230033,
  "TxRefAmp": 120,
  "dcmmeta_affine": [
    [-2.0, 0.0, 0.0, 105.4527816772461],
    [0.0, 1.9941054582595825, -0.1534380465745926, -102.03459167480469],
    [0.0, 0.1534380465745926, 1.9941054582595825, -37.67299270629883],
    [0.0, 0.0, 0.0, 1.0]
],
  "dcmmeta_reorient_transform": [
    [0.0, -1.0, 0.0, 103.0],
    [1.0, 0.0, 0.0, 0.0],
    [0.0, 0.0, 1.0, 0.0],
    [0.0, 0.0, 0.0, 1.0]
],
  "dcmmeta_shape": [104, 104, 44, 330],
  "dcmmeta_slice_dim": 2,
  "dcmmeta_version": 0.6}
