{
  "AcquisitionMatrixPE": 240,
  "AcquisitionNumber": 1,
  "BandwidthPerPixelPhaseEncode": 16.447,
  "BaseResolution": 240,
  "CoilString": "C:OP;lTE;rTE;xOP",
  "ConversionSoftware": "dcm2niix",
  "DerivedVendorReportedEchoSpacing": 0.000760017,
  "DeviceSerialNumber": "18932",
  "DwellTime": 1.4e-06,
  "EchoTime": 0.041,
  "EffectiveEchoSpacing": 0.000253339,
  "FlipAngle": 90,
  "ImageType": [
    "ORIGINAL",
    "PRIMARY",
    "M",
    "ND",
    "MOSAIC"
],
  "InPlanePhaseEncodingDirectionDICOM": "COL",
  "InstitutionAddress": "Richmond_Street_North_1151_London_4753F2_Ontario_CA_N6A_5B7",
  "InstitutionName": "Robarts_Reserch_Institute",
  "InstitutionalDepartmentName": "Department",
  "MRAcquisitionType": "2D",
  "MagneticFieldStrength": 6.98,
  "Manufacturer": "Siemens",
  "ManufacturersModelName": "Investigational_Device_7T",
  "Modality": "MR",
  "ParallelReductionFactorInPlane": 3,
  "PartialFourier": 0.75,
  "PatientPosition": "HFS",
  "PercentPhaseFOV": 100,
  "PhaseEncodingDirection": "j-",
  "PhaseEncodingSteps": 181,
  "PhaseResolution": 1,
  "PixelBandwidth": 1488,
  "PulseSequenceDetails": "%CustomerSeq%_cmrr_mbep2d_se",
  "ReceiveCoilName": "CFMM_OP",
  "ReconMatrixPE": 240,
  "RepetitionTime": 2.5,
  "ScanOptions": "PFP_FS",
  "ScanningSequence": "EP",
  "SequenceName": "epse2d1_240",
  "SequenceVariant": "SK",
  "SliceThickness": 0.8,
  "SoftwareVersions": "syngo_MR_B17",
  "SpacingBetweenSlices": 0.88,
  "StationName": "MASTER",
  "TaskName": "8Hz Contrast Reversing Checkerboard",
  "TotalReadoutTime": 0.060548}
