{
  "AcquisitionMatrixPE": 238,
  "AcquisitionNumber": 1,
  "BandwidthPerPixelPhaseEncode": 16.586,
  "BaseResolution": 240,
  "CoilString": "C:OP;lTE;rTE;xOP",
  "ConversionSoftware": "dcm2niix",
  "DerivedVendorReportedEchoSpacing": 0.000759981,
  "DeviceSerialNumber": "18932",
  "DwellTime": 1.4e-06,
  "EchoTime": 0.023,
  "EffectiveEchoSpacing": 0.000253327,
  "FlipAngle": 60,
  "InPlanePhaseEncodingDirectionDICOM": "COL",
  "InstitutionAddress": "Richmond_Street_North_1151_London_4753F2_Ontario_CA_N6A_5B7",
  "InstitutionName": "Robarts_Reserch_Institute",
  "InstitutionalDepartmentName": "Department",
  "MRAcquisitionType": "2D",
  "MagneticFieldStrength": 6.98,
  "Manufacturer": "Siemens",
  "ManufacturersModelName": "Investigational_Device_7T",
  "Modality": "MR",
  "ParallelReductionFactorInPlane": 3,
  "PartialFourier": 0.625,
  "PatientPosition": "HFS",
  "PercentPhaseFOV": 99.1667,
  "PhaseEncodingDirection": "j-",
  "PhaseEncodingSteps": 148,
  "PhaseResolution": 1,
  "PixelBandwidth": 1488,
  "PulseSequenceDetails": "%CustomerSeq%_cmrr_mbep2d_bold",
  "ReceiveCoilName": "CFMM_OP",
  "ReconMatrixPE": 238,
  "RepetitionTime": 2.5,
  "ScanOptions": "PFP_FS",
  "ScanningSequence": "EP",
  "SequenceName": "epfid2d1_238",
  "SequenceVariant": "SK_SS",
  "SliceThickness": 0.8,
  "SoftwareVersions": "syngo_MR_B17",
  "SpacingBetweenSlices": 0.88,
  "StationName": "MASTER",
  "TaskName": "8Hz Contrast Reversing Checkerboard",
  "TotalReadoutTime": 0.0600385}
