{
    "TaskName": "CTP",
    "Manufacturer": "BrainProducts",
    "PowerLineFrequency": 50,
    "SamplingFrequency": 1024.0,
    "SoftwareFilters": "n/a",
    "RecordingType": "continuous",
    "EEGReference": "CMS/DRL",
    "EEGGround": "n/a",
    "EEGPlacementScheme": "10-10 International System",
    "EEGChannelCount": 64,
    "ECGChannelCount": 0,
    "EMGChannelCount": 0,
    "EOGChannelCount": 0,
    "MiscChannelCount": 0,
    "TriggerChannelCount": 1,
    "InstitutionName": "School of Psychology and Counselling, Queensland University of Technology"
}
