{
	"Manufacturer": "Siemens",
	"ManufacturersModelName": "Verio",
	"InstitutionName": "SIBR",
	"InstitutionAddress": "Frew_4805_Pittsburgh_PA_District_US_15213",
	"DeviceSerialNumber": "40482",
	"SoftwareVersions": "syngo_MR_B17",
	"ScanningSequence": "GR_IR",
	"SequenceVariant": "SP_MP",
	"SequenceName": "_tfl3d1_ns",
	"MagneticFieldStrength": 3,
	"FlipAngle": 9,
	"EchoTime": 0.00197,
	"RepetitionTime": 2.3,
	"InversionTime": 0.9,
	"PhaseEncodingLines": 256,
	"AccelFactPE": 2,
	"PhaseEncodingDirection": "i-"
}
