{
"TaskName": "N400Active",
"TaskDescription": "Participant listened to auditory sentences with and without errors and responded with a right or left arrow key respectively when prompted",
"InstitutionAddress": "University of Rochester Medical Center, 601 Elmwood Avenue, Box 603, KMRB G.9602, Rochester, NY 14642, USA",
"InstitutionName": "University of Rochester",
"InstitutionalDepartmentName": "The Frederick J. and Marion A. Schindler Cognitive Neurophysiology Laboratory, The Del Monte Institute for Neuroscience , Department of Neuroscience",
"Manufacturer": "BioSemi",
"ManufacturersModelName": "ActiveTwo",
"SoftwareFilters": "n/a",
"EEGChannelCount": 136,
"EEGReference": "CMS/DRL",
"PowerLineFrequency": 60,
"RecordingType": "continuous",
"SamplingFrequency": 512
}