{
  "AcquisitionMatrixPE": 98,
  "AcquisitionNumber": 1,
  "AcquisitionTime": "08:58:41.797500",
  "BandwidthPerPixelPhaseEncode": 16.728,
  "BaseResolution": 98,
  "BodyPartExamined": "BRAIN",
  "ConsistencyInfo": "N4_VE11C_LATEST_20160120",
  "ConversionSoftware": "dcm2niix",
  "ConversionSoftwareVersion": "v1.0.20180328 GCC6.3.0",
  "DerivedVendorReportedEchoSpacing": 0.00061,
  "DeviceSerialNumber": "66018",
  "DwellTime": 2.6e-06,
  "EchoTime": 0.03,
  "EchoTrainLength": 86,
  "EffectiveEchoSpacing": 0.00061,
  "FlipAngle": 70,
  "ImageOrientationPatientDICOM": [1, 0, 0, 0, 0.976296, -0.21644],
  "ImageType": [
    "ORIGINAL",
    "PRIMARY",
    "M",
    "ND",
    "NORM",
    "MOSAIC"
],
  "InPlanePhaseEncodingDirectionDICOM": "COL",
  "InstitutionAddress": "Stadium_1952_Princeton_NJ_US_08544",
  "InstitutionName": "Princeton_University",
  "InstitutionalDepartmentName": "NeuroScience",
  "MRAcquisitionType": "2D",
  "MagneticFieldStrength": 3,
  "Manufacturer": "Siemens",
  "ManufacturersModelName": "Prisma",
  "Modality": "MR",
  "MultibandAccelerationFactor": 3,
  "PartialFourier": 0.875,
  "PatientPosition": "HFS",
  "PercentPhaseFOV": 100,
  "PhaseEncodingDirection": "j-",
  "PhaseEncodingSteps": 86,
  "PhaseResolution": 1,
  "PixelBandwidth": 1960,
  "ProcedureStepDescription": "Norman_Silvy_schema",
  "ProtocolName": "func_ses-02_task-videos",
  "PulseSequenceDetails": "%SiemensSeq%_ep2d_bold",
  "ReceiveCoilActiveElements": "HC1-7;NC1",
  "ReceiveCoilName": "HeadNeck_64",
  "ReconMatrixPE": 98,
  "RepetitionTime": 1.5,
  "SAR": 0.0565735,
  "ScanOptions": "PFP_FS",
  "ScanningSequence": "EP",
  "SequenceName": "_epfid2d1_98",
  "SequenceVariant": "SK",
  "SeriesDescription": "func_ses-02_task-videos",
  "SeriesNumber": 5,
  "ShimSetting": [772, 554, 2000, 515, -73, 219, 40, 21],
  "SliceThickness": 2,
  "SliceTiming": [0, 0.7775, 0.0775, 0.855, 0.155, 0.9325, 0.2325, 1.0125, 0.31, 1.09, 0.3875, 1.1675, 0.4675, 1.245, 0.545, 1.3225, 0.6225, 1.4, 0.7, 0, 0.7775, 0.0775, 0.855, 0.155, 0.9325, 0.2325, 1.0125, 0.31, 1.09, 0.3875, 1.1675, 0.4675, 1.245, 0.545, 1.3225, 0.6225, 1.4, 0.7, 0, 0.7775, 0.0775, 0.855, 0.155, 0.9325, 0.2325, 1.0125, 0.31, 1.09, 0.3875, 1.1675, 0.4675, 1.245, 0.545, 1.3225, 0.6225, 1.4, 0.7],
  "SoftwareVersions": "syngo_MR_E11",
  "SpacingBetweenSlices": 2,
  "StationName": "AWP66018",
  "TaskName": "TODO: full task name for videos",
  "TotalReadoutTime": 0.05917,
  "TxRefAmp": 226.832}