{
  "AcquisitionMatrixPE": 64,
  "AcquisitionNumber": 1,
  "CogAtlasID": "https://cognitiveatlas.org/task/id/trm_54e69c642d89b/",
  "ConversionSoftware": "dcm2niix",
  "ConversionSoftwareVersion": "v1.0.20190410  GCC6.3.0",
  "DeviceSerialNumber": "51066",
  "EchoTime": 0.03,
  "FlipAngle": 90,
  "InPlanePhaseEncodingDirectionDICOM": "COL",
  "InstitutionAddress": "Blackburn_Road_770_Clayton_Victoria_AU_3168",
  "MRAcquisitionType": "2D",
  "MagneticFieldStrength": 3,
  "Manufacturer": "Siemens",
  "ManufacturersModelName": "Biograph_mMR",
  "Modality": "MR",
  "ParallelReductionFactorInPlane": 2,
  "PatientPosition": "HFS",
  "PercentPhaseFOV": 100,
  "PhaseEncodingDirection": "j-",
  "ProcedureStepDescription": "MR-PET_Scan",
  "ReconMatrixPE": 64,
  "RepetitionTime": 2.45,
  "ScanOptions": "FS",
  "ScanningSequence": "EP",
  "SequenceVariant": "SK",
  "SliceThickness": 3,
  "SpacingBetweenSlices": 3,
  "StationName": "MRC51066",
  "TaskName": "rest fPET and fMRI"
}
