{
    "Modality": "MR",
    "MagneticFieldStrength": 3,
    "ImagingFrequency": 123.242,
    "Manufacturer": "Siemens",
    "ManufacturersModelName": "MAGNETOM Prisma Fit",
    "InstitutionName": "UZ Gent",
    "InstitutionAddress": "Corneel Heymanslaan 10,Gent,,BE,9000",
    "DeviceSerialNumber": "167045",
    "StationName": "AWP167045",
    "BodyPartExamined": "BRAIN",
    "PatientPosition": "HFS",
    "ProcedureStepDescription": "UGent GE34 Hoofd en Huid BreversLab",
    "SoftwareVersions": "syngo MR XA60",
    "MRAcquisitionType": "2D",
    "SeriesDescription": "ep2d_bold_RUN",
    "ProtocolName": "ep2d_bold_RUN",
    "SequenceVariant": "SK",
    "ImageType": [
        "ORIGINAL",
        "PRIMARY",
        "FMRI",
        "NONE"
    ],
    "SeriesNumber": 11,
    "AcquisitionTime": "10:24:18.657500",
    "AcquisitionNumber": 1,
    "SliceThickness": 2.5,
    "SpacingBetweenSlices": 2.5,
    "EchoTime": 0.031,
    "RepetitionTime": 1.07,
    "FlipAngle": 52,
    "ReceiveCoilActiveElements": "HC1-7",
    "CoilString": "HeadNeck_64",
    "MultibandAccelerationFactor": 4,
    "PercentPhaseFOV": 100,
    "PercentSampling": 100,
    "EchoTrainLength": 84,
    "AcquisitionMatrixPE": 84,
    "ReconMatrixPE": 84,
    "BandwidthPerPixelPhaseEncode": 22.046,
    "EffectiveEchoSpacing": 0.000539996,
    "DerivedVendorReportedEchoSpacing": 0.000539996,
    "TotalReadoutTime": 0.0448197,
    "PixelBandwidth": 2289,
    "PhaseEncodingDirection": "j-",
    "SliceTiming": [
        0,
        0.56,
        0.07,
        0.63,
        0.14,
        0.7,
        0.21,
        0.77,
        0.28,
        0.84,
        0.35,
        0.91,
        0.42,
        0.98,
        0.49,
        0,
        0.56,
        0.07,
        0.63,
        0.14,
        0.7,
        0.21,
        0.77,
        0.28,
        0.84,
        0.35,
        0.91,
        0.42,
        0.98,
        0.49,
        0,
        0.56,
        0.07,
        0.63,
        0.14,
        0.7,
        0.21,
        0.77,
        0.28,
        0.84,
        0.35,
        0.91,
        0.42,
        0.98,
        0.49,
        0,
        0.56,
        0.07,
        0.63,
        0.14,
        0.7,
        0.21,
        0.77,
        0.28,
        0.84,
        0.35,
        0.91,
        0.42,
        0.98,
        0.49
    ],
    "ImageOrientationPatientDICOM": [
        0.999998,
        -0.000276126,
        -0.00198994,
        3.67715e-08,
        0.990512,
        -0.137426
    ],
    "InPlanePhaseEncodingDirectionDICOM": "COL",
    "ConversionSoftware": "dcm2niix",
    "ConversionSoftwareVersion": "v1.0.20201102",
    "TaskName": "Cue exposure"
}