{
  "AcquisitionNumber": 1,
  "BandwidthPerPixelPhaseEncode": 14.881,
  "BodyPartExamined": "BRAIN",
  "ConversionSoftware": "dcm2niix",
  "ConversionSoftwareVersion": "v1.0.20170724 GCC4.4.7",
  "DeviceSerialNumber": "66018",
  "EchoTime": 0.033,
  "EchoTrainLength": 84,
  "EffectiveEchoSpacing": 0.000699998,
  "FlipAngle": 80,
  "ImageType": [
    "ORIGINAL",
    "PRIMARY",
    "M",
    "MB",
    "ND",
    "MOSAIC"
],
  "InstitutionAddress": "Stadium_1952_Princeton_NJ_US_08544",
  "InstitutionName": "Princeton_University",
  "MagneticFieldStrength": 3,
  "Manufacturer": "Siemens",
  "ManufacturersModelName": "Prisma",
  "PhaseEncodingDirection": "j-",
  "PhaseEncodingLines": 96,
  "ProcedureStepDescription": "Norman_Baldassano_10442_vrpalace",
  "ProtocolName": "func_ses-02_task-recall",
  "RepetitionTime": 1.3,
  "ScanningSequence": "EP",
  "SequenceName": "epfid2d1_96",
  "SequenceVariant": "SK_SS",
  "SeriesDescription": "func_ses-02_task-recall",
  "SoftwareVersions": "syngo_MR_E11",
  "TaskName": "recall",
  "TotalReadoutTime": 0.0580998}