{
  "AcquisitionMatrixPE": 78,
  "AcquisitionNumber": 1,
  "AcquisitionTime": "12:06:58.457500",
  "BandwidthPerPixelPhaseEncode": 22.492,
  "BaseResolution": 78,
  "BodyPartExamined": "BRAIN",
  "CogAtlasID": "TODO",
  "ConsistencyInfo": "N4_VE11C_LATEST_20160120",
  "ConversionSoftware": "dcm2niix",
  "ConversionSoftwareVersion": "v1.0.20180328 GCC6.3.0",
  "DerivedVendorReportedEchoSpacing": 0.000570003,
  "DeviceSerialNumber": "66018",
  "DwellTime": 3e-06,
  "EchoTime": 0.03,
  "EchoTrainLength": 78,
  "EffectiveEchoSpacing": 0.000570003,
  "FlipAngle": 59,
  "ImageComments": "Unaliased_MB4_PE3_LB",
  "ImageOrientationPatientDICOM": [1, 0, 0, 0, 0.944376, -0.328867],
  "ImageType": [
    "ORIGINAL",
    "PRIMARY",
    "M",
    "MB",
    "ND",
    "NORM",
    "MOSAIC"
],
  "InPlanePhaseEncodingDirectionDICOM": "COL",
  "InstitutionAddress": "Stadium_1952_Princeton_NJ_US_08544",
  "InstitutionName": "Princeton_University",
  "InstitutionalDepartmentName": "NeuroScience",
  "MRAcquisitionType": "2D",
  "MagneticFieldStrength": 3,
  "Manufacturer": "Siemens",
  "ManufacturersModelName": "Prisma",
  "Modality": "MR",
  "MultibandAccelerationFactor": 4,
  "PartialFourier": 1,
  "PatientPosition": "HFS",
  "PercentPhaseFOV": 100,
  "PhaseEncodingDirection": "j-",
  "PhaseEncodingSteps": 78,
  "PhaseResolution": 1,
  "PixelBandwidth": 2135,
  "ProcedureStepDescription": "Norman_Antony_ss",
  "ProtocolName": "func_task",
  "PulseSequenceDetails": "%CustomerSeq%_cmrr_mbep2d_bold",
  "ReceiveCoilActiveElements": "HC1-7",
  "ReceiveCoilName": "HeadNeck_64",
  "ReconMatrixPE": 78,
  "RepetitionTime": 1,
  "SAR": 0.0687522,
  "ScanOptions": "FS_EXT",
  "ScanningSequence": "EP",
  "SequenceName": "epfid2d1_78",
  "SequenceVariant": "SK_SS",
  "SeriesDescription": "func_task",
  "SeriesNumber": 8,
  "ShimSetting": [765, 589, 2034, 619, -115, 119, 65, 6],
  "SliceThickness": 2.5,
  "SliceTiming": [0, 0.21, 0.42, 0.63, 0.84, 0.07, 0.28, 0.49, 0.7, 0.91, 0.14, 0.35, 0.56, 0.77, 0, 0.21, 0.42, 0.63, 0.84, 0.07, 0.28, 0.49, 0.7, 0.91, 0.14, 0.35, 0.56, 0.77, 0, 0.21, 0.42, 0.63, 0.84, 0.07, 0.28, 0.49, 0.7, 0.91, 0.14, 0.35, 0.56, 0.77, 0, 0.21, 0.42, 0.63, 0.84, 0.07, 0.28, 0.49, 0.7, 0.91, 0.14, 0.35, 0.56, 0.77],
  "SoftwareVersions": "syngo_MR_E11",
  "SpacingBetweenSlices": 2.5,
  "StationName": "AWP66018",
  "TaskName": "subjects view the end of three basketball games",
  "TotalReadoutTime": 0.0438902,
  "TxRefAmp": 264.876}