{
	"TaskName": "listening",
	"Modality": "MR",
	"MagneticFieldStrength": 3,
	"Manufacturer": "Siemens",
	"ManufacturersModelName": "Skyra",
	"InstitutionName": "Princeton_University",
	"InstitutionalDepartmentName": "NeuroScience",
	"AcquisitionNumber": 1,
	"SliceThickness": 4,
	"SpacingBetweenSlices": 4,
	"SAR": 0.0913263,
	"EchoTime": 0.028,
	"RepetitionTime": 1.5,
	"FlipAngle": 64,
	"PartialFourier": 1,
	"BaseResolution": 64,
	"ShimSetting": [
		3179,
		10389,
		10180,
		809,
		-186,
		-309,
		683,
		-15	],
	"TxRefAmp": 336.214,
	"PhaseResolution": 1,
	"PercentPhaseFOV": 100,
	"EchoTrainLength": 32,
	"PhaseEncodingSteps": 64,
	"AcquisitionMatrixPE": 64,
	"ReconMatrixPE": 64,
	"BandwidthPerPixelPhaseEncode": 40.064,
	"ParallelReductionFactorInPlane": 2,
	"EffectiveEchoSpacing": 0.000390001,
	"DerivedVendorReportedEchoSpacing": 0.000780002,
	"TotalReadoutTime": 0.0245701,
	"PixelBandwidth": 1445,
	"DwellTime": 5.4e-06,
	"PhaseEncodingDirection": "j-",
	"SliceTiming": [
		0,
		0.7775,
		0.055,
		0.8325,
		0.1125,
		0.89,
		0.1675,
		0.945,
		0.2225,
		1,
		0.2775,
		1.055,
		0.3325,
		1.11,
		0.39,
		1.1675,
		0.445,
		1.2225,
		0.5,
		1.2775,
		0.555,
		1.3325,
		0.61,
		1.3875,
		0.6675,
		1.445,
		0.7225	],
	"ImageOrientationPatientDICOM": [
		0.999491,
		0.00147636,
		-0.0318736,
		0.0107068,
		0.925494,
		0.378611	],
	"InPlanePhaseEncodingDirectionDICOM": "COL",
	"ConversionSoftware": "dcm2niix",
	"ConversionSoftwareVersion": "v1.0.20180518 GCC4.8.5"
}
