{
  "AccelFact3D": 3,
  "AcquisitionMatrixPE": 148,
  "AcquisitionNumber": 1,
  "BandwidthPerPixelPhaseEncode": 20.07,
  "BaseResolution": 148,
  "BodyPartExamined": "BRAIN",
  "CogAtlasID": "http://www.cognitiveatlas.org/task/id/TODO",
  "CoilCombinationMethod": "Sum of Squares",
  "ConsistencyInfo": "N4_VE12U_LATEST_20181126",
  "ConversionSoftware": "dcm2niix",
  "ConversionSoftwareVersion": "v1.0.20220720",
  "DerivedVendorReportedEchoSpacing": 0.00100998,
  "DeviceSerialNumber": "79025",
  "DwellTime": 3e-06,
  "EchoTime": 0.015,
  "EffectiveEchoSpacing": 0.00033666,
  "FlipAngle": 33,
  "HeudiconvVersion": "0.13.1",
  "ImageComments": "E00_S01_Com",
  "ImageType": [
    "ORIGINAL",
    "PRIMARY",
    "M",
    "ND",
    "ECHO",
 "00",
    "SET",
 "01",
    "COMBINED",
    "MOSAIC"
],
  "ImagingFrequency": 297.192,
  "InPlanePhaseEncodingDirectionDICOM": "COL",
  "InstitutionAddress": "Stephanstrasse 1a,Leipzig,Leipzig,DE,04103",
  "InstitutionalDepartmentName": "Department",
  "InversionTime": 1.047,
  "MRAcquisitionType": "3D",
  "MagneticFieldStrength": 7,
  "Manufacturer": "Siemens",
  "ManufacturersModelName": "Investigational_Device_7T",
  "Modality": "MR",
  "NonlinearGradientCorrection": false,
  "ParallelReductionFactorInPlane": 3,
  "PartialFourier": 0.75,
  "PatientPosition": "HFS",
  "PercentPhaseFOV": 100,
  "PercentSampling": 100,
  "PhaseEncodingSteps": 111,
  "PhaseResolution": 1,
  "PixelBandwidth": 1125,
  "PulseSequenceDetails": "%CustomerSeq%\\rslh_ep3d_vaso_v220920",
  "ReceiveCoilActiveElements": "AC",
  "ReceiveCoilName": "8Tx32Rx_Head",
  "ReconMatrixPE": 148,
  "RefLinesPE": 24,
  "RepetitionTime": 0.042,
  "ScanOptions": "IR\\PFP\\FS",
  "ScanningSequence": "RM\\IR",
  "SequenceName": "vx_ep3d:maastric",
  "SequenceVariant": "SK\\SP\\MP",
  "SliceThickness": 0.9,
  "SoftwareVersions": "syngo MR E12",
  "SpacingBetweenSlices": 0.9,
  "SpoilingState": true,
  "StationName": "AWP79025",
  "TaskName": "TODO: full task name for stimulation",
  "TotalReadoutTime": 0.049489,
  "TxRefAmp": 200,
  "WipMemBlock": "git@gitlab.dzne.de:idea/vx_ep3d.git:vaso:26dc5a59:maastricht4j",
  "dcmmeta_reorient_transform": [
    [0.0, -1.0, 0.0, 147.0],
    [1.0, 0.0, 0.0, 0.0],
    [0.0, 0.0, 1.0, 0.0],
    [0.0, 0.0, 0.0, 1.0]
],
  "dcmmeta_slice_dim": 2,
  "dcmmeta_version": 0.6}