{
	"TaskName": "Task Localizer",
	"Manufacturer": "Siemens",
	"ManufacturersModelName": "Skyra",
	"FlipAngle": 64,
	"EchoTime": 0.028,
	"RepetitionTime": 1.5,
	"PhaseEncodingLines": 64,
	"PhaseEncodingDirection": "j-",
	"BandwidthPerPixelPhaseEncode": 40.064,
	"EffectiveEchoSpacing": 0.000390001,
	"TotalReadoutTime": 0.0241801,
	"AccelFactPE": 2,
	"TrueEchoSpacing": 0.000780002,
	"SliceTiming": [
		0.74,
		0,
		0.7975,
		0.0575,
		0.8525,
		0.115,
		0.91,
		0.17,
		0.9675,
		0.2275,
		1.025,
		0.285,
		1.0825,
		0.3425,
		1.1375,
		0.3975,
		1.195,
		0.455,
		1.2525,
		0.5125,
		1.31,
		0.57,
		1.365,
		0.625,
		1.4225,
		0.6825	],
  "MagneticFieldStrength": "3",
  "ScannerSoftwareVersionsPd":"VE11c",
  "PhotometInterpret": "MONOCHROME2",
  "ImageSliceThickness":"4"
}
