{
	"Manufacturer": "SIEMENS",
	"InstitutionName": "NIH 7T Research",
	"InstitutionAddress": "Center Drive 10,Bethesda, Maryland, US,20892",
	"StationName": "FMRIFD7T",
	"DeviceSerialNumber": 18926,
	"SeriesDescription": "MP2RAGE_0.70iso_800_2700_UNI-DEN",
	"ManufacturerModelName": "Investigational_Device_7T",
	"MRAcquisitionType": "3D",
	"SequenceName": "tfl3d1_ns",
	"SliceThickness": 0.69999998807907,
	"RepetitionTime": 6,
	"EchoTime": 0.00302,
	"InversionTime": 0,
	"ImagingFrequency": 297.204476,
	"EchoNumber": 1,
	"MagneticFieldStrength": 6.98,
	"NumberofPhaseEncodingSteps": 240,
	"EchoTrainLength": 1,
	"PercentSampling": 100,
	"PercentPhaseFieldofView": 100,
	"PixelBandwidth": 240,
	"SoftwareVersion": "syngo MR B17",
	"TransmitCoilName": "32Ch_Head_7T",
	"AcquisitionMatrix": "0,320,320,0",
	"InplanePhaseEncodingDirection": "ROW",
	"FlipAngle": 0,
	"SAR": 0.07164384580807,
	"Rows": 320,
	"Columns": 320,
	"PixelSpacing": "0.69999998807907 0.69999998807907"
}