{
	"TaskName": "Taste Mapping",
	"StationName": "FMRIFD7T",
	"DeviceSerialNumber": 18926,
	"PulseSequenceType": "Multiband Gradient ECHO EPI",
	"ParallelReductionFactorInPlane": 2,
	"ParallelAcquisitionTechnique": "GRAPPA",
	"PhaseEncodingDirection": "j",
	"MultibandAccelerationFactor": 2,
	"Manufacturer": "SIEMENS",
	"ManufacturerModelName": "Investigational_Device_7T",
	"InstitutionName": "NIH 7T Research",
	"InstitutionAddress": "Center Drive 10,Bethesda,Maryland,US,20892",
	"SeriesDescription": "TM_V4_MB2_1.2mm_2.0TR_PAT2_Axial_AP",
	"ScanningSequence": "EP",
	"SequenceVariant": "SK_SS",
	"ScanOptions": "PFP_FS",
	"MRAcquisitionType": "2D",
	"SequenceName": "epfid2d1_160",
	"SliceThickness": 1.2000000476837,
	"RepetitionTime": 2.0,
	"EchoTime": 0.023,
	"NumberofAverages": 1,
	"ImagingFrequency": 297.20448,
	"MagneticFieldStrength": 6.98,
	"SpacingBetweenSlices": 1.1999999933075,
	"NumberofPhaseEncodingSteps": 119,
	"EchoTrainLength": 1,
	"PercentSampling": 100,
	"PercentPhaseFieldofView": 100,
	"PixelBandwidth": 1420,
	"SoftwareVersion": "syngo MR B17",
	"TransmitCoilName": "32Ch_Head_7T",
	"AcquisitionMatrix": "160,0,0,160",
	"InplanePhaseEncodingDirection": "COL",
	"FlipAngle": 55,
	"SAR": 0.10914216650604,
	"Rows": 1280,
	"Columns": 1280,
	"PixelSpacing": "1.2000000476837 1.2000000476837"
}

