{
  "BandwidthPerPixelPhaseEncode" : 15.097,
  "Columns" : 768,
  "EchoTime" : 0.0926,
  "EchoTrainLength" : 1,
  "FlipAngle" : 90,
  "ImageType" : "ORIGINAL/PRIMARY/M/ND/MOSAIC",
  "InplanePhaseEncodingDirection" : "COL",
  "InversionTime" : 0,
  "MRAcquisitionType" : "2D",
  "MagneticFieldStrength" : 3,
  "Manufacturer" : "SIEMENS",
  "ManufacturersModelName" : "TrioTim",
  "NumberOfAverages" : 1,
  "NumberOfPhaseEncodingSteps" : 72,
  "PercentPhaseFieldOfView" : 100,
  "PhaseEncodingDirection" : "j-",
  "PixelBandwidth" : 2265,
  "PixelSpacing" : [ 1.9791666269302, 1.9791666269302 ],
  "RealDwellTime" : 2300,
  "RepetitionTime" : 7,
  "Rows" : 768,
  "ScanOptions" : [ "PFP", "FS" ],
  "ScanningSequence" : "EP",
  "SequenceName" : "*ep_b0",
  "SequenceVariant" : [ "SK", "SP" ],
  "SeriesDescription" : "DTI 64dir",
  "SliceThickness" : 2,
  "SpacingBetweenSlices" : 2.00,
  "EffectiveEchoSpacing" : 0.000689983
}