{
  "Columns" : 256,
  "EchoTime" : 0.00226,
  "EchoTrainLength" : 1,
  "FlipAngle" : 9,
  "ImageType" : "ORIGINAL/PRIMARY/M/ND/NORM",
  "InplanePhaseEncodingDirection" : "ROW",
  "InversionTime" : 0.9,
  "MRAcquisitionType" : "3D",
  "MagneticFieldStrength" : 3,
  "Manufacturer" : "SIEMENS",
  "ManufacturersModelName" : "TrioTim",
  "NumberOfAverages" : 1,
  "NumberOfPhaseEncodingSteps" : 215,
  "PercentPhaseFieldOfView" : 100,
  "PhaseEncodingDirection" : "i-",
  "PixelBandwidth" : 200,
  "PixelSpacing" : [ 0.9765625, 0.9765625 ],
  "RealDwellTime" : 9800,
  "RepetitionTime" : 1.9,
  "Rows" : 256,
  "ScanOptions" : [ "IR", "PFP" ],
  "ScanningSequence" : [ "GR", "IR" ],
  "SequenceName" : "*tfl3d1_ns",
  "SequenceVariant" : [ "SP", "MP", "OSP" ],
  "SeriesDescription" : "MPRAGE",
  "SliceThickness" : 1
}
