{
	"Modality": "MR",
	"MagneticFieldStrength": 3,
	"ImagingFrequency": 123.143,
	"Manufacturer": "Siemens",
	"ManufacturersModelName": "TrioTim",
	"InstitutionName": "Virginia_Tech_Carilion_Research_Institute",
	"SoftwareVersions": "syngo_MR_B17",
	"SliceThickness": 1,
	"SAR": 0.103976,
	"EchoTime": 0.00298,
	"RepetitionTime": 2.3,
	"InversionTime": 0.9,
	"FlipAngle": 9,
	"PartialFourier": 1,
	"BaseResolution": 256,
	"ShimSetting": [
		5773,
		-10058,
		1620,
		121,
		-144,
		-489,
		193,
		-298	],
	"TxRefAmp": 322.857,
	"PhaseResolution": 0.96,
	"RefLinesPE": 24,
	"PercentPhaseFOV": 93.75,
	"PercentSampling": 96,
	"PhaseEncodingSteps": 230,
	"AcquisitionMatrixPE": 230,
	"ReconMatrixPE": 240,
	"ParallelReductionFactorInPlane": 2,
	"PixelBandwidth": 238,
	"DwellTime": 8.2e-06
}
