{
	"TaskName": "DG",
	"Modality": "MR",
	"MagneticFieldStrength": 3,
	"ImagingFrequency": 123.143,
	"Manufacturer": "Siemens",
	"ManufacturersModelName": "TrioTim",
	"InstitutionName": "Virginia_Tech_Carilion_Research_Institute",
	"SoftwareVersions": "syngo_MR_B17",
	"SliceThickness": 3,
	"SpacingBetweenSlices": 3.15,
	"SAR": 0.149361,
	"EchoTime": 0.03,
	"RepetitionTime": 2,
	"FlipAngle": 78,
	"PartialFourier": 1,
	"BaseResolution": 64,
	"ShimSetting": [
		5774,
		-10010,
		1683,
		307,
		-116,
		-314,
		244,
		-382	],
	"TxRefAmp": 322.857,
	"PhaseResolution": 1,
	"ReceiveCoilName": "HeadMatrix",
	"PercentPhaseFOV": 100,
	"PercentSampling": 100,
	"PhaseEncodingSteps": 64,
	"AcquisitionMatrixPE": 64,
	"ReconMatrixPE": 64,
	"BandwidthPerPixelPhaseEncode": 30.637,
	"EffectiveEchoSpacing": 0.000510004,
	"DerivedVendorReportedEchoSpacing": 0.000510004,
	"TotalReadoutTime": 0.0321303,
	"PixelBandwidth": 2232,
	"DwellTime": 3.5e-06,
	"PhaseEncodingDirection": "j-",
	"SliceTiming": [
		1.945,
		1.8825,
		1.82,
		1.7575,
		1.695,
		1.6325,
		1.5675,
		1.505,
		1.4425,
		1.38,
		1.3175,
		1.255,
		1.1925,
		1.13,
		1.0675,
		1.005,
		0.9425,
		0.8775,
		0.815,
		0.7525,
		0.69,
		0.6275,
		0.565,
		0.5025,
		0.44,
		0.3775,
		0.315,
		0.2525,
		0.1875,
		0.125,
		0.0625,
		0	]
}
