{
  "AcquisitionMatrixPE": 80,
  "AcquisitionNumber": 1,
  "BodyPartExamined": "BRAIN",
  "CogAtlasID": "http://www.cognitiveatlas.org/task/id/TODO",
  "CoilString": "48HAP",
  "ConversionSoftware": "dcm2niix",
  "ConversionSoftwareVersion": "v1.0.20220720",
  "DeviceSerialNumber": "0000000319335MR2",
  "EchoTime": 0.03,
  "FlipAngle": 75,
  "HeudiconvVersion": "0.11.6",
  "ImageType": [
    "ORIGINAL",
    "PRIMARY",
    "OTHER"
],
  "InPlanePhaseEncodingDirectionDICOM": "COL",
  "InstitutionName": "Iowa MRRF",
  "InternalPulseSequenceName": "EPI",
  "MRAcquisitionType": "2D",
  "MagneticFieldStrength": 3,
  "Manufacturer": "GE",
  "ManufacturersModelName": "SIGNA Premier",
  "Modality": "MR",
  "MultibandAccelerationFactor": 2,
  "PatientPosition": "HFS",
  "PercentPhaseFOV": 100,
  "PercentSampling": 100,
  "PhaseEncodingDirection": "j-",
  "PhaseEncodingPolarityGE": "Unflipped",
  "PixelBandwidth": 3906.25,
  "PulseSequenceName": "epi",
  "ReconMatrixPE": 128,
  "RepetitionTime": 2.039,
  "ScanOptions": "EDR_GEMS\\MP_GEMS\\EPI_GEMS\\HYPERBAND_GEMS",
  "ScanningSequence": "EP\\GR",
  "SequenceVariant": "SS",
  "SliceThickness": 2,
  "SliceTiming": [1.90307, 0.951533, 1.97103, 0.883567, 1.8351, 0.8156, 1.76713, 0.747633, 1.69917, 0.679667, 1.6312, 0.6117, 1.56323, 0.543733, 1.49527, 0.475767, 1.4273, 0.4078, 1.35933, 0.339833, 1.29137, 0.271867, 1.2234, 0.2039, 1.15543, 0.135933, 1.08747, 0.0679667, 1.0195, 0, 1.90307, 0.951533, 1.97103, 0.883567, 1.8351, 0.8156, 1.76713, 0.747633, 1.69917, 0.679667, 1.6312, 0.6117, 1.56323, 0.543733, 1.49527, 0.475767, 1.4273, 0.4078, 1.35933, 0.339833, 1.29137, 0.271867, 1.2234, 0.2039, 1.15543, 0.135933, 1.08747, 0.0679667, 1.0195, 0],
  "SoftwareVersions": "28\\LX\\MR Software release:RX28.0_R05_2035.a",
  "SpacingBetweenSlices": 2,
  "StationName": "Iowa3T",
  "TaskName": "TODO: full task name for Quantum",
  "TriggerDelayTime": 489224,
  "dcmmeta_reorient_transform": [
    [0.0, -1.0, 0.0, 127.0],
    [1.0, 0.0, 0.0, 0.0],
    [0.0, 0.0, -1.0, 59.0],
    [0.0, 0.0, 0.0, 1.0]
],
  "dcmmeta_shape": [128, 128, 60, 240],
  "dcmmeta_slice_dim": 2,
  "dcmmeta_version": 0.6}