{
  "AcquisitionMatrixPE": 72,
  "AcquisitionNumber": 1,
  "CogAtlasID": "http://www.cognitiveatlas.org/task/id/TODO",
  "ConversionSoftware": "dcm2niix",
  "ConversionSoftwareVersion": "v1.0.20220720",
  "EchoTime": 0.03,
  "EchoTrainLength": 72,
  "FlipAngle": 80,
  "HeudiconvVersion": "1.1.6",
  "ImageType": [
    "ORIGINAL",
    "PRIMARY",
    "M",
    "ND",
    "NORM",
    "MOCO",
    "MOSAIC"
],
  "InPlanePhaseEncodingDirectionDICOM": "COL",
  "MRAcquisitionType": "2D",
  "MagneticFieldStrength": 3,
  "Manufacturer": "Siemens",
  "Modality": "MR",
  "NonlinearGradientCorrection": false,
  "PatientPosition": "HFS",
  "PercentPhaseFOV": 100,
  "PercentSampling": 100,
  "PhaseEncodingSteps": 72,
  "PixelBandwidth": 1985,
  "ProtocolName": "TASK_AB_MoCo",
  "ReconMatrixPE": 72,
  "RepetitionTime": 2.5,
  "ScanOptions": "FS",
  "ScanningSequence": "EP",
  "SequenceName": "*epfid2d1_72",
  "SequenceVariant": "SK",
  "SeriesDescription": "MoCoSeries",
  "SliceThickness": 3,
  "SpacingBetweenSlices": 3,
  "TaskName": "TODO: full task name for ab",
  "dcmmeta_slice_dim": 2,
  "dcmmeta_version": 0.6}