{
	"TaskName": "Auditory Oddball Task",
	"Description": "Participants heard either high-pitch (Oddball), low-pitch (Standard), or natural (Novel) tones. Participants were instructed to respond by button press to Oddball tones only.",
	"SeriesDescription": "frmi-oddball",
	"ImageType": ["ORIGINAL", "PRIMARY", "M", "ND", "NORM", "MOSAIC"],
	"Modality": "MR",
	"RepetitionTime": 2,
	"PhaseEncodingDirection": "j-",
	"EffectiveEchoSpacing": 0.00024499812,
	"EchoTime": 0.025,
	"SliceThickness": 3,
	"FlipAngle": 90,
	"Manufacturer": "SIEMENS",
	"SoftwareVersion": "syngo MR D13D",
	"MRAcquisitionType": "2D",
	"InstitutionName": "USC",
	"InstitutionAddress": "McClintock 3520A,Los Angeles //SVC0e0594213b1104//,CA,US,90089",
	"DeviceSerialNumber": "67025",
	"ScanningSequence": "EP",
	"SequenceVariant": "SK",
	"ScanOptions": "FS",
	"SequenceName": "*epfid2d1_64"
}
