{"RepetitionTime": 2.0, "EchoTime": 0.0268, "FlipAngle": 74, "ParallelReductionFactorInPlane": 2, "SliceTiming": [0.0, 1.0225, 0.0625, 1.085, 0.1275, 1.15, 0.1925, 1.2125, 0.255, 1.2775, 0.32, 1.34, 0.3825, 1.405, 0.4475, 1.47, 0.51, 1.5325, 0.575, 1.5975, 0.6375, 1.66, 0.7025, 1.725, 0.765, 1.7875, 0.83, 1.8525, 0.895, 1.915, 0.9575, 0.0, 1.0225, 0.0625, 1.085, 0.1275, 1.15, 0.1925, 1.2125, 0.255, 1.2775, 0.32, 1.34, 0.3825, 1.405, 0.4475, 1.47, 0.51, 1.5325, 0.575, 1.5975, 0.6375, 1.66, 0.7025, 1.725, 0.765, 1.7875, 0.83, 1.8525, 0.895, 1.915, 0.9575, 0.0, 1.0225, 0.0625, 1.085, 0.1275, 1.15, 0.1925, 1.2125, 0.255, 1.2775, 0.32, 1.34, 0.3825, 1.405, 0.4475, 1.47, 0.51, 1.5325, 0.575, 1.5975, 0.6375, 1.66, 0.7025, 1.725, 0.765, 1.7875, 0.83, 1.8525, 0.895, 1.915, 0.9575], "MultibandAccellerationFactor": 3, "Scanner Hardware": {"MatrixCoilMode": "", "DeviceSerialNumber": "67069", "InstitutionAddress": "CEA Saclay, bat145, 91191 Gif sur Yvette, FRANCE", "CoilCombinationMethod": "", "ReceiveCoilName": "Siemens 64c head coil", "MRTransmitCoilSequence": "", "InstitutionName": "Neurospin, CEA", "PulseSequenceType": "Gradient Echo EPI", "SoftwareVersions": "syngo MR E11", "GradientSetType": "PrismaFit", "Manufacturer": "SIEMENS"}, "EffectiveEchoSpacing": 4.2e-05, "fMRI_task": {"CogAtlasID": "tsk_xxVr20Bf4zyme"}, "TaskName": "Fictitious event ordering", "PhaseEncodingDirection": "j-", "In-Plane Spatial Encoding": {"ParallelReductionFactorInPlane": 2, "PulseSequenceDetails": "Multiband gradient echo EPI", "PartialFourier": "1", "ParallelAcquisitionTechnique": "GRAPPA", "NumberShots": 31, "PartialFourierDirection": ""}}
