{"RepetitionTime": 0.76, "EchoTime": 0.0268, "FlipAngle": 74, "ParallelReductionFactorInPlane": 2, "SliceTiming": [0, 0.4025, 0.675, 0.470, 0.135, 0.5375, 0.2025, 0.605, 0.270, 0.6725, 0.335, 0.0, 0.4025, 0.675, 0.470, 0.135, 0.5375, 0.2025, 0.605, 0.270, 0.6725, 0.335, 0.0, 0.4025, 0.675, 0.470, 0.135, 0.5375, 0.2025, 0.605, 0.270, 0.6725, 0.335, 0.0, 0.4025, 0.675, 0.470, 0.135, 0.5375, 0.2025, 0.605, 0.270, 0.6725, 0.335, 0.0, 0.4025, 0.675, 0.470, 0.135, 0.5375, 0.2025, 0.605, 0.270, 0.6725, 0.335, 0.0, 0.4025, 0.675, 0.470, 0.135, 0.5375, 0.2025, 0.605, 0.270, 0.6725, 0.335], "MultibandAccellerationFactor": 6, "Scanner Hardware": {"MatrixCoilMode": "", "DeviceSerialNumber": "67069", "InstitutionAddress": "CEA Saclay, bat145, 91191 Gif sur Yvette, FRANCE", "CoilCombinationMethod": "", "ReceiveCoilName": "Siemens 64c head coil", "MRTransmitCoilSequence": "", "InstitutionName": "Neurospin, CEA", "PulseSequenceType": "Gradient Echo EPI", "SoftwareVersions": "syngo MR E11", "GradientSetType": "PrismaFit", "Manufacturer": "SIEMENS"}, "EffectiveEchoSpacing": 4.2e-05, "fMRI_task": {"CogAtlasID": "trm_4c8a834779883"}, "TaskName": "rest eyes open", "PhaseEncodingDirection": "j-", "In-Plane Spatial Encoding": {"ParallelReductionFactorInPlane": 1, "PulseSequenceDetails": "Multiband gradient echo EPI", "PartialFourier": "1", "ParallelAcquisitionTechnique": "GRAPPA", "NumberShots": 16, "PartialFourierDirection": ""}}
