{
    "RepetitionTime": 2.0,
    "TaskName": "cuedSFM",
    "EchoTime": 0.03,
    "FlipAngle": 79,
    "TotalReadoutTime": 0.03039,
    "BandwidthPerPixelPhaseEncode": 10.965,
    "PhaseEncodingLines": 96,
    "MultibandAccellerationFactor": 3,
    "EffectiveEchoSpacing": 0.000949,
    "PhaseEncodingDirection": "j-",
    "Manufacturer": "Siemens",
    "ManufacturersModelName": "Verio",
    "SoftwareVersions": "syngo_MR_B17",
    "MagneticFieldStrength": 3,
    "DeviceSerialNumber":"40482",
    "SequenceName": "epfid2d1_96",
  	"ImageType": ["ORIGINAL", "PRIMARY", "M", "MB", "ND", "MOSAIC"],
    "ScanningSequence": "EP",
  	"SequenceVariant": "SK_SS",
    "InstitutionName": "SIBR",
    "InstitutionAddress": "Frew_4805_Pittsburgh_PA_District_US_15213",
    "SliceTiming": [
        0,
        0.09,
        0.1825,
        0.2725,
        0.365,
        0.455,
        0.5475,
        0.6375,
        0.73,
        0.82,
        0.9125,
        1.0025,
        1.095,
        1.185,
        1.2775,
        1.3675,
        1.46,
        1.55,
        1.6425,
        1.7325,
        1.825,
        1.915,
        0,
        0.09,
        0.1825,
        0.2725,
        0.365,
        0.455,
        0.5475,
        0.6375,
        0.73,
        0.82,
        0.9125,
        1.0025,
        1.095,
        1.185,
        1.2775,
        1.3675,
        1.46,
        1.55,
        1.6425,
        1.7325,
        1.825,
        1.915,
        0,
        0.09,
        0.1825,
        0.2725,
        0.365,
        0.455,
        0.5475,
        0.6375,
        0.73,
        0.82,
        0.9125,
        1.0025,
        1.095,
        1.185,
        1.2775,
        1.3675,
        1.46,
        1.55,
        1.6425,
        1.7325,
        1.825,
        1.915	]
}
