{
  "AcquisitionMatrixPE": 88,
  "AcquisitionNumber": 1,
  "AcquisitionTime": "10:10:43.547500",
  "BandwidthPerPixelPhaseEncode": 18.629,
  "BaseResolution": 88,
  "BodyPartExamined": "BRAIN",
  "CogAtlasID": "http://www.cognitiveatlas.org/task/id/TODO",
  "CoilCombinationMethod": "Sum of Squares",
  "ConsistencyInfo": "N4_VE11C_LATEST_20160120",
  "ConversionSoftware": "dcm2niix",
  "ConversionSoftwareVersion": "v1.0.20220720",
  "DerivedVendorReportedEchoSpacing": 0.000609997,
  "DeviceSerialNumber": "45424",
  "DwellTime": 2.6e-06,
  "EchoTime": 0.034,
  "EchoTrainLength": 88,
  "EffectiveEchoSpacing": 0.000609997,
  "FlipAngle": 50,
  "HeudiconvVersion": "1.1.0",
  "ImageOrientationPatientDICOM": [1, 0, 0, 0, 1, 0],
  "ImageOrientationText": "Tra",
  "ImageType": [
    "ORIGINAL",
    "PRIMARY",
    "M",
    "ND",
    "NORM",
    "MOSAIC"
],
  "ImagingFrequency": 123.238,
  "InPlanePhaseEncodingDirectionDICOM": "ROW",
  "InstitutionAddress": "North Warren Ave 1609,Tucson,Denver,US,85719",
  "InstitutionName": "University of Arizona",
  "InstitutionalDepartmentName": "Department",
  "MRAcquisitionType": "2D",
  "MagneticFieldStrength": 3,
  "Manufacturer": "Siemens",
  "ManufacturersModelName": "Skyra",
  "Modality": "MR",
  "MultibandAccelerationFactor": 8,
  "NonlinearGradientCorrection": false,
  "PartialFourier": 1,
  "PatientPosition": "HFS",
  "PercentPhaseFOV": 100,
  "PercentSampling": 100,
  "PhaseEncodingDirection": "i",
  "PhaseEncodingSteps": 88,
  "PhaseResolution": 1,
  "PixelBandwidth": 2185,
  "ProcedureStepDescription": "TEST",
  "ProtocolName": "RS-FMRI-MB-high_resolution 820 tr 725",
  "PulseSequenceDetails": "%SiemensSeq%\\ep2d_bold",
  "ReceiveCoilActiveElements": "HEA;HEP",
  "ReceiveCoilName": "Head_32",
  "ReconMatrixPE": 88,
  "RefLinesPE": 16,
  "RepetitionTime": 0.725,
  "SAR": 0.0765243,
  "ScanOptions": "FS",
  "ScanningSequence": "EP",
  "SequenceName": "*epfid2d1_88",
  "SequenceVariant": "SK",
  "SeriesDescription": "RS-FMRI-MB-high_resolution 820 tr 725",
  "SeriesNumber": 24,
  "ShimSetting": [8158, -13740, 15015, 57, 97, -397, -2, -288],
  "SliceThickness": 2.5,
  "SliceTiming": [0.5275, 0, 0.3525, 0.0875, 0.44, 0.265, 0.6175, 0.175, 0.5275, 0, 0.3525, 0.0875, 0.44, 0.265, 0.6175, 0.175, 0.5275, 0, 0.3525, 0.0875, 0.44, 0.265, 0.6175, 0.175, 0.5275, 0, 0.3525, 0.0875, 0.44, 0.265, 0.6175, 0.175, 0.5275, 0, 0.3525, 0.0875, 0.44, 0.265, 0.6175, 0.175, 0.5275, 0, 0.3525, 0.0875, 0.44, 0.265, 0.6175, 0.175, 0.5275, 0, 0.3525, 0.0875, 0.44, 0.265, 0.6175, 0.175, 0.5275, 0, 0.3525, 0.0875, 0.44, 0.265, 0.6175, 0.175],
  "SoftwareVersions": "syngo MR E11",
  "SpacingBetweenSlices": 2.5,
  "StationName": "AWP45424",
  "TaskName": "TODO: full task name for rest",
  "TotalReadoutTime": 0.0530697,
  "TxRefAmp": 331.132,
  "VendorReportedEchoSpacing": 0.00061}