{
	"Modality": "MR",
	"MagneticFieldStrength": 3,
	"Manufacturer": "Philips",
	"ManufacturersModelName": "Intera",
	"InstitutionName": "Univerity Medical Center Groningen",
	"InstitutionalDepartmentName": "Neuroimaging Center Groningen",
	"PatientPosition": "HFS",
	"ProtocolName": "WIPR-state_ME_descending-sso-DSSENSE4.2",
	"PhilipsRescaleSlope": 282.541,
	"PhilipsRescaleIntercept": 0,
	"PhilipsScaleSlope": 0.0011356,
	"UsePhilipsFloatNotDisplayScaling": 1,
	"SliceThickness": 3.5,
	"EchoTime": 0.03603,
	"RepetitionTime": 2.45,
	"ReconMatrixPE": 64,
	"FlipAngle": 80,
	"EchoTrainLength": 23,
	"ReceiveCoilName": "SENSE-Head-32P",
		"SliceTiming": [
		2.395555556,
		2.341111111,
		2.286666667,
		2.232222222,
		2.177777778,
		2.123333333,
		2.068888889,
		2.014444444,
		1.96,
		1.905555556,
		1.851111111,
		1.796666667,
		1.742222222,
		1.687777778,
		1.633333333,
		1.578888889,
		1.524444444,
		1.47,
		1.415555556,
		1.361111111,
		1.306666667,
		1.252222222,
		1.197777778,
		1.143333333,
		1.088888889,
		1.034444444,
		0.98,
		0.925555556,
		0.871111111,
		0.816666667,
		0.762222222,
		0.707777778,
		0.653333333,
		0.598888889,
		0.544444444,
		0.49,
		0.435555556,
		0.381111111,
		0.326666667,
		0.272222222,
		0.217777778,
		0.163333333,
		0.108888889,
		0.054444444,
		0	],
	"TaskName": "task-FlavorRun1"
}