{
	"TaskName": "change-point helicopter fmri",
	"Modality": "MR",
	"MagneticFieldStrength": 3,
	"ImagingFrequency": 123.26,
	"Manufacturer": "Siemens",
	"ManufacturersModelName": "TrioTim",
	"ScanningSequence": "EP",
	"SequenceVariant": "SK",
	"ScanOptions": "FS",
	"SequenceName": "*epfid2d1_64",
	"ImageType": ["ORIGINAL", "PRIMARY", "M", "ND", "MOSAIC"],
	"SliceThickness": 3,
	"SpacingBetweenSlices": 3,
	"EchoTime": 0.025,
	"RepetitionTime": 2.5,
	"FlipAngle": 75,
	"BandwidthPerPixelPhaseEncode": 31.25,
	"EffectiveEchoSpacing": 0.0005,
	"DerivedVendorReportedEchoSpacing": 0.0005,
	"TotalReadoutTime": 0.0315,
	"PixelBandwidth": 3005,
	"PhaseEncodingDirection": "j-",
	"SliceTiming": [
		1.245,
		0,
		1.3025,
		0.0575,
		1.3575,
		0.115,
		1.415,
		0.17,
		1.4725,
		0.2275,
		1.5275,
		0.2825,
		1.585,
		0.34,
		1.6425,
		0.3975,
		1.6975,
		0.4525,
		1.755,
		0.51,
		1.81,
		0.5675,
		1.8675,
		0.6225,
		1.925,
		0.68,
		1.98,
		0.735,
		2.0375,
		0.7925,
		2.095,
		0.85,
		2.15,
		0.905,
		2.2075,
		0.9625,
		2.265,
		1.02,
		2.32,
		1.075,
		2.3775,
		1.1325,
		2.4325,
		1.19	]
}
