{
  "AcquisitionMatrixPE": 144,
  "AcquisitionNumber": 1,
  "AcquisitionTime": "16:09:5.915000",
  "BandwidthPerPixelPhaseEncode": 19.841,
  "BaseResolution": 144,
  "BodyPartExamined": "HEAD",
  "CogAtlasID": "https://cognitiveatlas.org/task/id/trm_558c4d3105abf/",
  "ConsistencyInfo": "N4_VE11C_LATEST_20160120",
  "ConversionSoftware": "dcm2niix",
  "ConversionSoftwareVersion": "v1.0.20180622 GCC6.3.0",
  "DerivedVendorReportedEchoSpacing": 0.00070001,
  "DeviceSerialNumber": "166058",
  "DwellTime": 2e-06,
  "EchoTime": 0.03,
  "EchoTrainLength": 57,
  "EffectiveEchoSpacing": 0.000350005,
  "FlipAngle": 90,
  "ImageOrientationPatientDICOM": [1, 0, 0, 0, 1, 0],
  "ImageType": [
    "ORIGINAL",
    "PRIMARY",
    "M",
    "ND",
    "MOSAIC"
],
  "InPlanePhaseEncodingDirectionDICOM": "COL",
  "InstitutionAddress": "Schleusenweg_2-16_Frankfurt_District_DE_60528",
  "InstitutionName": "Brain_Imaging_Center_(BIC)",
  "InstitutionalDepartmentName": "BIC",
  "MRAcquisitionType": "2D",
  "MagneticFieldStrength": 3,
  "Manufacturer": "Siemens",
  "ManufacturersModelName": "Prisma",
  "Modality": "MR",
  "MultibandAccelerationFactor": 2,
  "ParallelReductionFactorInPlane": 2,
  "PartialFourier": 0.75,
  "PatientPosition": "HFS",
  "PercentPhaseFOV": 100,
  "PhaseEncodingDirection": "j-",
  "PhaseEncodingSteps": 114,
  "PhaseResolution": 1,
  "PixelBandwidth": 1735,
  "ProcedureStepDescription": "Yee_Lee_FeedBES",
  "ProtocolName": "Mapping_1p5mm_TR1500_polar",
  "PulseSequenceDetails": "%SiemensSeq%_ep2d_bold",
  "ReceiveCoilActiveElements": "HEA;HEP",
  "ReceiveCoilName": "Head_32",
  "ReconMatrixPE": 144,
  "RepetitionTime": 1.5,
  "SAR": 0.0630576,
  "ScanOptions": "PFP_FS",
  "ScanningSequence": "EP",
  "SequenceName": "_epfid2d1_144",
  "SequenceVariant": "SK",
  "SeriesDescription": "Mapping_1p5mm_TR1500_polar",
  "SeriesNumber": 9,
  "ShimSetting": [7037, -5660, 790, 250, -68, -184, 127, 26],
  "SliceThickness": 1.5,
  "SliceTiming": [1.11, 0, 0.74, 0.0725, 0.8125, 0.1475, 0.8875, 0.2225, 0.9625, 0.295, 1.035, 0.4425, 1.1825, 0.5175, 1.2575, 0.5925, 1.3325, 0.665, 1.405, 0.37, 1.11, 0, 0.74, 0.0725, 0.8125, 0.1475, 0.8875, 0.2225, 0.9625, 0.295, 1.035, 0.4425, 1.1825, 0.5175, 1.2575, 0.5925, 1.3325, 0.665, 1.405, 0.37],
  "SoftwareVersions": "syngo_MR_E11",
  "SpacingBetweenSlices": 1.5,
  "StationName": "AWP166058",
  "TaskName": "TODO: full task name for polar",
  "TotalReadoutTime": 0.0500507,
  "TxRefAmp": 221.29,
  "VendorReportedEchoSpacing": 0.0007}