{
  "AcquisitionNumber": 1,
  "BodyPartExamined": "BRAIN",
  "CogAtlasID": "http://cognitiveatlas.org/task/id/trm_558c4d3105abf/",
  "ConsistencyInfo": "N4_VE11C_LATEST_20160120",
  "ConversionSoftware": "dcm2niix",
  "ConversionSoftwareVersion": "v1.0.20180622 GCC6.3.0",
  "DeviceSerialNumber": "166058",
  "ImageType": [
    "ORIGINAL",
    "PRIMARY",
    "M",
    "ND",
    "MOSAIC"
],
  "InPlanePhaseEncodingDirectionDICOM": "COL",
  "InstitutionAddress": "Schleusenweg_2-16_Frankfurt_District_DE_60528",
  "InstitutionalDepartmentName": "BIC",
  "MRAcquisitionType": "2D",
  "MagneticFieldStrength": 3,
  "Manufacturer": "Siemens",
  "ManufacturersModelName": "Prisma",
  "Modality": "MR",
  "PatientPosition": "HFS",
  "PercentPhaseFOV": 100,
  "PhaseEncodingDirection": "j-",
  "PhaseResolution": 1,
  "ProcedureStepDescription": "Yee_Lee_FeedBES",
  "PulseSequenceDetails": "%SiemensSeq%_ep2d_bold",
  "ReceiveCoilActiveElements": "HEA;HEP",
  "ReceiveCoilName": "Head_32",
  "ScanningSequence": "EP",
  "SequenceVariant": "SK",
  "SoftwareVersions": "syngo_MR_E11",
  "StationName": "AWP166058",
  "TaskName": "TODO: full task name for tarmap"
}