{
   "TaskName": "Stop Manual",
   "Columns": 384,
   "EchoTime": 0.03,
   "EchoTrainLength": 1,
   "FlipAngle": 90.0,
   "ImageType": "ORIGINAL/PRIMARY/M/ND/MOSAIC",
   "InplanePhaseEncodingDirection": "COL",
   "InversionTime": 0.0,
   "MRAcquisitionType": "2D",
   "Manufacturer": "SIEMENS",
   "ManufacturersModelName": "Allegra",
   "NumberOfAverages": 1.0,
   "NumberOfPhaseEncodingSteps": 64,
   "PercentPhaseFieldOfView": 100.0,
   "PhaseEncodingDirection": "j-",
   "PixelBandwidth": 2605.0,
   "PixelSpacing": [
      3.125,
      3.125
   ],
   "RepetitionTime": 2,
   "Rows": 384,
   "ScanOptions": "FS",
   "ScanningSequence": [
      "SE",
      "EP"
   ],
   "SequenceName": "*epfid2d1_64",
   "SequenceVariant": "SK",
   "SliceThickness": 4.0,
   "SliceTiming": [
      0.0,
      1.0303,
      0.0606,
      1.0909,
      0.1212,
      1.1515,
      0.1818,
      1.2121,
      0.2424,
      1.2727,
      0.303,
      1.3333,
      0.3636,
      1.3939,
      0.4242,
      1.4546,
      0.4849,
      1.5151,
      0.5454,
      1.5758,
      0.6061,
      1.6364,
      0.6667,
      1.697,
      0.7273,
      1.7576,
      0.7879,
      1.8182,
      0.8485,
      1.8788,
      0.9091,
      1.9394,
      0.9697
   ],
   "SpacingBetweenSlices": 3.9999999858594,
   "StudyID": "1"
}
