{
  "AcquisitionNumber": 1,
  "BodyPartExamined": "BRAIN",
  "CogAtlasID": "http://www.cognitiveatlas.org/task/id/TODO",
  "CoilCombinationMethod": "Sum of Squares",
  "CoilString": "A32",
  "ConsistencyInfo": "N4_VE12U_LATEST_20181126",
  "ConversionSoftware": "dcm2niix",
  "ConversionSoftwareVersion": "v1.0.20240202",
  "DeviceSerialNumber": "18930",
  "EchoTime": 0.02,
  "EchoTrainLength": 43,
  "FlipAngle": 54,
  "HeudiconvVersion": "1.3.4",
  "InPlanePhaseEncodingDirectionDICOM": "COL",
  "InstitutionAddress": "Oxfordlaan 55,Maastricht,District,NL,6229 EV",
  "InstitutionName": "SCANNEXUS",
  "InstitutionalDepartmentName": "Department",
  "MRAcquisitionType": "2D",
  "MagneticFieldStrength": 7,
  "Manufacturer": "Siemens",
  "ManufacturersModelName": "Investigational_Device_7T_Plus",
  "MatrixCoilMode": "GRAPPA",
  "Modality": "MR",
  "MultibandAccelerationFactor": 3,
  "NonlinearGradientCorrection": false,
  "ParallelReductionFactorInPlane": 2,
  "PartialFourier": 0.75,
  "PatientPosition": "HFS",
  "PercentPhaseFOV": 100,
  "PercentSampling": 100,
  "PhaseEncodingSteps": 86,
  "PhaseResolution": 1,
  "ProcedureStepDescription": "FeDem^fMRI",
  "PulseSequenceDetails": "%CustomerSeq%\\cmrr_mbep2d_bold",
  "ReceiveCoilName": "1Tx32Rx_Head",
  "RepetitionTime": 1,
  "ScanOptions": "PFP\\FS",
  "ScanningSequence": "EP",
  "SequenceVariant": "SK\\SS",
  "SliceThickness": 1.6,
  "SoftwareVersions": "syngo MR E12",
  "SpacingBetweenSlices": 1.6,
  "StationName": "sTX 18930",
  "TaskName": "TODO: full task name for mempat"
}