{
  "AcquisitionMatrixPE": 110,
  "AcquisitionNumber": 1,
  "BandwidthPerPixelPhaseEncode": 32.468,
  "BaseResolution": 110,
  "BodyPartExamined": "BRAIN",
  "CogAtlasID": "http://www.cognitiveatlas.org/task/id/trm_4c898da401420",
  "CoilCombinationMethod": "Sum of Squares",
  "ConsistencyInfo": "N4_VE11C_LATEST_20160120",
  "ConversionSoftware": "dcm2niix",
  "ConversionSoftwareVersion": "v1.0.20240202",
  "DerivedVendorReportedEchoSpacing": 0.000559992,
  "DeviceSerialNumber": "66044",
  "EchoTrainLength": 42,
  "EffectiveEchoSpacing": 0.000279996,
  "FlipAngle": 68,
  "HeudiconvVersion": "1.3.2",
  "InPlanePhaseEncodingDirectionDICOM": "COL",
  "InstitutionAddress": "Curie Blvd. 422,Philadelphia,PA,US,19104",
  "MRAcquisitionType": "2D",
  "MagneticFieldStrength": 3,
  "Manufacturer": "Siemens",
  "ManufacturersModelName": "Prisma",
  "MatrixCoilMode": "GRAPPA",
  "Modality": "MR",
  "MultibandAccelerationFactor": 6,
  "NonlinearGradientCorrection": false,
  "ParallelReductionFactorInPlane": 2,
  "PartialFourier": 0.75,
  "PatientPosition": "HFS",
  "PercentPhaseFOV": 100,
  "PercentSampling": 100,
  "PhaseEncodingDirection": "j-",
  "PhaseEncodingSteps": 83,
  "PhaseResolution": 1,
  "PixelBandwidth": 2275,
  "ProcedureStepDescription": "CAMRIS^Satterthwaite",
  "ProtocolName": "func-bold_task-bao_dir-AP",
  "PulseSequenceDetails": "%CustomerSeq%\\cmrr_mbep2d_bold",
  "ReceiveCoilActiveElements": "HC1-7;NC1,2",
  "ReceiveCoilName": "HeadNeck_64",
  "ReconMatrixPE": 110,
  "RefLinesPE": 24,
  "RepetitionTime": 1.761,
  "ScanOptions": "PFP\\FS\\CT",
  "ScanningSequence": "EP",
  "SequenceName": "epfid2d5_110",
  "SequenceVariant": "SK\\SS",
  "SeriesDescription": "func-bold_task-bao_dir-AP",
  "SliceThickness": 2,
  "SoftwareVersions": "syngo MR E11",
  "SpacingBetweenSlices": 2,
  "StationName": "AWP66044",
  "TaskName": "Bao",
  "TotalReadoutTime": 0.0305196
}
