{
  "AcquisitionMatrixPE": 110,
  "AcquisitionNumber": 1,
  "BandwidthPerPixelPhaseEncode": 32.468,
  "BaseResolution": 110,
  "BodyPartExamined": "BRAIN",
  "CogAtlasID": "http://www.cognitiveatlas.org/task/id/trm_4c8a834779883",
  "CoilCombinationMethod": "Sum of Squares",
  "ConsistencyInfo": "N4_VE11C_LATEST_20160120",
  "ConversionSoftware": "dcm2niix",
  "ConversionSoftwareVersion": "v1.0.20240202",
  "DerivedVendorReportedEchoSpacing": 0.000559992,
  "DeviceSerialNumber": "66044",
  "EchoTrainLength": 42,
  "EffectiveEchoSpacing": 0.000279996,
  "FlipAngle": 68,
  "HeudiconvVersion": "1.3.2",
  "ImageComments": "Unaliased MB6/PE4/LB SENSE1+\r\nSR_techdev@bbl:scratch",
  "ImagingFrequency": 123.252393,
  "InPlanePhaseEncodingDirectionDICOM": "COL",
  "InstitutionAddress": "Curie Blvd. 422,Philadelphia,PA,US,19104",
  "InstitutionName": "SC3T",
  "MRAcquisitionType": "2D",
  "MagneticFieldStrength": 3,
  "Manufacturer": "Siemens",
  "ManufacturersModelName": "Prisma",
  "MatrixCoilMode": "GRAPPA",
  "Modality": "MR",
  "MultibandAccelerationFactor": 6,
  "NonlinearGradientCorrection": false,
  "ParallelReductionFactorInPlane": 2,
  "PartialFourier": 0.75,
  "PatientPosition": "HFS",
  "PercentPhaseFOV": 100,
  "PercentSampling": 100,
  "PhaseEncodingDirection": "j-",
  "PhaseEncodingSteps": 83,
  "PhaseResolution": 1,
  "PixelBandwidth": 2275,
  "ProcedureStepDescription": "CAMRIS^Satterthwaite",
  "ProtocolName": "func-bold_task-rest_dir-AP_run-01",
  "PulseSequenceDetails": "%CustomerSeq%\\cmrr_mbep2d_bold",
  "ReceiveCoilActiveElements": "HC1-7;NC1,2",
  "ReceiveCoilName": "HeadNeck_64",
  "ReconMatrixPE": 110,
  "RefLinesPE": 24,
  "RepetitionTime": 1.761,
  "ScanOptions": "PFP\\FS\\CT",
  "ScanningSequence": "EP",
  "SequenceName": "epfid2d5_110",
  "SequenceVariant": "SK\\SS",
  "SeriesDescription": "func-bold_task-rest_dir-AP_run-01",
  "SliceThickness": 2,
  "SliceTiming": [0, 0.725, 1.45, 0.435, 1.16, 0.145, 0.87, 1.595, 0.58, 1.305, 0.29, 1.015, 0, 0.725, 1.45, 0.435, 1.16, 0.145, 0.87, 1.595, 0.58, 1.305, 0.29, 1.015, 0, 0.725, 1.45, 0.435, 1.16, 0.145, 0.87, 1.595, 0.58, 1.305, 0.29, 1.015, 0, 0.725, 1.45, 0.435, 1.16, 0.145, 0.87, 1.595, 0.58, 1.305, 0.29, 1.015, 0, 0.725, 1.45, 0.435, 1.16, 0.145, 0.87, 1.595, 0.58, 1.305, 0.29, 1.015, 0, 0.725, 1.45, 0.435, 1.16, 0.145, 0.87, 1.595, 0.58, 1.305, 0.29, 1.015],
  "SoftwareVersions": "syngo MR E11",
  "SpacingBetweenSlices": 2,
  "StationName": "AWP66044",
  "TaskName": "rest eyes open",
  "TotalReadoutTime": 0.0305196,
  "TxRefAmp": 212.087,
  "WipMemBlock": "9d00ef7a-a15c-40d1-94d8-1ca02dc91850||Sequence: R016 ve11c/master r/e634e98; Dec 19 2017 11:00:25 by eja"
}
