{
	"Modality": "MR",
	"MagneticFieldStrength": 3,
	"ImagingFrequency": 123.257,
	"Manufacturer": "Siemens",
	"ManufacturersModelName": "Prisma_fit",
	"InstitutionName": "Emory_University",
	"InstitutionalDepartmentName": "Department",
	"InstitutionAddress": "Clifton_Rd_NE_1481_Atlanta_GA_US_30322",
	"DeviceSerialNumber": "167016",
	"StationName": "AWP167016",
	"BodyPartExamined": "BRAIN",
	"PatientPosition": "HFS",
	"ProcedureStepDescription": "RISK_MB_COMPARE",
	"SoftwareVersions": "syngo_MR_E11",
	"MRAcquisitionType": "2D",
	"SeriesDescription": "rsfMRI_2mm_iso_MB2_AP",
	"ProtocolName": "rsfMRI_2mm_iso_MB2_AP",
	"ScanningSequence": "EP",
	"SequenceVariant": "SK_SS",
	"ScanOptions": "PFP_FS_EXT",
	"SequenceName": "epfid2d1_104",
	"ImageType": ["ORIGINAL", "PRIMARY", "M", "MB", "ND", "NORM", "MOSAIC"],
	"SeriesNumber": 3,
	"AcquisitionTime": "16:05:52.127500",
	"AcquisitionNumber": 1,
	"ImageComments": "Unaliased_MB2_PE2_LB",
	"SliceThickness": 2,
	"SpacingBetweenSlices": 2,
	"SAR": 0.0504205,
	"EchoTime": 0.032,
	"RepetitionTime": 2.85,
	"FlipAngle": 80,
	"PartialFourier": 0.875,
	"BaseResolution": 104,
	"ShimSetting": [
		790,
		4103,
		4418,
		298,
		40,
		131,
		-60,
		-8	],
	"TxRefAmp": 251.662,
	"PhaseResolution": 1,
	"ReceiveCoilName": "Head_32",
	"ReceiveCoilActiveElements": "HEA;HEP",
	"PulseSequenceDetails": "%CustomerSeq%_cmrr_mbep2d_bold",
	"WipMemBlock": "5a6dd894-415d-4d1a-8513-eb56d20ca8de||Sequence: R016 ve11c/master r/e634e98; Dec 19 2017 11:00:25 by eja",
	"ConsistencyInfo": "N4_VE11C_LATEST_20160120",
	"MultibandAccelerationFactor": 2,
	"PercentPhaseFOV": 100,
	"EchoTrainLength": 91,
	"PhaseEncodingSteps": 91,
	"AcquisitionMatrixPE": 104,
	"ReconMatrixPE": 104,
	"BandwidthPerPixelPhaseEncode": 17.17,
	"EffectiveEchoSpacing": 0.000560011,
	"DerivedVendorReportedEchoSpacing": 0.000560011,
	"TotalReadoutTime": 0.0576811,
	"PixelBandwidth": 2290,
	"DwellTime": 2.1e-06,
	"PhaseEncodingDirection": "j-",
	"SliceTiming": [
		0,
		1.335,
		2.6725,
		1.1775,
		2.515,
		1.02,
		2.3575,
		0.865,
		2.2,
		0.7075,
		2.0425,
		0.55,
		1.885,
		0.3925,
		1.7275,
		0.235,
		1.5725,
		0.0775,
		1.415,
		2.75,
		1.2575,
		2.5925,
		1.1,
		2.435,
		0.9425,
		2.28,
		0.785,
		2.1225,
		0.6275,
		1.965,
		0.47,
		1.8075,
		0.3125,
		1.65,
		0.1575,
		1.4925,
		0,
		1.335,
		2.6725,
		1.1775,
		2.515,
		1.02,
		2.3575,
		0.865,
		2.2,
		0.7075,
		2.0425,
		0.55,
		1.885,
		0.3925,
		1.7275,
		0.235,
		1.5725,
		0.0775,
		1.415,
		2.75,
		1.2575,
		2.5925,
		1.1,
		2.435,
		0.9425,
		2.28,
		0.785,
		2.1225,
		0.6275,
		1.965,
		0.47,
		1.8075,
		0.3125,
		1.65,
		0.1575,
		1.4925	],
	"ImageOrientationPatientDICOM": [
		1,
		0,
		0,
		0,
		1,
		0	],
	"InPlanePhaseEncodingDirectionDICOM": "COL",
	"ConversionSoftware": "dcm2niix",
	"ConversionSoftwareVersion": "v1.0.20190410  GCC4.9.2"
}
