{
	"Modality": "MR",
	"MagneticFieldStrength": 3,
	"ImagingFrequency": 123.258,
	"Manufacturer": "Siemens",
	"ManufacturersModelName": "Prisma_fit",
	"InstitutionName": "Emory_University",
	"InstitutionalDepartmentName": "Department",
	"InstitutionAddress": "Clifton_Rd_NE_1481_Atlanta_GA_US_30322",
	"DeviceSerialNumber": "167016",
	"StationName": "AWP167016",
	"BodyPartExamined": "BRAIN",
	"PatientPosition": "HFS",
	"ProcedureStepDescription": "RISK_MB_COMPARE",
	"SoftwareVersions": "syngo_MR_E11",
	"MRAcquisitionType": "2D",
	"SeriesDescription": "rsfMRI_2mm_iso_MB9_AP_FA_48_SBRef",
	"ProtocolName": "rsfMRI_2mm_iso_MB9_AP_FA_48",
	"ScanningSequence": "EP",
	"SequenceVariant": "SK_SS",
	"ScanOptions": "PFP_FS_EXT",
	"SequenceName": "epfid2d1_104",
	"ImageType": ["ORIGINAL", "PRIMARY", "M", "ND", "NORM", "MOSAIC"],
	"SeriesNumber": 29,
	"AcquisitionTime": "17:00:1.582500",
	"AcquisitionNumber": 1,
	"ImageComments": "Single-band_reference",
	"SliceThickness": 2,
	"SpacingBetweenSlices": 2,
	"SAR": 0.0657375,
	"EchoTime": 0.032,
	"RepetitionTime": 0.675,
	"FlipAngle": 48,
	"PartialFourier": 0.875,
	"BaseResolution": 104,
	"ShimSetting": [
		790,
		4103,
		4418,
		298,
		40,
		131,
		-60,
		-8	],
	"TxRefAmp": 251.662,
	"PhaseResolution": 1,
	"ReceiveCoilName": "Head_32",
	"ReceiveCoilActiveElements": "HEA;HEP",
	"PulseSequenceDetails": "%CustomerSeq%_cmrr_mbep2d_bold",
	"WipMemBlock": "87f37421-abd8-4a45-b5d5-8bbd8469021e||Sequence: R016 ve11c/master r/e634e98; Dec 19 2017 11:00:25 by eja",
	"ConsistencyInfo": "N4_VE11C_LATEST_20160120",
	"PercentPhaseFOV": 100,
	"EchoTrainLength": 91,
	"PhaseEncodingSteps": 91,
	"AcquisitionMatrixPE": 104,
	"ReconMatrixPE": 104,
	"BandwidthPerPixelPhaseEncode": 16.026,
	"EffectiveEchoSpacing": 0.000599987,
	"DerivedVendorReportedEchoSpacing": 0.000599987,
	"TotalReadoutTime": 0.0617986,
	"PixelBandwidth": 2290,
	"DwellTime": 2.1e-06,
	"PhaseEncodingDirection": "j-",
	"SliceTiming": [
		0,
		0.0825,
		0.165,
		0.2475,
		0.3275,
		0.41,
		0.4925,
		0.575,
		0.655,
		0.7375,
		0.82,
		0.9025,
		0.9825,
		1.065,
		1.1475,
		1.23,
		1.31,
		1.3925,
		1.475,
		1.5575,
		1.6375,
		1.72,
		1.8025,
		1.885,
		1.965,
		2.0475,
		2.13,
		2.21,
		2.2925,
		2.375,
		2.4575,
		2.5375,
		2.62,
		2.7025,
		2.785,
		2.865,
		2.9475,
		3.03,
		3.1125,
		3.1925,
		3.275,
		3.3575,
		3.44,
		3.52,
		3.6025,
		3.685,
		3.7675,
		3.8475,
		3.93,
		4.0125,
		4.095,
		4.175,
		4.2575,
		4.34,
		4.4225,
		4.5025,
		4.585,
		4.6675,
		4.75,
		4.83,
		4.9125,
		4.995,
		5.0775,
		5.1575,
		5.24,
		5.3225,
		5.405,
		5.485,
		5.5675,
		5.65,
		5.7325,
		5.8125	],
	"ImageOrientationPatientDICOM": [
		1,
		0,
		0,
		0,
		1,
		0	],
	"InPlanePhaseEncodingDirectionDICOM": "COL",
	"ConversionSoftware": "dcm2niix",
	"ConversionSoftwareVersion": "v1.0.20190410  GCC4.9.2"
}
