{
	"Modality": "MR",
	"MagneticFieldStrength": 3,
	"ImagingFrequency": 123.257,
	"Manufacturer": "Siemens",
	"ManufacturersModelName": "Prisma_fit",
	"InstitutionName": "Emory_University",
	"InstitutionalDepartmentName": "Department",
	"InstitutionAddress": "Clifton_Rd_NE_1481_Atlanta_GA_US_30322",
	"DeviceSerialNumber": "167016",
	"StationName": "AWP167016",
	"BodyPartExamined": "BRAIN",
	"PatientPosition": "HFS",
	"ProcedureStepDescription": "RISK_MB_COMPARE",
	"SoftwareVersions": "syngo_MR_E11",
	"MRAcquisitionType": "2D",
	"SeriesDescription": "rsfMRI_2mm_iso_MB3_PA",
	"ProtocolName": "rsfMRI_2mm_iso_MB3_PA",
	"ScanningSequence": "EP",
	"SequenceVariant": "SK_SS",
	"ScanOptions": "PFP_FS_EXT",
	"SequenceName": "epfid2d1_104",
	"ImageType": ["ORIGINAL", "PRIMARY", "M", "MB", "ND", "NORM", "MOSAIC"],
	"SeriesNumber": 21,
	"AcquisitionTime": "16:47:29.152500",
	"AcquisitionNumber": 1,
	"ImageComments": "Unaliased_MB3_PE3_LB",
	"SliceThickness": 2,
	"SpacingBetweenSlices": 2,
	"SAR": 0.0512972,
	"EchoTime": 0.032,
	"RepetitionTime": 1.91,
	"FlipAngle": 72,
	"PartialFourier": 0.875,
	"BaseResolution": 104,
	"ShimSetting": [
		790,
		4103,
		4418,
		298,
		40,
		131,
		-60,
		-8	],
	"TxRefAmp": 251.662,
	"PhaseResolution": 1,
	"ReceiveCoilName": "Head_32",
	"ReceiveCoilActiveElements": "HEA;HEP",
	"PulseSequenceDetails": "%CustomerSeq%_cmrr_mbep2d_bold",
	"WipMemBlock": "6d486437-eb84-4c97-a6d7-9da06ed69e7f||Sequence: R016 ve11c/master r/e634e98; Dec 19 2017 11:00:25 by eja",
	"ConsistencyInfo": "N4_VE11C_LATEST_20160120",
	"MultibandAccelerationFactor": 3,
	"PercentPhaseFOV": 100,
	"EchoTrainLength": 91,
	"PhaseEncodingSteps": 91,
	"AcquisitionMatrixPE": 104,
	"ReconMatrixPE": 104,
	"BandwidthPerPixelPhaseEncode": 17.17,
	"EffectiveEchoSpacing": 0.000560011,
	"DerivedVendorReportedEchoSpacing": 0.000560011,
	"TotalReadoutTime": 0.0576811,
	"PixelBandwidth": 2290,
	"DwellTime": 2.1e-06,
	"PhaseEncodingDirection": "j",
	"SliceTiming": [
		0,
		0.865,
		1.7325,
		0.71,
		1.575,
		0.5525,
		1.4175,
		0.395,
		1.26,
		0.2375,
		1.1025,
		0.08,
		0.945,
		1.81,
		0.7875,
		1.6525,
		0.63,
		1.495,
		0.4725,
		1.3375,
		0.315,
		1.18,
		0.1575,
		1.0225,
		0,
		0.865,
		1.7325,
		0.71,
		1.575,
		0.5525,
		1.4175,
		0.395,
		1.26,
		0.2375,
		1.1025,
		0.08,
		0.945,
		1.81,
		0.7875,
		1.6525,
		0.63,
		1.495,
		0.4725,
		1.3375,
		0.315,
		1.18,
		0.1575,
		1.0225,
		0,
		0.865,
		1.7325,
		0.71,
		1.575,
		0.5525,
		1.4175,
		0.395,
		1.26,
		0.2375,
		1.1025,
		0.08,
		0.945,
		1.81,
		0.7875,
		1.6525,
		0.63,
		1.495,
		0.4725,
		1.3375,
		0.315,
		1.18,
		0.1575,
		1.0225	],
	"ImageOrientationPatientDICOM": [
		1,
		0,
		0,
		0,
		1,
		0	],
	"InPlanePhaseEncodingDirectionDICOM": "COL",
	"ConversionSoftware": "dcm2niix",
	"ConversionSoftwareVersion": "v1.0.20190410  GCC4.9.2"
}
