{
	"Modality": "MR",
	"MagneticFieldStrength": 3,
	"ImagingFrequency": 123.257,
	"Manufacturer": "Siemens",
	"ManufacturersModelName": "Prisma_fit",
	"InstitutionName": "Emory_University",
	"InstitutionalDepartmentName": "Department",
	"InstitutionAddress": "Clifton_Rd_NE_1481_Atlanta_GA_US_30322",
	"DeviceSerialNumber": "167016",
	"StationName": "AWP167016",
	"BodyPartExamined": "BRAIN",
	"PatientPosition": "HFS",
	"ProcedureStepDescription": "RISK_MB_COMPARE",
	"SoftwareVersions": "syngo_MR_E11",
	"MRAcquisitionType": "2D",
	"SeriesDescription": "rsfMRI_2mm_iso_MB6_AP",
	"ProtocolName": "rsfMRI_2mm_iso_MB6_AP",
	"ScanningSequence": "EP",
	"SequenceVariant": "SK_SS",
	"ScanOptions": "PFP_FS_EXT",
	"SequenceName": "epfid2d1_104",
	"ImageType": ["ORIGINAL", "PRIMARY", "M", "MB", "ND", "NORM", "MOSAIC"],
	"SeriesNumber": 12,
	"AcquisitionTime": "16:24:18.217500",
	"AcquisitionNumber": 1,
	"ImageComments": "Unaliased_MB6_PE3_LB",
	"SliceThickness": 2,
	"SpacingBetweenSlices": 2,
	"SAR": 0.0661952,
	"EchoTime": 0.032,
	"RepetitionTime": 0.962,
	"FlipAngle": 57,
	"PartialFourier": 0.875,
	"BaseResolution": 104,
	"ShimSetting": [
		790,
		4103,
		4418,
		298,
		40,
		131,
		-60,
		-8	],
	"TxRefAmp": 251.662,
	"PhaseResolution": 1,
	"ReceiveCoilName": "Head_32",
	"ReceiveCoilActiveElements": "HEA;HEP",
	"PulseSequenceDetails": "%CustomerSeq%_cmrr_mbep2d_bold",
	"WipMemBlock": "d5252ae0-24b5-4631-a0bc-99932781e442||Sequence: R016 ve11c/master r/e634e98; Dec 19 2017 11:00:25 by eja",
	"ConsistencyInfo": "N4_VE11C_LATEST_20160120",
	"MultibandAccelerationFactor": 6,
	"PercentPhaseFOV": 100,
	"EchoTrainLength": 91,
	"PhaseEncodingSteps": 91,
	"AcquisitionMatrixPE": 104,
	"ReconMatrixPE": 104,
	"BandwidthPerPixelPhaseEncode": 17.17,
	"EffectiveEchoSpacing": 0.000560011,
	"DerivedVendorReportedEchoSpacing": 0.000560011,
	"TotalReadoutTime": 0.0576811,
	"PixelBandwidth": 2290,
	"DwellTime": 2.1e-06,
	"PhaseEncodingDirection": "j-",
	"SliceTiming": [
		0,
		0.3925,
		0.785,
		0.235,
		0.6275,
		0.08,
		0.4725,
		0.865,
		0.315,
		0.7075,
		0.1575,
		0.55,
		0,
		0.3925,
		0.785,
		0.235,
		0.6275,
		0.08,
		0.4725,
		0.865,
		0.315,
		0.7075,
		0.1575,
		0.55,
		0,
		0.3925,
		0.785,
		0.235,
		0.6275,
		0.08,
		0.4725,
		0.865,
		0.315,
		0.7075,
		0.1575,
		0.55,
		0,
		0.3925,
		0.785,
		0.235,
		0.6275,
		0.08,
		0.4725,
		0.865,
		0.315,
		0.7075,
		0.1575,
		0.55,
		0,
		0.3925,
		0.785,
		0.235,
		0.6275,
		0.08,
		0.4725,
		0.865,
		0.315,
		0.7075,
		0.1575,
		0.55,
		0,
		0.3925,
		0.785,
		0.235,
		0.6275,
		0.08,
		0.4725,
		0.865,
		0.315,
		0.7075,
		0.1575,
		0.55	],
	"ImageOrientationPatientDICOM": [
		1,
		0,
		0,
		0,
		1,
		0	],
	"InPlanePhaseEncodingDirectionDICOM": "COL",
	"ConversionSoftware": "dcm2niix",
	"ConversionSoftwareVersion": "v1.0.20190410  GCC4.9.2"
}
