{
	"Modality": "MR",
	"MagneticFieldStrength": 3,
	"ImagingFrequency": 123.257,
	"Manufacturer": "Siemens",
	"ManufacturersModelName": "Prisma_fit",
	"InstitutionName": "Emory_University",
	"InstitutionalDepartmentName": "Department",
	"InstitutionAddress": "Clifton_Rd_NE_1481_Atlanta_GA_US_30322",
	"DeviceSerialNumber": "167016",
	"StationName": "AWP167016",
	"BodyPartExamined": "BRAIN",
	"PatientPosition": "HFS",
	"ProcedureStepDescription": "RISK_MB_COMPARE",
	"SoftwareVersions": "syngo_MR_E11",
	"MRAcquisitionType": "2D",
	"SeriesDescription": "rsfMRI_3.3mm_iso_MB1_AP",
	"ProtocolName": "rsfMRI_3.3mm_iso_MB1_AP",
	"ScanningSequence": "EP",
	"SequenceVariant": "SK_SS",
	"ScanOptions": "PFP_FS_EXT",
	"SequenceName": "epfid2d1_64",
	"ImageType": ["ORIGINAL", "PRIMARY", "M", "ND", "NORM", "MOSAIC"],
	"SeriesNumber": 14,
	"AcquisitionTime": "16:30:17.500000",
	"AcquisitionNumber": 1,
	"SliceThickness": 3.3,
	"SpacingBetweenSlices": 3.3,
	"SAR": 0.0394979,
	"EchoTime": 0.032,
	"RepetitionTime": 3,
	"FlipAngle": 81,
	"PartialFourier": 0.875,
	"BaseResolution": 64,
	"ShimSetting": [
		790,
		4103,
		4418,
		298,
		40,
		131,
		-60,
		-8	],
	"TxRefAmp": 251.662,
	"PhaseResolution": 1,
	"ReceiveCoilName": "Head_32",
	"ReceiveCoilActiveElements": "HEA;HEP",
	"PulseSequenceDetails": "%CustomerSeq%_cmrr_mbep2d_bold",
	"WipMemBlock": "38313d1a-9ae1-461d-ab65-95359007c1cc||Sequence: R016 ve11c/master r/e634e98; Dec 19 2017 11:00:25 by eja",
	"ConsistencyInfo": "N4_VE11C_LATEST_20160120",
	"PercentPhaseFOV": 100,
	"EchoTrainLength": 56,
	"PhaseEncodingSteps": 56,
	"AcquisitionMatrixPE": 64,
	"ReconMatrixPE": 64,
	"BandwidthPerPixelPhaseEncode": 31.25,
	"EffectiveEchoSpacing": 0.0005,
	"DerivedVendorReportedEchoSpacing": 0.0005,
	"TotalReadoutTime": 0.0315,
	"PixelBandwidth": 2300,
	"DwellTime": 3.4e-06,
	"PhaseEncodingDirection": "j-",
	"SliceTiming": [
		0,
		1.525,
		0.07,
		1.595,
		0.1375,
		1.6625,
		0.2075,
		1.7325,
		0.2775,
		1.8025,
		0.3475,
		1.87,
		0.415,
		1.94,
		0.485,
		2.01,
		0.555,
		2.08,
		0.625,
		2.1475,
		0.6925,
		2.2175,
		0.7625,
		2.2875,
		0.8325,
		2.3575,
		0.9,
		2.425,
		0.97,
		2.495,
		1.04,
		2.565,
		1.11,
		2.6325,
		1.1775,
		2.7025,
		1.2475,
		2.7725,
		1.3175,
		2.8425,
		1.385,
		2.91,
		1.455	],
	"ImageOrientationPatientDICOM": [
		1,
		0,
		0,
		0,
		1,
		0	],
	"InPlanePhaseEncodingDirectionDICOM": "COL",
	"ConversionSoftware": "dcm2niix",
	"ConversionSoftwareVersion": "v1.0.20190410  GCC4.9.2"
}
