{
	"Modality": "MR",
	"MagneticFieldStrength": 3,
	"ImagingFrequency": 123.258,
	"Manufacturer": "Siemens",
	"ManufacturersModelName": "Prisma_fit",
	"InstitutionName": "Emory_University",
	"InstitutionalDepartmentName": "Department",
	"InstitutionAddress": "Clifton_Rd_NE_1481_Atlanta_GA_US_30322",
	"DeviceSerialNumber": "167016",
	"StationName": "AWP167016",
	"BodyPartExamined": "BRAIN",
	"PatientPosition": "HFS",
	"ProcedureStepDescription": "RISK_MB_COMPARE",
	"SoftwareVersions": "syngo_MR_E11",
	"MRAcquisitionType": "2D",
	"SeriesDescription": "rsfMRI_2mm_iso_MB9_AP_FA_48",
	"ProtocolName": "rsfMRI_2mm_iso_MB9_AP_FA_48",
	"ScanningSequence": "EP",
	"SequenceVariant": "SK_SS",
	"ScanOptions": "PFP_FS_EXT",
	"SequenceName": "epfid2d1_104",
	"ImageType": ["ORIGINAL", "PRIMARY", "M", "MB", "ND", "NORM", "MOSAIC"],
	"SeriesNumber": 30,
	"AcquisitionTime": "17:00:11.032500",
	"AcquisitionNumber": 1,
	"ImageComments": "Unaliased_MB9_PE4_LB",
	"SliceThickness": 2,
	"SpacingBetweenSlices": 2,
	"SAR": 0.0657375,
	"EchoTime": 0.032,
	"RepetitionTime": 0.675,
	"FlipAngle": 48,
	"PartialFourier": 0.875,
	"BaseResolution": 104,
	"ShimSetting": [
		790,
		4103,
		4418,
		298,
		40,
		131,
		-60,
		-8	],
	"TxRefAmp": 251.662,
	"PhaseResolution": 1,
	"ReceiveCoilName": "Head_32",
	"ReceiveCoilActiveElements": "HEA;HEP",
	"PulseSequenceDetails": "%CustomerSeq%_cmrr_mbep2d_bold",
	"WipMemBlock": "87f37421-abd8-4a45-b5d5-8bbd8469021e||Sequence: R016 ve11c/master r/e634e98; Dec 19 2017 11:00:25 by eja",
	"ConsistencyInfo": "N4_VE11C_LATEST_20160120",
	"MultibandAccelerationFactor": 9,
	"PercentPhaseFOV": 100,
	"EchoTrainLength": 91,
	"PhaseEncodingSteps": 91,
	"AcquisitionMatrixPE": 104,
	"ReconMatrixPE": 104,
	"BandwidthPerPixelPhaseEncode": 16.026,
	"EffectiveEchoSpacing": 0.000599987,
	"DerivedVendorReportedEchoSpacing": 0.000599987,
	"TotalReadoutTime": 0.0617986,
	"PixelBandwidth": 2290,
	"DwellTime": 2.1e-06,
	"PhaseEncodingDirection": "j-",
	"SliceTiming": [
		0,
		0.2475,
		0.4925,
		0.0825,
		0.3275,
		0.575,
		0.165,
		0.41,
		0,
		0.2475,
		0.4925,
		0.0825,
		0.3275,
		0.575,
		0.165,
		0.41,
		0,
		0.2475,
		0.4925,
		0.0825,
		0.3275,
		0.575,
		0.165,
		0.41,
		0,
		0.2475,
		0.4925,
		0.0825,
		0.3275,
		0.575,
		0.165,
		0.41,
		0,
		0.2475,
		0.4925,
		0.0825,
		0.3275,
		0.575,
		0.165,
		0.41,
		0,
		0.2475,
		0.4925,
		0.0825,
		0.3275,
		0.575,
		0.165,
		0.41,
		0,
		0.2475,
		0.4925,
		0.0825,
		0.3275,
		0.575,
		0.165,
		0.41,
		0,
		0.2475,
		0.4925,
		0.0825,
		0.3275,
		0.575,
		0.165,
		0.41,
		0,
		0.2475,
		0.4925,
		0.0825,
		0.3275,
		0.575,
		0.165,
		0.41	],
	"ImageOrientationPatientDICOM": [
		1,
		0,
		0,
		0,
		1,
		0	],
	"InPlanePhaseEncodingDirectionDICOM": "COL",
	"ConversionSoftware": "dcm2niix",
	"ConversionSoftwareVersion": "v1.0.20190410  GCC4.9.2"
}
