{
	"Modality": "MR",
	"MagneticFieldStrength": 3,
	"ImagingFrequency": 123.257,
	"Manufacturer": "Siemens",
	"ManufacturersModelName": "Prisma_fit",
	"InstitutionName": "Emory_University",
	"InstitutionalDepartmentName": "Department",
	"InstitutionAddress": "Clifton_Rd_NE_1481_Atlanta_GA_US_30322",
	"DeviceSerialNumber": "167016",
	"StationName": "AWP167016",
	"BodyPartExamined": "BRAIN",
	"PatientPosition": "HFS",
	"ProcedureStepDescription": "RISK_MB_COMPARE",
	"SoftwareVersions": "syngo_MR_E11",
	"MRAcquisitionType": "2D",
	"SeriesDescription": "rsfMRI_2mm_iso_MB12_AP_SBRef",
	"ProtocolName": "rsfMRI_2mm_iso_MB12_AP",
	"ScanningSequence": "EP",
	"SequenceVariant": "SK_SS",
	"ScanOptions": "PFP_FS_EXT",
	"SequenceName": "epfid2d1_104",
	"ImageType": ["ORIGINAL", "PRIMARY", "M", "ND", "NORM", "MOSAIC"],
	"SeriesNumber": 26,
	"AcquisitionTime": "16:53:57.617500",
	"AcquisitionNumber": 1,
	"ImageComments": "Single-band_reference",
	"SliceThickness": 2,
	"SpacingBetweenSlices": 2,
	"SAR": 0.0683418,
	"EchoTime": 0.0324,
	"RepetitionTime": 0.512,
	"FlipAngle": 43,
	"PartialFourier": 0.875,
	"BaseResolution": 104,
	"ShimSetting": [
		790,
		4103,
		4418,
		298,
		40,
		131,
		-60,
		-8	],
	"TxRefAmp": 251.662,
	"PhaseResolution": 1,
	"ReceiveCoilName": "Head_32",
	"ReceiveCoilActiveElements": "HEA;HEP",
	"PulseSequenceDetails": "%CustomerSeq%_cmrr_mbep2d_bold",
	"WipMemBlock": "efa41f70-de6d-425d-9055-e88adfc6f583||Sequence: R016 ve11c/master r/e634e98; Dec 19 2017 11:00:25 by eja",
	"ConsistencyInfo": "N4_VE11C_LATEST_20160120",
	"PercentPhaseFOV": 100,
	"EchoTrainLength": 91,
	"PhaseEncodingSteps": 91,
	"AcquisitionMatrixPE": 104,
	"ReconMatrixPE": 104,
	"BandwidthPerPixelPhaseEncode": 15.509,
	"EffectiveEchoSpacing": 0.000619987,
	"DerivedVendorReportedEchoSpacing": 0.000619987,
	"TotalReadoutTime": 0.0638587,
	"PixelBandwidth": 2290,
	"DwellTime": 2.1e-06,
	"PhaseEncodingDirection": "j-",
	"SliceTiming": [
		0,
		0.0825,
		0.165,
		0.2475,
		0.3275,
		0.41,
		0.4925,
		0.575,
		0.6575,
		0.7375,
		0.82,
		0.9025,
		0.985,
		1.0675,
		1.1475,
		1.23,
		1.3125,
		1.395,
		1.4775,
		1.5575,
		1.64,
		1.7225,
		1.805,
		1.8875,
		1.9675,
		2.05,
		2.1325,
		2.215,
		2.2975,
		2.3775,
		2.46,
		2.5425,
		2.625,
		2.7075,
		2.7875,
		2.87,
		2.9525,
		3.035,
		3.1175,
		3.1975,
		3.28,
		3.3625,
		3.445,
		3.5275,
		3.6075,
		3.69,
		3.7725,
		3.855,
		3.9375,
		4.0175,
		4.1,
		4.1825,
		4.265,
		4.3475,
		4.4275,
		4.51,
		4.5925,
		4.675,
		4.755,
		4.8375,
		4.92,
		5.0025,
		5.085,
		5.165,
		5.2475,
		5.33,
		5.4125,
		5.495,
		5.575,
		5.6575,
		5.74,
		5.8225	],
	"ImageOrientationPatientDICOM": [
		1,
		0,
		0,
		0,
		1,
		0	],
	"InPlanePhaseEncodingDirectionDICOM": "COL",
	"ConversionSoftware": "dcm2niix",
	"ConversionSoftwareVersion": "v1.0.20190410  GCC4.9.2"
}
