{
	"Modality": "MR",
	"MagneticFieldStrength": 3,
	"ImagingFrequency": 123.257,
	"Manufacturer": "Siemens",
	"ManufacturersModelName": "Prisma_fit",
	"InstitutionName": "Emory_University",
	"InstitutionalDepartmentName": "Department",
	"InstitutionAddress": "Clifton_Rd_NE_1481_Atlanta_GA_US_30322",
	"DeviceSerialNumber": "167016",
	"StationName": "AWP167016",
	"BodyPartExamined": "BRAIN",
	"PatientPosition": "HFS",
	"ProcedureStepDescription": "RISK_MB_COMPARE",
	"SoftwareVersions": "syngo_MR_E11",
	"MRAcquisitionType": "2D",
	"SeriesDescription": "rsfMRI_2mm_iso_MB8_AP_SBRef",
	"ProtocolName": "rsfMRI_2mm_iso_MB8_AP",
	"ScanningSequence": "EP",
	"SequenceVariant": "SK_SS",
	"ScanOptions": "PFP_FS_EXT",
	"SequenceName": "epfid2d1_104",
	"ImageType": ["ORIGINAL", "PRIMARY", "M", "ND", "NORM", "MOSAIC"],
	"SeriesNumber": 5,
	"AcquisitionTime": "16:11:54.790000",
	"AcquisitionNumber": 1,
	"ImageComments": "Single-band_reference",
	"SliceThickness": 2,
	"SpacingBetweenSlices": 2,
	"SAR": 0.0680369,
	"EchoTime": 0.032,
	"RepetitionTime": 0.736,
	"FlipAngle": 51,
	"PartialFourier": 0.875,
	"BaseResolution": 104,
	"ShimSetting": [
		790,
		4103,
		4418,
		298,
		40,
		131,
		-60,
		-8	],
	"TxRefAmp": 251.662,
	"PhaseResolution": 1,
	"ReceiveCoilName": "Head_32",
	"ReceiveCoilActiveElements": "HEA;HEP",
	"PulseSequenceDetails": "%CustomerSeq%_cmrr_mbep2d_bold",
	"WipMemBlock": "4577c2c8-c34b-46f0-8c29-4cb65c6f705d||Sequence: R016 ve11c/master r/e634e98; Dec 19 2017 11:00:25 by eja",
	"ConsistencyInfo": "N4_VE11C_LATEST_20160120",
	"PercentPhaseFOV": 100,
	"EchoTrainLength": 91,
	"PhaseEncodingSteps": 91,
	"AcquisitionMatrixPE": 104,
	"ReconMatrixPE": 104,
	"BandwidthPerPixelPhaseEncode": 16.578,
	"EffectiveEchoSpacing": 0.000580009,
	"DerivedVendorReportedEchoSpacing": 0.000580009,
	"TotalReadoutTime": 0.0597409,
	"PixelBandwidth": 2290,
	"DwellTime": 2.1e-06,
	"PhaseEncodingDirection": "j-",
	"SliceTiming": [
		0,
		0.08,
		0.16,
		0.24,
		0.32,
		0.3975,
		0.4775,
		0.5575,
		0.6375,
		0.7175,
		0.7975,
		0.875,
		0.955,
		1.035,
		1.115,
		1.195,
		1.2725,
		1.3525,
		1.4325,
		1.5125,
		1.5925,
		1.6725,
		1.75,
		1.83,
		1.91,
		1.99,
		2.07,
		2.1475,
		2.2275,
		2.3075,
		2.3875,
		2.4675,
		2.5475,
		2.625,
		2.705,
		2.785,
		2.865,
		2.945,
		3.0225,
		3.1025,
		3.1825,
		3.2625,
		3.3425,
		3.4225,
		3.5,
		3.58,
		3.66,
		3.74,
		3.82,
		3.8975,
		3.9775,
		4.0575,
		4.1375,
		4.2175,
		4.2975,
		4.375,
		4.455,
		4.535,
		4.615,
		4.695,
		4.775,
		4.8525,
		4.9325,
		5.0125,
		5.0925,
		5.1725,
		5.25,
		5.33,
		5.41,
		5.49,
		5.57,
		5.65	],
	"ImageOrientationPatientDICOM": [
		1,
		0,
		0,
		0,
		1,
		0	],
	"InPlanePhaseEncodingDirectionDICOM": "COL",
	"ConversionSoftware": "dcm2niix",
	"ConversionSoftwareVersion": "v1.0.20190410  GCC4.9.2"
}
