{
	"Modality": "MR",
	"MagneticFieldStrength": 3,
	"ImagingFrequency": 123.257,
	"Manufacturer": "Siemens",
	"ManufacturersModelName": "Prisma_fit",
	"InstitutionName": "Emory_University",
	"InstitutionalDepartmentName": "Department",
	"InstitutionAddress": "Clifton_Rd_NE_1481_Atlanta_GA_US_30322",
	"DeviceSerialNumber": "167016",
	"StationName": "AWP167016",
	"BodyPartExamined": "BRAIN",
	"PatientPosition": "HFS",
	"ProcedureStepDescription": "RISK_MB_COMPARE",
	"SoftwareVersions": "syngo_MR_E11",
	"MRAcquisitionType": "2D",
	"SeriesDescription": "rsfMRI_2mm_iso_MB6_AP_SBRef",
	"ProtocolName": "rsfMRI_2mm_iso_MB6_AP",
	"ScanningSequence": "EP",
	"SequenceVariant": "SK_SS",
	"ScanOptions": "PFP_FS_EXT",
	"SequenceName": "epfid2d1_104",
	"ImageType": ["ORIGINAL", "PRIMARY", "M", "ND", "NORM", "MOSAIC"],
	"SeriesNumber": 11,
	"AcquisitionTime": "16:24:8.597500",
	"AcquisitionNumber": 1,
	"ImageComments": "Single-band_reference",
	"SliceThickness": 2,
	"SpacingBetweenSlices": 2,
	"SAR": 0.0661952,
	"EchoTime": 0.032,
	"RepetitionTime": 0.962,
	"FlipAngle": 57,
	"PartialFourier": 0.875,
	"BaseResolution": 104,
	"ShimSetting": [
		790,
		4103,
		4418,
		298,
		40,
		131,
		-60,
		-8	],
	"TxRefAmp": 251.662,
	"PhaseResolution": 1,
	"ReceiveCoilName": "Head_32",
	"ReceiveCoilActiveElements": "HEA;HEP",
	"PulseSequenceDetails": "%CustomerSeq%_cmrr_mbep2d_bold",
	"WipMemBlock": "d5252ae0-24b5-4631-a0bc-99932781e442||Sequence: R016 ve11c/master r/e634e98; Dec 19 2017 11:00:25 by eja",
	"ConsistencyInfo": "N4_VE11C_LATEST_20160120",
	"PercentPhaseFOV": 100,
	"EchoTrainLength": 91,
	"PhaseEncodingSteps": 91,
	"AcquisitionMatrixPE": 104,
	"ReconMatrixPE": 104,
	"BandwidthPerPixelPhaseEncode": 17.17,
	"EffectiveEchoSpacing": 0.000560011,
	"DerivedVendorReportedEchoSpacing": 0.000560011,
	"TotalReadoutTime": 0.0576811,
	"PixelBandwidth": 2290,
	"DwellTime": 2.1e-06,
	"PhaseEncodingDirection": "j-",
	"SliceTiming": [
		0,
		0.08,
		0.1575,
		0.235,
		0.315,
		0.3925,
		0.4725,
		0.55,
		0.6275,
		0.7075,
		0.785,
		0.865,
		0.9425,
		1.02,
		1.1,
		1.1775,
		1.2575,
		1.335,
		1.4125,
		1.4925,
		1.57,
		1.6475,
		1.7275,
		1.805,
		1.885,
		1.9625,
		2.04,
		2.12,
		2.1975,
		2.2775,
		2.355,
		2.4325,
		2.5125,
		2.59,
		2.67,
		2.7475,
		2.825,
		2.905,
		2.9825,
		3.0625,
		3.14,
		3.2175,
		3.2975,
		3.375,
		3.455,
		3.5325,
		3.61,
		3.69,
		3.7675,
		3.8475,
		3.925,
		4.0025,
		4.0825,
		4.16,
		4.24,
		4.3175,
		4.395,
		4.475,
		4.5525,
		4.6325,
		4.71,
		4.7875,
		4.8675,
		4.945,
		5.025,
		5.1025,
		5.18,
		5.26,
		5.3375,
		5.415,
		5.495,
		5.5725	],
	"ImageOrientationPatientDICOM": [
		1,
		0,
		0,
		0,
		1,
		0	],
	"InPlanePhaseEncodingDirectionDICOM": "COL",
	"ConversionSoftware": "dcm2niix",
	"ConversionSoftwareVersion": "v1.0.20190410  GCC4.9.2"
}
