{
	"Modality": "MR",
	"MagneticFieldStrength": 3,
	"ImagingFrequency": 123.257,
	"Manufacturer": "Siemens",
	"ManufacturersModelName": "Prisma_fit",
	"InstitutionName": "Emory_University",
	"InstitutionalDepartmentName": "Department",
	"InstitutionAddress": "Clifton_Rd_NE_1481_Atlanta_GA_US_30322",
	"DeviceSerialNumber": "167016",
	"StationName": "AWP167016",
	"BodyPartExamined": "BRAIN",
	"PatientPosition": "HFS",
	"ProcedureStepDescription": "RISK_MB_COMPARE",
	"SoftwareVersions": "syngo_MR_E11",
	"MRAcquisitionType": "2D",
	"SeriesDescription": "rsfMRI_2mm_iso_MB4_AP_SBRef",
	"ProtocolName": "rsfMRI_2mm_iso_MB4_AP",
	"ScanningSequence": "EP",
	"SequenceVariant": "SK_SS",
	"ScanOptions": "PFP_FS_EXT",
	"SequenceName": "epfid2d1_104",
	"ImageType": ["ORIGINAL", "PRIMARY", "M", "ND", "NORM", "MOSAIC"],
	"SeriesNumber": 8,
	"AcquisitionTime": "16:17:59.592500",
	"AcquisitionNumber": 1,
	"ImageComments": "Single-band_reference",
	"SliceThickness": 2,
	"SpacingBetweenSlices": 2,
	"SAR": 0.0599614,
	"EchoTime": 0.032,
	"RepetitionTime": 1.44,
	"FlipAngle": 65,
	"PartialFourier": 0.875,
	"BaseResolution": 104,
	"ShimSetting": [
		790,
		4103,
		4418,
		298,
		40,
		131,
		-60,
		-8	],
	"TxRefAmp": 251.662,
	"PhaseResolution": 1,
	"ReceiveCoilName": "Head_32",
	"ReceiveCoilActiveElements": "HEA;HEP",
	"PulseSequenceDetails": "%CustomerSeq%_cmrr_mbep2d_bold",
	"WipMemBlock": "17fbe61f-799d-4225-a8b5-dd6dc6d481d8||Sequence: R016 ve11c/master r/e634e98; Dec 19 2017 11:00:25 by eja",
	"ConsistencyInfo": "N4_VE11C_LATEST_20160120",
	"PercentPhaseFOV": 100,
	"EchoTrainLength": 91,
	"PhaseEncodingSteps": 91,
	"AcquisitionMatrixPE": 104,
	"ReconMatrixPE": 104,
	"BandwidthPerPixelPhaseEncode": 17.17,
	"EffectiveEchoSpacing": 0.000560011,
	"DerivedVendorReportedEchoSpacing": 0.000560011,
	"TotalReadoutTime": 0.0576811,
	"PixelBandwidth": 2290,
	"DwellTime": 2.1e-06,
	"PhaseEncodingDirection": "j-",
	"SliceTiming": [
		0,
		0.08,
		0.1575,
		0.2375,
		0.315,
		0.395,
		0.475,
		0.5525,
		0.6325,
		0.71,
		0.79,
		0.8675,
		0.9475,
		1.025,
		1.105,
		1.1825,
		1.2625,
		1.3425,
		1.42,
		1.5,
		1.5775,
		1.6575,
		1.735,
		1.815,
		1.8925,
		1.9725,
		2.0525,
		2.13,
		2.21,
		2.2875,
		2.3675,
		2.445,
		2.525,
		2.6025,
		2.6825,
		2.7625,
		2.84,
		2.92,
		2.9975,
		3.0775,
		3.155,
		3.235,
		3.3125,
		3.3925,
		3.47,
		3.55,
		3.63,
		3.7075,
		3.7875,
		3.865,
		3.945,
		4.0225,
		4.1025,
		4.18,
		4.26,
		4.34,
		4.4175,
		4.4975,
		4.575,
		4.655,
		4.7325,
		4.8125,
		4.89,
		4.97,
		5.05,
		5.1275,
		5.2075,
		5.285,
		5.365,
		5.4425,
		5.5225,
		5.6	],
	"ImageOrientationPatientDICOM": [
		1,
		0,
		0,
		0,
		1,
		0	],
	"InPlanePhaseEncodingDirectionDICOM": "COL",
	"ConversionSoftware": "dcm2niix",
	"ConversionSoftwareVersion": "v1.0.20190410  GCC4.9.2"
}
