{
	"Modality": "MR",
	"MagneticFieldStrength": 3,
	"ImagingFrequency": 123.257,
	"Manufacturer": "Siemens",
	"ManufacturersModelName": "Prisma_fit",
	"InstitutionName": "Emory_University",
	"InstitutionalDepartmentName": "Department",
	"InstitutionAddress": "Clifton_Rd_NE_1481_Atlanta_GA_US_30322",
	"DeviceSerialNumber": "167016",
	"StationName": "AWP167016",
	"BodyPartExamined": "BRAIN",
	"PatientPosition": "HFS",
	"ProcedureStepDescription": "RISK_MB_COMPARE",
	"SoftwareVersions": "syngo_MR_E11",
	"MRAcquisitionType": "2D",
	"SeriesDescription": "rsfMRI_2mm_iso_MB8_AP",
	"ProtocolName": "rsfMRI_2mm_iso_MB8_AP",
	"ScanningSequence": "EP",
	"SequenceVariant": "SK_SS",
	"ScanOptions": "PFP_FS_EXT",
	"SequenceName": "epfid2d1_104",
	"ImageType": ["ORIGINAL", "PRIMARY", "M", "MB", "ND", "NORM", "MOSAIC"],
	"SeriesNumber": 6,
	"AcquisitionTime": "16:12:4.360000",
	"AcquisitionNumber": 1,
	"ImageComments": "Unaliased_MB8_PE3_LB",
	"SliceThickness": 2,
	"SpacingBetweenSlices": 2,
	"SAR": 0.0680369,
	"EchoTime": 0.032,
	"RepetitionTime": 0.736,
	"FlipAngle": 51,
	"PartialFourier": 0.875,
	"BaseResolution": 104,
	"ShimSetting": [
		790,
		4103,
		4418,
		298,
		40,
		131,
		-60,
		-8	],
	"TxRefAmp": 251.662,
	"PhaseResolution": 1,
	"ReceiveCoilName": "Head_32",
	"ReceiveCoilActiveElements": "HEA;HEP",
	"PulseSequenceDetails": "%CustomerSeq%_cmrr_mbep2d_bold",
	"WipMemBlock": "4577c2c8-c34b-46f0-8c29-4cb65c6f705d||Sequence: R016 ve11c/master r/e634e98; Dec 19 2017 11:00:25 by eja",
	"ConsistencyInfo": "N4_VE11C_LATEST_20160120",
	"MultibandAccelerationFactor": 8,
	"PercentPhaseFOV": 100,
	"EchoTrainLength": 91,
	"PhaseEncodingSteps": 91,
	"AcquisitionMatrixPE": 104,
	"ReconMatrixPE": 104,
	"BandwidthPerPixelPhaseEncode": 16.578,
	"EffectiveEchoSpacing": 0.000580009,
	"DerivedVendorReportedEchoSpacing": 0.000580009,
	"TotalReadoutTime": 0.0597409,
	"PixelBandwidth": 2290,
	"DwellTime": 2.1e-06,
	"PhaseEncodingDirection": "j-",
	"SliceTiming": [
		0,
		0.3975,
		0.0775,
		0.475,
		0.1575,
		0.555,
		0.2375,
		0.635,
		0.3175,
		0,
		0.3975,
		0.0775,
		0.475,
		0.1575,
		0.555,
		0.2375,
		0.635,
		0.3175,
		0,
		0.3975,
		0.0775,
		0.475,
		0.1575,
		0.555,
		0.2375,
		0.635,
		0.3175,
		0,
		0.3975,
		0.0775,
		0.475,
		0.1575,
		0.555,
		0.2375,
		0.635,
		0.3175,
		0,
		0.3975,
		0.0775,
		0.475,
		0.1575,
		0.555,
		0.2375,
		0.635,
		0.3175,
		0,
		0.3975,
		0.0775,
		0.475,
		0.1575,
		0.555,
		0.2375,
		0.635,
		0.3175,
		0,
		0.3975,
		0.0775,
		0.475,
		0.1575,
		0.555,
		0.2375,
		0.635,
		0.3175,
		0,
		0.3975,
		0.0775,
		0.475,
		0.1575,
		0.555,
		0.2375,
		0.635,
		0.3175	],
	"ImageOrientationPatientDICOM": [
		1,
		0,
		0,
		0,
		1,
		0	],
	"InPlanePhaseEncodingDirectionDICOM": "COL",
	"ConversionSoftware": "dcm2niix",
	"ConversionSoftwareVersion": "v1.0.20190410  GCC4.9.2"
}
