{
	"Modality": "MR",
	"MagneticFieldStrength": 3,
	"ImagingFrequency": 123.257,
	"Manufacturer": "Siemens",
	"ManufacturersModelName": "Prisma_fit",
	"InstitutionName": "Emory_University",
	"InstitutionalDepartmentName": "Department",
	"InstitutionAddress": "Clifton_Rd_NE_1481_Atlanta_GA_US_30322",
	"DeviceSerialNumber": "167016",
	"StationName": "AWP167016",
	"BodyPartExamined": "BRAIN",
	"PatientPosition": "HFS",
	"ProcedureStepDescription": "RISK_MB_COMPARE",
	"SoftwareVersions": "syngo_MR_E11",
	"MRAcquisitionType": "2D",
	"SeriesDescription": "rsfMRI_2mm_iso_MB4_AP",
	"ProtocolName": "rsfMRI_2mm_iso_MB4_AP",
	"ScanningSequence": "EP",
	"SequenceVariant": "SK_SS",
	"ScanOptions": "PFP_FS_EXT",
	"SequenceName": "epfid2d1_104",
	"ImageType": ["ORIGINAL", "PRIMARY", "M", "MB", "ND", "NORM", "MOSAIC"],
	"SeriesNumber": 9,
	"AcquisitionTime": "16:18:9.672500",
	"AcquisitionNumber": 1,
	"ImageComments": "Unaliased_MB4_PE3_LB",
	"SliceThickness": 2,
	"SpacingBetweenSlices": 2,
	"SAR": 0.0599614,
	"EchoTime": 0.032,
	"RepetitionTime": 1.44,
	"FlipAngle": 65,
	"PartialFourier": 0.875,
	"BaseResolution": 104,
	"ShimSetting": [
		790,
		4103,
		4418,
		298,
		40,
		131,
		-60,
		-8	],
	"TxRefAmp": 251.662,
	"PhaseResolution": 1,
	"ReceiveCoilName": "Head_32",
	"ReceiveCoilActiveElements": "HEA;HEP",
	"PulseSequenceDetails": "%CustomerSeq%_cmrr_mbep2d_bold",
	"WipMemBlock": "17fbe61f-799d-4225-a8b5-dd6dc6d481d8||Sequence: R016 ve11c/master r/e634e98; Dec 19 2017 11:00:25 by eja",
	"ConsistencyInfo": "N4_VE11C_LATEST_20160120",
	"MultibandAccelerationFactor": 4,
	"PercentPhaseFOV": 100,
	"EchoTrainLength": 91,
	"PhaseEncodingSteps": 91,
	"AcquisitionMatrixPE": 104,
	"ReconMatrixPE": 104,
	"BandwidthPerPixelPhaseEncode": 17.17,
	"EffectiveEchoSpacing": 0.000560011,
	"DerivedVendorReportedEchoSpacing": 0.000560011,
	"TotalReadoutTime": 0.0576811,
	"PixelBandwidth": 2290,
	"DwellTime": 2.1e-06,
	"PhaseEncodingDirection": "j-",
	"SliceTiming": [
		0,
		1.025,
		0.6325,
		0.2375,
		1.2625,
		0.8675,
		0.475,
		0.08,
		1.105,
		0.71,
		0.315,
		1.3425,
		0.9475,
		0.5525,
		0.1575,
		1.1825,
		0.79,
		0.395,
		0,
		1.025,
		0.6325,
		0.2375,
		1.2625,
		0.8675,
		0.475,
		0.08,
		1.105,
		0.71,
		0.315,
		1.3425,
		0.9475,
		0.5525,
		0.1575,
		1.1825,
		0.79,
		0.395,
		0,
		1.025,
		0.6325,
		0.2375,
		1.2625,
		0.8675,
		0.475,
		0.08,
		1.105,
		0.71,
		0.315,
		1.3425,
		0.9475,
		0.5525,
		0.1575,
		1.1825,
		0.79,
		0.395,
		0,
		1.025,
		0.6325,
		0.2375,
		1.2625,
		0.8675,
		0.475,
		0.08,
		1.105,
		0.71,
		0.315,
		1.3425,
		0.9475,
		0.5525,
		0.1575,
		1.1825,
		0.79,
		0.395	],
	"ImageOrientationPatientDICOM": [
		1,
		0,
		0,
		0,
		1,
		0	],
	"InPlanePhaseEncodingDirectionDICOM": "COL",
	"ConversionSoftware": "dcm2niix",
	"ConversionSoftwareVersion": "v1.0.20190410  GCC4.9.2"
}
