{
	"Modality": "MR",
	"MagneticFieldStrength": 3,
	"ImagingFrequency": 123.257,
	"Manufacturer": "Siemens",
	"ManufacturersModelName": "Prisma_fit",
	"InstitutionName": "Emory_University",
	"InstitutionalDepartmentName": "Department",
	"InstitutionAddress": "Clifton_Rd_NE_1481_Atlanta_GA_US_30322",
	"DeviceSerialNumber": "167016",
	"StationName": "AWP167016",
	"BodyPartExamined": "BRAIN",
	"PatientPosition": "HFS",
	"ProcedureStepDescription": "RISK_MB_COMPARE",
	"SoftwareVersions": "syngo_MR_E11",
	"MRAcquisitionType": "2D",
	"SeriesDescription": "rsfMRI_2mm_iso_MB3_AP_SBRef",
	"ProtocolName": "rsfMRI_2mm_iso_MB3_AP",
	"ScanningSequence": "EP",
	"SequenceVariant": "SK_SS",
	"ScanOptions": "PFP_FS_EXT",
	"SequenceName": "epfid2d1_104",
	"ImageType": ["ORIGINAL", "PRIMARY", "M", "ND", "NORM", "MOSAIC"],
	"SeriesNumber": 23,
	"AcquisitionTime": "16:47:46.587500",
	"AcquisitionNumber": 1,
	"ImageComments": "Single-band_reference",
	"SliceThickness": 2,
	"SpacingBetweenSlices": 2,
	"SAR": 0.0569609,
	"EchoTime": 0.032,
	"RepetitionTime": 1.91,
	"FlipAngle": 72,
	"PartialFourier": 0.875,
	"BaseResolution": 104,
	"ShimSetting": [
		790,
		4103,
		4418,
		298,
		40,
		131,
		-60,
		-8	],
	"TxRefAmp": 251.662,
	"PhaseResolution": 1,
	"ReceiveCoilName": "Head_32",
	"ReceiveCoilActiveElements": "HEA;HEP",
	"PulseSequenceDetails": "%CustomerSeq%_cmrr_mbep2d_bold",
	"WipMemBlock": "f899719b-9365-4d2c-922b-e3d16652eb25||Sequence: R016 ve11c/master r/e634e98; Dec 19 2017 11:00:25 by eja",
	"ConsistencyInfo": "N4_VE11C_LATEST_20160120",
	"PercentPhaseFOV": 100,
	"EchoTrainLength": 91,
	"PhaseEncodingSteps": 91,
	"AcquisitionMatrixPE": 104,
	"ReconMatrixPE": 104,
	"BandwidthPerPixelPhaseEncode": 17.17,
	"EffectiveEchoSpacing": 0.000560011,
	"DerivedVendorReportedEchoSpacing": 0.000560011,
	"TotalReadoutTime": 0.0576811,
	"PixelBandwidth": 2290,
	"DwellTime": 2.1e-06,
	"PhaseEncodingDirection": "j-",
	"SliceTiming": [
		0,
		0.08,
		0.1575,
		0.2375,
		0.315,
		0.395,
		0.4725,
		0.55,
		0.63,
		0.7075,
		0.7875,
		0.865,
		0.945,
		1.0225,
		1.1025,
		1.18,
		1.26,
		1.3375,
		1.4175,
		1.495,
		1.575,
		1.6525,
		1.7325,
		1.81,
		1.89,
		1.9675,
		2.0475,
		2.125,
		2.205,
		2.2825,
		2.3625,
		2.44,
		2.52,
		2.5975,
		2.6775,
		2.755,
		2.835,
		2.9125,
		2.9925,
		3.07,
		3.15,
		3.2275,
		3.3075,
		3.385,
		3.465,
		3.5425,
		3.6225,
		3.7,
		3.78,
		3.8575,
		3.9375,
		4.015,
		4.095,
		4.1725,
		4.2525,
		4.33,
		4.41,
		4.4875,
		4.5675,
		4.645,
		4.725,
		4.8025,
		4.8825,
		4.96,
		5.04,
		5.1175,
		5.1975,
		5.275,
		5.355,
		5.4325,
		5.5125,
		5.59	],
	"ImageOrientationPatientDICOM": [
		1,
		0,
		0,
		0,
		1,
		0	],
	"InPlanePhaseEncodingDirectionDICOM": "COL",
	"ConversionSoftware": "dcm2niix",
	"ConversionSoftwareVersion": "v1.0.20190410  GCC4.9.2"
}
