{
	"Modality": "MR",
	"MagneticFieldStrength": 3,
	"ImagingFrequency": 123.257,
	"Manufacturer": "Siemens",
	"ManufacturersModelName": "Prisma_fit",
	"InstitutionName": "Emory_University",
	"InstitutionalDepartmentName": "Department",
	"InstitutionAddress": "Clifton_Rd_NE_1481_Atlanta_GA_US_30322",
	"DeviceSerialNumber": "167016",
	"StationName": "AWP167016",
	"BodyPartExamined": "BRAIN",
	"PatientPosition": "HFS",
	"ProcedureStepDescription": "RISK_MB_COMPARE",
	"SoftwareVersions": "syngo_MR_E11",
	"MRAcquisitionType": "2D",
	"SeriesDescription": "rsfMRI_2mm_iso_MB1_AP",
	"ProtocolName": "rsfMRI_2mm_iso_MB1_AP",
	"ScanningSequence": "EP",
	"SequenceVariant": "SK_SS",
	"ScanOptions": "PFP_FS_EXT",
	"SequenceName": "epfid2d1_104",
	"ImageType": ["ORIGINAL", "PRIMARY", "M", "ND", "NORM", "MOSAIC"],
	"SeriesNumber": 18,
	"AcquisitionTime": "16:41:15.787500",
	"AcquisitionNumber": 1,
	"SliceThickness": 2,
	"SpacingBetweenSlices": 2,
	"SAR": 0.0389266,
	"EchoTime": 0.032,
	"RepetitionTime": 5.67,
	"FlipAngle": 90,
	"PartialFourier": 0.875,
	"BaseResolution": 104,
	"ShimSetting": [
		790,
		4103,
		4418,
		298,
		40,
		131,
		-60,
		-8	],
	"TxRefAmp": 251.662,
	"PhaseResolution": 1,
	"ReceiveCoilName": "Head_32",
	"ReceiveCoilActiveElements": "HEA;HEP",
	"PulseSequenceDetails": "%CustomerSeq%_cmrr_mbep2d_bold",
	"WipMemBlock": "b37a68d9-66a8-4fdd-9ccb-b78b0cf10390||Sequence: R016 ve11c/master r/e634e98; Dec 19 2017 11:00:25 by eja",
	"ConsistencyInfo": "N4_VE11C_LATEST_20160120",
	"PercentPhaseFOV": 100,
	"EchoTrainLength": 91,
	"PhaseEncodingSteps": 91,
	"AcquisitionMatrixPE": 104,
	"ReconMatrixPE": 104,
	"BandwidthPerPixelPhaseEncode": 17.17,
	"EffectiveEchoSpacing": 0.000560011,
	"DerivedVendorReportedEchoSpacing": 0.000560011,
	"TotalReadoutTime": 0.0576811,
	"PixelBandwidth": 2290,
	"DwellTime": 2.1e-06,
	"PhaseEncodingDirection": "j-",
	"SliceTiming": [
		2.825,
		0,
		2.905,
		0.08,
		2.9825,
		0.1575,
		3.06,
		0.235,
		3.14,
		0.315,
		3.2175,
		0.3925,
		3.295,
		0.4725,
		3.375,
		0.55,
		3.4525,
		0.6275,
		3.5325,
		0.7075,
		3.61,
		0.785,
		3.6875,
		0.8625,
		3.7675,
		0.9425,
		3.845,
		1.02,
		3.925,
		1.1,
		4.0025,
		1.1775,
		4.08,
		1.255,
		4.16,
		1.335,
		4.2375,
		1.4125,
		4.3175,
		1.4925,
		4.395,
		1.57,
		4.4725,
		1.6475,
		4.5525,
		1.7275,
		4.63,
		1.805,
		4.7075,
		1.885,
		4.7875,
		1.9625,
		4.865,
		2.04,
		4.945,
		2.12,
		5.0225,
		2.1975,
		5.1,
		2.275,
		5.18,
		2.355,
		5.2575,
		2.4325,
		5.3375,
		2.5125,
		5.415,
		2.59,
		5.4925,
		2.6675,
		5.5725,
		2.7475	],
	"ImageOrientationPatientDICOM": [
		1,
		0,
		0,
		0,
		1,
		0	],
	"InPlanePhaseEncodingDirectionDICOM": "COL",
	"ConversionSoftware": "dcm2niix",
	"ConversionSoftwareVersion": "v1.0.20190410  GCC4.9.2"
}
