{
	"RepetitionTime": 2.5,
	"TaskName": "OP",
	"Manufacturer": "Siemens",
	"ManufacturerModelName": "MAGNETOM Verio",
	"MagneticFieldStrength": 3,
	"HardcopyDeviceSoftwareVersion": "syngo MR B17",
	"ReceiveCoilName": "32-channel head coil (Siemens AG, Erlangen, Germany)",
	"PulseSequenceType": "echo planar",
	"PhaseEncodingDirection": "j-",
	"EffectiveEchoSpacing": 0.0003740633454,
	"EchoTime": 0.030,
	"SliceTiming": [
		2.45,
		2.39,
		2.33,
		2.27,
		2.21,
		2.152,
		2.092,
		2.032,
		1.972,
		1.912,
		1.852,
		1.792,
		1.732,
		1.672,
		1.615,
		1.555,
		1.495,
		1.435,
		1.375,
		1.315,
		1.255,
		1.195,
		1.135,
		1.075,
		1.017,
		0.957,
		0.897,
		0.837,
		0.777,
		0.718,
		0.657,
		0.597,
		0.537,
		0.477,
		0.42,
		0.36,
		0.3,
		0.24,
		0.18,
		0.12,
		0.06,
		0.0
	],
	"SliceEncodingDirection": "k",
	"FlipAngle": 83
}
