{
    "Manufacturer": "BrainVision ActiChamp",
    "EEGReference": "FCz",
	"InstitutionName": "University of Sydney",
	"PowerLineFrequency": 50,
	"SamplingFrequency": 100,
    "EEGChannelCount": 64,
    "EOGChannelCount": 0,
    "ECGChannelCount": 0,
    "EMGChannelCount": 0,
    "SoftwareFilters": "n/a",
	"TaskName": "food"
}
