{
	"TaskName": "study phase",
	"Modality": "MR",
	"MagneticFieldStrength": 3,
	"Manufacturer": "Siemens",
	"ManufacturersModelName": "Skyra",
	"InstitutionName": "Princeton_University_-_Neuroscience_Institute",
	"StationName": "AWP45031",
	"BodyPartExamined": "BRAIN",
	"PatientPosition": "HFS",
	"SoftwareVersions": "syngo_MR_D11",
	"MRAcquisitionType": "2D",
	"ScanningSequence": "EP",
	"SequenceVariant": "SK",
	"ScanOptions": "FS",
	"ImageType": ["ORIGINAL", "PRIMARY", "M", "ND", "NORM", "MOSAIC"],
	"SeriesNumber": 4,
	"AcquisitionNumber": 1,
	"SliceThickness": 3,
	"SpacingBetweenSlices": 3,
	"SAR": 0.0822539,
	"EchoTime": 0.03,
	"RepetitionTime": 2,
	"FlipAngle": 71,
	"PartialFourier": 1,
	"BaseResolution": 128,
	"ShimSetting": [
		3201,
		10502,
		10022,
		656,
		-347,
		90,
		634,
		-15	],
	"TxRefAmp": 370.115,
	"PhaseResolution": 1,
	"ReceiveCoilName": "HeadNeck_20",
	"ReceiveCoilActiveElements": "HE1-4",
	"PulseSequenceDetails": "%SiemensSeq%_ep2d_bold",
	"PercentPhaseFOV": 90.625,
	"EchoTrainLength": 58,
	"PhaseEncodingSteps": 116,
	"AcquisitionMatrixPE": 116,
	"ReconMatrixPE": 116,
	"BandwidthPerPixelPhaseEncode": 23.946,
	"ParallelReductionFactorInPlane": 2,
	"EffectiveEchoSpacing": 0.000360005,
	"DerivedVendorReportedEchoSpacing": 0.000720011,
	"TotalReadoutTime": 0.0414006,
	"PixelBandwidth": 1565,
	"DwellTime": 2.5e-06,
	"PhaseEncodingDirection": "j-",
	"SliceTiming": [
		1,
		0,
		1.065,
		0.065,
		1.1325,
		0.1325,
		1.2,
		0.2,
		1.265,
		0.265,
		1.3325,
		0.3325,
		1.4,
		0.4,
		1.465,
		0.465,
		1.5325,
		0.5325,
		1.6,
		0.6,
		1.665,
		0.665,
		1.7325,
		0.7325,
		1.8,
		0.8,
		1.865,
		0.865,
		1.9325,
		0.9325	],
	"ImageOrientationPatientDICOM": [
		1,
		0,
		0,
		0,
		0.944376,
		0.328867	],
	"InPlanePhaseEncodingDirectionDICOM": "COL",
	"ConversionSoftware": "dcm2niix",
	"ConversionSoftwareVersion": "v1.0.20180518 GCC4.8.5"
}
