{
	"Modality": "MR",
	"MagneticFieldStrength": 6.98,
	"ImagingFrequency": 297.23,
	"Manufacturer": "Siemens",
	"ManufacturersModelName": "Investigational_Device_7T",
	"InstitutionName": "Robarts_Reserch_Institute",
	"InstitutionalDepartmentName": "Department",
	"InstitutionAddress": "Richmond_Street_North_1151_London_409EF2_Ontario_CA_N6A_5B7",
	"DeviceSerialNumber": "18932",
	"StationName": "MASTER",
	"SoftwareVersions": "syngo_MR_B17",
	"MRAcquisitionType": "2D",
	"SeriesDescription": "mbep2d_bold_mb2_p3_AP_2iso",
	"ProtocolName": "mbep2d_bold_mb2_p3_AP_2iso",
	"ScanningSequence": "EP",
	"SequenceVariant": "SK_SS",
	"ScanOptions": "PFP_FS",
	"SequenceName": "epfid2d1_104",
	"ImageType": ["ORIGINAL", "PRIMARY", "M", "MB", "ND", "MOSAIC"],
	"ImageComments": "Unaliased_MB2_PE2",
	"SliceThickness": 2,
	"SpacingBetweenSlices": 2,
	"EchoTime": 0.02,
	"RepetitionTime": 1,
	"FlipAngle": 30,
	"PartialFourier": 0.875,
	"BaseResolution": 104,
	"ShimSetting": [
		-90,
		1936,
		226,
		-495,
		239,
		-235,
		-364,
		-59	],
	"TxRefAmp": 120,
	"PhaseResolution": 1,
	"ReceiveCoilName": "CFMM_8Tx32Rx",
	"CoilString": "C:E1_2",
	"PulseSequenceDetails": "%CustomerSeq%_cmrr_mbep2d_bold",
	"RefLinesPE": 36,
	"MultibandAccelerationFactor": 2,
	"PercentPhaseFOV": 100,
	"PercentSampling": 100,
	"PhaseEncodingSteps": 91,
	"AcquisitionMatrixPE": 104,
	"ReconMatrixPE": 104,
	"BandwidthPerPixelPhaseEncode": 43.054,
	"ParallelReductionFactorInPlane": 3,
	"EffectiveEchoSpacing": 0.000223333,
	"DerivedVendorReportedEchoSpacing": 0.000669999,
	"TotalReadoutTime": 0.0230033,
	"PixelBandwidth": 1717,
	"DwellTime": 2.8e-06,
	"PhaseEncodingDirection": "j-",
	"SliceTiming": [
		0,
		0.2275,
		0.455,
		0.6825,
		0.91,
		0.135,
		0.365,
		0.5925,
		0.82,
		0.045,
		0.2725,
		0.5,
		0.73,
		0.9575,
		0.1825,
		0.41,
		0.6375,
		0.865,
		0.09,
		0.3175,
		0.5475,
		0.775,
		0,
		0.2275,
		0.455,
		0.6825,
		0.91,
		0.135,
		0.365,
		0.5925,
		0.82,
		0.045,
		0.2725,
		0.5,
		0.73,
		0.9575,
		0.1825,
		0.41,
		0.6375,
		0.865,
		0.09,
		0.3175,
		0.5475,
		0.775	],
	"ImageOrientationPatientDICOM": [
		1,
		-1e-16,
		0,
		1e-16,
		0.991894,
		-0.127065	],
	"InPlanePhaseEncodingDirectionDICOM": "COL",
	"ConversionSoftware": "dcm2niix",
	"ConversionSoftwareVersion": "v1.0.20200331",
	"TaskName": "motorseq"
}
