{
  "AcquisitionMatrixPE": 92,
  "AcquisitionNumber": 1,
  "AcquisitionTime": "15:21:23.587500",
  "BandwidthPerPixelPhaseEncode": 20.678,
  "BaseResolution": 90,
  "BodyPartExamined": "BRAIN",
  "ConsistencyInfo": "N4_VE11C_LATEST_20160120",
  "ConversionSoftware": "dcm2niix",
  "ConversionSoftwareVersion": "v1.0.20181125  GCC6.3.0",
  "DerivedVendorReportedEchoSpacing": 0.000525658,
  "DeviceSerialNumber": "166018",
  "DwellTime": 2.1e-06,
  "EchoTime": 0.03,
  "EchoTrainLength": 93,
  "EffectiveEchoSpacing": 0.000525658,
  "FlipAngle": 55,
  "ImageComments": "Unaliased_MB6_PE3_LB",
  "ImageOrientationPatientDICOM": [1, 0, 0, 0, 1, 0],
  "ImageType": [
    "ORIGINAL",
    "PRIMARY",
    "M",
    "MB",
    "ND",
    "MOSAIC"
],
  "ImagingFrequency": 123.191,
  "InPlanePhaseEncodingDirectionDICOM": "COL",
  "InstitutionAddress": "Washington_Place_6_NYC_NYC_US_10003",
  "InstitutionName": "NYU_Center_for_Brain_Imaging",
  "InstitutionalDepartmentName": "Department",
  "MRAcquisitionType": "2D",
  "MagneticFieldStrength": 3,
  "Manufacturer": "Siemens",
  "ManufacturersModelName": "Prisma",
  "Modality": "MR",
  "MultibandAccelerationFactor": 6,
  "PartialFourier": 1,
  "PatientPosition": "HFS",
  "PercentPhaseFOV": 102.222,
  "PhaseEncodingDirection": "j",
  "PhaseEncodingSteps": 93,
  "PhaseResolution": 1,
  "PixelBandwidth": 2645,
  "ProcedureStepDescription": "Investigators_Castellanos",
  "ProtocolName": "Inscapes",
  "PulseSequenceDetails": "%CustomerSeq%_cmrr_mbep2d_bold",
  "ReceiveCoilActiveElements": "HEA;HEP",
  "ReceiveCoilName": "Head_32",
  "ReconMatrixPE": 92,
  "RepetitionTime": 0.8,
  "SAR": 0.138229,
  "ScanOptions": "FS",
  "ScanningSequence": "EP",
  "SequenceName": "epfid2d1_92",
  "SequenceVariant": "SK_SS_OSP",
  "SeriesDescription": "Inscapes",
  "SeriesNumber": 8,
  "ShimSetting": [268, -12552, -8557, 293, 77, -33, 75, 28],
  "SliceThickness": 2.4,
  "SliceTiming": [0, 0.425, 0.07, 0.4975, 0.1425, 0.5675, 0.2125, 0.6375, 0.285, 0.71, 0.355, 0, 0.425, 0.07, 0.4975, 0.1425, 0.5675, 0.2125, 0.6375, 0.285, 0.71, 0.355, 0, 0.425, 0.07, 0.4975, 0.1425, 0.5675, 0.2125, 0.6375, 0.285, 0.71, 0.355, 0, 0.425, 0.07, 0.4975, 0.1425, 0.5675, 0.2125, 0.6375, 0.285, 0.71, 0.355, 0, 0.425, 0.07, 0.4975, 0.1425, 0.5675, 0.2125, 0.6375, 0.285, 0.71, 0.355, 0, 0.425, 0.07, 0.4975, 0.1425, 0.5675, 0.2125, 0.6375, 0.285, 0.71, 0.355],
  "SoftwareVersions": "syngo_MR_E11",
  "SpacingBetweenSlices": 2.4,
  "StationName": "AWP166018",
  "TaskName": "TODO: full task name for inscapes",
  "TotalReadoutTime": 0.0478349,
  "TxRefAmp": 211.734,
  "WipMemBlock": "2e7677a9-d725-4e3e-ae88-2678b6695ae4||Sequence: R016 ve11c/master r/8780670; Nov 27 2017 15:05:12 by eja"
}