{
  "AcquisitionMatrixPE": 92,
  "AcquisitionNumber": 1,
  "BandwidthPerPixelPhaseEncode": 20.678,
  "BaseResolution": 90,
  "BodyPartExamined": "BRAIN",
  "ConsistencyInfo": "N4_VE11C_LATEST_20160120",
  "ConversionSoftware": "dcm2niix",
  "DerivedVendorReportedEchoSpacing": 0.000525658,
  "DeviceSerialNumber": "166018",
  "DwellTime": 2.1e-06,
  "EchoTime": 0.03,
  "EchoTrainLength": 93,
  "EffectiveEchoSpacing": 0.000525658,
  "FlipAngle": 55,
  "ImageComments": "Unaliased_MB6_PE3_LB",
  "ImageType": [
    "ORIGINAL",
    "PRIMARY",
    "M",
    "MB",
    "ND",
    "MOSAIC"
],
  "ImagingFrequency": 123.191,
  "InPlanePhaseEncodingDirectionDICOM": "COL",
  "InstitutionAddress": "Washington_Place_6_NYC_NYC_US_10003",
  "InstitutionalDepartmentName": "Department",
  "MRAcquisitionType": "2D",
  "MagneticFieldStrength": 3,
  "Manufacturer": "Siemens",
  "ManufacturersModelName": "Prisma",
  "Modality": "MR",
  "MultibandAccelerationFactor": 6,
  "PartialFourier": 1,
  "PatientPosition": "HFS",
  "PercentPhaseFOV": 102.222,
  "PhaseEncodingDirection": "j",
  "PhaseEncodingSteps": 93,
  "PhaseResolution": 1,
  "PixelBandwidth": 2645,
  "ProtocolName": "Films",
  "PulseSequenceDetails": "%CustomerSeq%_cmrr_mbep2d_bold",
  "ReceiveCoilActiveElements": "HEA;HEP",
  "ReceiveCoilName": "Head_32",
  "ReconMatrixPE": 92,
  "RepetitionTime": 0.8,
  "ScanOptions": "FS",
  "ScanningSequence": "EP",
  "SequenceName": "epfid2d1_92",
  "SequenceVariant": "SK_SS_OSP",
  "SeriesDescription": "Films",
  "SliceThickness": 2.4,
  "SoftwareVersions": "syngo_MR_E11",
  "SpacingBetweenSlices": 2.4,
  "StationName": "AWP166018",
  "TaskName": "TODO: full task name for films",
  "TotalReadoutTime": 0.0478349}