{
	"MagneticFieldStrength": 1.5,
	"ImagingFrequency": 63.6572,
	"Manufacturer": "Siemens",
	"ManufacturersModelName": "Avanto",
	"SoftwareVersions": "syngo_MR_B19",
	"SeriesDescription": "t1_mpr_ns_sag_p2_iso",
	"ProtocolName": "t1_mpr_ns_sag_p2_iso",
	"ScanningSequence": "GR_IR",
	"SequenceVariant": "SP_MP_OSP",
	"ScanOptions": "IR",
	"SequenceName": "_tfl3d1_ns",
	"SliceThickness": 1,
	"EchoTime": 0.00291,
	"RepetitionTime": 1.9,
	"InversionTime": 1.1,
	"FlipAngle": 15,
	"PartialFourier": 1,
	"BaseResolution": 256,
	"PhaseResolution": 0.96,
	"PhaseOversampling": 0.25,
	"ReceiveCoilName": "NeckMatrix",
	"CoilString": "T:HE1-4;NE2",
	"PulseSequenceDetails": "%SiemensSeq%_tfl",
	"PercentPhaseFOV": 100,
	"PhaseEncodingSteps": 307,
	"AcquisitionMatrixPE": 246,
	"ReconMatrixPE": 256,
	"PixelBandwidth": 130,
	"DwellTime": 1.5e-05
}
