{
	"TaskName": "language",	
	"Modality": "MR",
	"MagneticFieldStrength": 3,
	"Manufacturer": "Siemens",
	"ManufacturersModelName": "Skyra",
	"BodyPartExamined": "HEAD",
	"PatientPosition": "HFS",
	"ProcedureStepDescription": "MRIBRNWWO",
	"SoftwareVersions": "syngo_MR_E11",
	"MRAcquisitionType": "2D",
	"ScanningSequence": "EP",
	"SequenceVariant": "SK",
	"ScanOptions": "FS",
	"SequenceName": "_epfid2d1_94",
	"ImageType": ["ORIGINAL", "PRIMARY", "M", "ND", "MOSAIC"],
	"AcquisitionNumber": 1,
	"SliceThickness": 2,
	"SpacingBetweenSlices": 2.5,
	"SAR": 0.102446,
	"EchoTime": 0.03,
	"RepetitionTime": 4,
	"FlipAngle": 90,
	"PartialFourier": 1,
	"BaseResolution": 94,
	"ShimSetting": [
		3745,
		1343,
		-11993,
		815,
		-1139,
		-979,
		410,
		19	],
	"TxRefAmp": 342.921,
	"PhaseResolution": 1,
	"ReceiveCoilName": "Head_32",
	"ReceiveCoilActiveElements": "HEA;HEP",
	"PulseSequenceDetails": "%SiemensSeq%_ep2d_pace",
	"ConsistencyInfo": "N4_VE11A_LATEST_20140830",
	"PercentPhaseFOV": 100,
	"EchoTrainLength": 47,
	"PhaseEncodingSteps": 94,
	"AcquisitionMatrixPE": 94,
	"ReconMatrixPE": 94,
	"BandwidthPerPixelPhaseEncode": 32.733,
	"ParallelReductionFactorInPlane": 2,
	"EffectiveEchoSpacing": 0.000325002,
	"DerivedVendorReportedEchoSpacing": 0.000650004,
	"TotalReadoutTime": 0.0302252,
	"PixelBandwidth": 1775,
	"DwellTime": 3e-06,
	"PhaseEncodingDirection": "j-",
	"SliceTiming": [
		0,
		2.03,
		0.08,
		2.1125,
		0.1625,
		2.1925,
		0.2425,
		2.275,
		0.325,
		2.355,
		0.405,
		2.4375,
		0.4875,
		2.5175,
		0.5675,
		2.6,
		0.65,
		2.68,
		0.73,
		2.76,
		0.8125,
		2.8425,
		0.8925,
		2.9225,
		0.975,
		3.005,
		1.055,
		3.085,
		1.1375,
		3.1675,
		1.2175,
		3.2475,
		1.3,
		3.33,
		1.38,
		3.41,
		1.4625,
		3.4925,
		1.5425,
		3.5725,
		1.625,
		3.655,
		1.705,
		3.735,
		1.7875,
		3.8175,
		1.8675,
		3.8975,
		1.95	],
	"ImageOrientationPatientDICOM": [
		0.999835,
		0.0171152,
		-0.00615511,
		-0.0176267,
		0.995239,
		-0.0958566	],
	"InPlanePhaseEncodingDirectionDICOM": "COL",
	"ConversionSoftware": "dcm2niix",
	"ConversionSoftwareVersion": "v1.0.20180622 (JP2:OpenJPEG) (JP-LS:CharLS) GCC5.5.0",
	"Instructions": "When the MRI starts, close your eyes and relax. Part of the time you will hear spoken words and part of the time you will heae silence. Keep your eyes closed the whole time."
}
