{
	"Modality": "MR",
	"TaskName": "Adaptation",
	"MagneticFieldStrength": 3,
	"Manufacturer": "Siemens",
	"ManufacturersModelName": "Prisma_fit",
	"InstitutionName": "Robarts_Research_Institute",
	"InstitutionalDepartmentName": "CFMM",
	"InstitutionAddress": "Perth_Drive_100_London_Ontario_CA_N6A_5K8",
	"DeviceSerialNumber": "67007",
	"StationName": "MRC35368",
	"BodyPartExamined": "BRAIN",
	"PatientPosition": "HFS",
	"ProcedureStepDescription": "Ansari_NCNS",
	"SoftwareVersions": "syngo_MR_E11",
	"MRAcquisitionType": "2D",
	"SliceThickness": 2.5,
	"SpacingBetweenSlices": 2.5,
	"RepetitionTime": 1
}
	