{
	"Modality": "MR",
	"MagneticFieldStrength": 3,
	"ImagingFrequency": 123.227,
	"Manufacturer": "Siemens",
	"ManufacturersModelName": "TrioTim",
	"InstitutionName": "CUBIC_MRI_Unit",
	"InstitutionalDepartmentName": "Department",
	"InstitutionAddress": "Street_StreetNo_Egham_SE_GB_TW20_0EX",
	"DeviceSerialNumber": "35080",
	"StationName": "MRC35080",
	"PatientPosition": "HFS",
	"ProcedureStepDescription": "Holloway_Nick",
	"SoftwareVersions": "syngo_MR_B17",
	"MRAcquisitionType": "3D",
	"SeriesDescription": "t1_mpr_sag_iso",
	"ProtocolName": "t1_mpr_sag_iso",
	"ScanningSequence": "GR_IR",
	"SequenceVariant": "SP_MP",
	"ScanOptions": "IR",
	"SequenceName": "_tfl3d1_ns",
	"ImageType": ["ORIGINAL", "PRIMARY", "M", "ND", "NORM"],
	"SeriesNumber": 6,
	"AcquisitionTime": "11:39:37.580000",
	"AcquisitionNumber": 1,
	"SliceThickness": 1,
	"SAR": 0.141409,
	"EchoTime": 0.00303,
	"RepetitionTime": 1.9,
	"InversionTime": 1.1,
	"FlipAngle": 11,
	"PartialFourier": 1,
	"BaseResolution": 256,
	"ShimSetting": [
		-7921,
		-28882,
		-11432,
		63,
		-24,
		2,
		-50,
		-33	],
	"TxRefAmp": 322.5,
	"PhaseResolution": 1,
	"ReceiveCoilName": "32Ch_Head",
	"CoilString": "C:HEA;HEP",
	"PulseSequenceDetails": "%SiemensSeq%_tfl",
	"RefLinesPE": 64,
	"PercentPhaseFOV": 100,
	"PhaseEncodingSteps": 255,
	"AcquisitionMatrixPE": 256,
	"ReconMatrixPE": 256,
	"ParallelReductionFactorInPlane": 2,
	"PixelBandwidth": 130,
	"DwellTime": 1.5e-05,
	"ImageOrientationPatientDICOM": [
		0.00523881,
		0.999986,
		1.40474e-08,
		-0.0261716,
		0.000137124,
		-0.999657	],
	"InPlanePhaseEncodingDirectionDICOM": "ROW",
	"ConversionSoftware": "dcm2niix",
	"ConversionSoftwareVersion": "v1.0.20190902"
}
