{
	"TaskName": "Caricatures",
	"Modality": "MR",
	"MagneticFieldStrength": 3,
	"ImagingFrequency": 123.227,
	"Manufacturer": "Siemens",
	"ManufacturersModelName": "TrioTim",
	"InstitutionName": "CUBIC_MRI_Unit",
	"InstitutionalDepartmentName": "Department",
	"InstitutionAddress": "Street_StreetNo_Egham_SE_GB_TW20_0EX",
	"DeviceSerialNumber": "35080",
	"StationName": "MRC35080",
	"PatientPosition": "HFS",
	"ProcedureStepDescription": "Holloway_Nick",
	"SoftwareVersions": "syngo_MR_B17",
	"MRAcquisitionType": "2D",
	"SeriesDescription": "MB_2x2x2_Cars",
	"ProtocolName": "MB_2x2x2_Cars",
	"ScanningSequence": "EP",
	"SequenceVariant": "SK_SS",
	"ScanOptions": "FS",
	"SequenceName": "epfid2d1_90",
	"ImageType": ["ORIGINAL", "PRIMARY", "M", "MB", "ND", "MOSAIC"],
	"SeriesNumber": 2,
	"AcquisitionTime": "11:01:4.080000",
	"AcquisitionNumber": 1,
	"ImageComments": "Unaliased_MB4_PE3",
	"SliceThickness": 2,
	"SpacingBetweenSlices": 2,
	"SAR": 0.0692744,
	"EchoTime": 0.0368,
	"RepetitionTime": 1.2,
	"FlipAngle": 30,
	"PartialFourier": 1,
	"BaseResolution": 104,
	"ShimSetting": [
		-7890,
		-28842,
		-10975,
		1256,
		-8,
		362,
		-70,
		-172	],
	"TxRefAmp": 322.5,
	"PhaseResolution": 1,
	"ReceiveCoilName": "32Ch_Head",
	"CoilString": "C:HEA;HEP",
	"PulseSequenceDetails": "%CustomerSeq%_cmrr_mbep2d_bold",
	"MultibandAccelerationFactor": 4,
	"PercentPhaseFOV": 86.5385,
	"PhaseEncodingSteps": 90,
	"AcquisitionMatrixPE": 90,
	"ReconMatrixPE": 90,
	"BandwidthPerPixelPhaseEncode": 16.103,
	"EffectiveEchoSpacing": 0.000690003,
	"DerivedVendorReportedEchoSpacing": 0.000690003,
	"TotalReadoutTime": 0.0614102,
	"PixelBandwidth": 2289,
	"DwellTime": 2.1e-06,
	"PhaseEncodingDirection": "j-",
	"SliceTiming": [
		0,
		0.2575,
		0.515,
		0.7725,
		1.0325,
		0.085,
		0.3425,
		0.6025,
		0.86,
		1.1175,
		0.17,
		0.43,
		0.6875,
		0.945,
		0,
		0.2575,
		0.515,
		0.7725,
		1.0325,
		0.085,
		0.3425,
		0.6025,
		0.86,
		1.1175,
		0.17,
		0.43,
		0.6875,
		0.945,
		0,
		0.2575,
		0.515,
		0.7725,
		1.0325,
		0.085,
		0.3425,
		0.6025,
		0.86,
		1.1175,
		0.17,
		0.43,
		0.6875,
		0.945,
		0,
		0.2575,
		0.515,
		0.7725,
		1.0325,
		0.085,
		0.3425,
		0.6025,
		0.86,
		1.1175,
		0.17,
		0.43,
		0.6875,
		0.945	],
	"ImageOrientationPatientDICOM": [
		0.999995,
		-0.00137616,
		-0.0029095,
		-3.77682e-08,
		0.903976,
		-0.427584	],
	"InPlanePhaseEncodingDirectionDICOM": "COL",
	"ConversionSoftware": "dcm2niix",
	"ConversionSoftwareVersion": "v1.0.20190902"
}
