{
	  "TaskName": "Decision-making task",
	"Modality": "MR",
	"MagneticFieldStrength": 3,
	"Manufacturer": "Siemens",
	"ManufacturersModelName": "Skyra",
	"InstitutionName": "Princeton_University_-_Neuroscience_Institute",
	"InstitutionalDepartmentName": "Department",
	"BodyPartExamined": "HEAD",
	"PatientPosition": "HFS",
	"SoftwareVersions": "syngo_MR_D13",
	"MRAcquisitionType": "2D",
	"ScanningSequence": "EP",
	"SequenceVariant": "SK_OSP",
	"ScanOptions": "FS",
	"SequenceName": "_epfid2d1_59",
	"ImageType": ["ORIGINAL", "PRIMARY", "M", "ND", "NORM", "MOSAIC"],
	"SliceThickness": 2.5,
	"SpacingBetweenSlices": 3,
	"SAR": 0.131919,
	"EchoTime": 0.027,
	"RepetitionTime": 2.4,
	"FlipAngle": 71,
	"PartialFourier": 1,
	"BaseResolution": 66,
	"ShimSetting": [
		3387,
		8549,
		9479,
		596,
		80,
		-258,
		731,
		234	],
	"TxRefAmp": 367.586,
	"PhaseResolution": 0.9,
	"ReceiveCoilName": "HeadNeck_20",
	"ReceiveCoilActiveElements": "HE1-4",
	"PulseSequenceDetails": "%SiemensSeq%_ep2d_pace",
	"ConsistencyInfo": "N4_VD13A_LATEST_20120616",
	"PercentPhaseFOV": 100,
	"EchoTrainLength": 29,
	"PhaseEncodingSteps": 59,
	"AcquisitionMatrixPE": 59,
	"ReconMatrixPE": 66,
	"BandwidthPerPixelPhaseEncode": 49.18,
	"ParallelReductionFactorInPlane": 2,
	"EffectiveEchoSpacing": 0.000308083,
	"DerivedVendorReportedEchoSpacing": 0.000616166,
	"TotalReadoutTime": 0.0200254,
	"PixelBandwidth": 1895,
	"DwellTime": 4e-06,
	"PhaseEncodingDirection": "j-",
	"SliceTiming": [
		1.19,
		0,
		1.24,
		0.05,
		1.2925,
		0.1025,
		1.345,
		0.155,
		1.395,
		0.2075,
		1.4475,
		0.2575,
		1.5,
		0.31,
		1.5525,
		0.3625,
		1.6025,
		0.4125,
		1.655,
		0.465,
		1.7075,
		0.5175,
		1.7575,
		0.5675,
		1.81,
		0.62,
		1.8625,
		0.6725,
		1.9125,
		0.7225,
		1.965,
		0.775,
		2.0175,
		0.8275,
		2.0675,
		0.88,
		2.12,
		0.93,
		2.1725,
		0.9825,
		2.2225,
		1.035,
		2.275,
		1.085,
		2.3275,
		1.1375	],
	"ImageOrientationPatientDICOM": [
		1,
		0,
		0,
		0,
		0.998719,
		-0.0505929	],
	"InPlanePhaseEncodingDirectionDICOM": "COL",
	"ConversionSoftware": "dcm2niix",
	"ConversionSoftwareVersion": "v1.0.20180518 GCC4.8.5"
}
