{
  "AcquisitionMatrixPE": 128,
  "AcquisitionNumber": 1,
  "BandwidthPerPixelPhaseEncode": 20.292,
  "BaseResolution": 128,
  "BodyPartExamined": "BRAIN",
  "CogAtlasID": "http://www.cognitiveatlas.org/task/id/TODO",
  "ConversionSoftware": "dcm2niix",
  "ConversionSoftwareVersion": "v1.0.20190410  GCC6.3.0",
  "DerivedVendorReportedEchoSpacing": 0.000770008,
  "DeviceSerialNumber": "45239",
  "DwellTime": 2.6e-06,
  "EchoTime": 0.03,
  "EchoTrainLength": 55,
  "EffectiveEchoSpacing": 0.000385004,
  "FlipAngle": 73,
  "ImageComments": "Unaliased_MB3_PE4_LB_SENSE1",
  "ImageType": [
    "ORIGINAL",
    "PRIMARY",
    "M",
    "MB",
    "ND",
    "MOSAIC"
],
  "InPlanePhaseEncodingDirectionDICOM": "COL",
  "InstitutionAddress": "E_24th_St._100_Austin_Southmiddle_US_78712",
  "InstitutionName": "The_Univ._of_Texas_at_Austin_IRC",
  "InstitutionalDepartmentName": "IRC",
  "MRAcquisitionType": "2D",
  "MagneticFieldStrength": 3,
  "Manufacturer": "Siemens",
  "ManufacturersModelName": "Skyra",
  "Modality": "MR",
  "MultibandAccelerationFactor": 3,
  "ParallelReductionFactorInPlane": 2,
  "PartialFourier": 0.875,
  "PatientPosition": "HFS",
  "PercentPhaseFOV": 100,
  "PhaseEncodingDirection": "j-",
  "PhaseEncodingSteps": 111,
  "PhaseResolution": 1,
  "PixelBandwidth": 1500,
  "ProcedureStepDescription": "Preston_fMRI",
  "ProtocolName": "functional_run",
  "PulseSequenceDetails": "%CustomerSeq%_cmrr_mbep2d_bold",
  "ReceiveCoilActiveElements": "HEA;HEP",
  "ReceiveCoilName": "Head_32",
  "ReconMatrixPE": 128,
  "RefLinesPE": 92,
  "RepetitionTime": 2,
  "ScanOptions": "PFP_FS",
  "ScanningSequence": "EP",
  "SequenceName": "epfid2d1_128",
  "SequenceVariant": "SK_SS",
  "SeriesDescription": "functional_run",
  "SliceThickness": 1.7,
  "SoftwareVersions": "syngo_MR_E11",
  "SpacingBetweenSlices": 1.7,
  "StationName": "AWP45239",
  "TaskName": "Structured object sequences",
  "TotalReadoutTime": 0.0488955}
