{
	"TaskName": "beads",
	"Manufacturer": "Siemens",
	"ManufacturersModelName": "TrioTim",
	"MagneticFieldStrength": 3,
	"EchoTime": 0.03,
	"EffectiveEchoSpacing": 0.000750024,
	"PhaseEncodingDirection": "j-",
	"SliceThickness": 2,
	"SpacingBetweenSlices": 2,
	"SliceTiming": [
		0,
		1.0875,
		0.67,
		0.2525,
		1.34,
		0.92,
		0.5025,
		0.085,
		1.1725,
		0.7525,
		0.335,
		1.4225,
		1.005,
		0.5875,
		0.1675,
		1.255,
		0.8375,
		0.42,
		0,
		1.0875,
		0.67,
		0.2525,
		1.34,
		0.92,
		0.5025,
		0.085,
		1.1725,
		0.7525,
		0.335,
		1.4225,
		1.005,
		0.5875,
		0.1675,
		1.255,
		0.8375,
		0.42,
		0,
		1.0875,
		0.67,
		0.2525,
		1.34,
		0.92,
		0.5025,
		0.085,
		1.1725,
		0.7525,
		0.335,
		1.4225,
		1.005,
		0.5875,
		0.1675,
		1.255,
		0.8375,
		0.42,
		0,
		1.0875,
		0.67,
		0.2525,
		1.34,
		0.92,
		0.5025,
		0.085,
		1.1725,
		0.7525,
		0.335,
		1.4225,
		1.005,
		0.5875,
		0.1675,
		1.255,
		0.8375,
		0.42	],
	"FlipAngle": 45,
	"RepetitionTime": 1.5,
	"MultibandAccelerationFactor": 4
}

