{
    "Description": "Diffusion-weighted imaging acquisition parameters",
    "InstitutionName": "University of Amsterdam",
    "InstitutionalDepartmentName": "Department of Psychology",
    "InstitutionAddress": "Nieuwe Achtergracht 129B, 1018 WS Amsterdam, The Netherlands",
    "Manufacturer": "Philips",
    "ManufacturersModelName": "Achieva dStream",
    "SoftwareVersions": "5.x",
    "StationName": "MR01",
    "DeviceSerialNumber": "000000",
    "MagneticFieldStrength": 3,
    "PulseSequenceType": "spin echo EPI",
    "ScanningSequence": "SE",
    "SequenceVariant": "SK",
    "ScanOptions": "FS",
    "MRAcquisitionType": "2D",
    "RepetitionTime": 2.529,
    "EchoTime": 0.07544,
    "FlipAngle": 90,
    "EffectiveEchoSpacing": 0.0007933670296871391,
    "TotalReadoutTime": 0.100737,
    "PartialFourier": 0.632,
    "ParallelAcquisitionTechnique": "SENSE",
    "ParallelReductionFactorInPlane": 1.3,
    "MultibandAccelerationFactor": 3,
    "SliceEncodingDirection": "k",
    "NumberOfSlices": 63,
    "SliceThickness": 0.002,
    "SpacingBetweenSlices": 0.002,
    "WaterFatShift": 22.836,
    "FatSuppression": "SPIR",
    "DiffusionScheme": "Monopolar",
    "SkullStripped": false
}
