{
    "Description": "BOLD fMRI data collected during the FOMO video.",
    "RepetitionTime": 1.7,
    "EchoTime": 0.03,
    "SliceTiming": [
        0.0,
        0.0,
        0.0,
        0.0,
        0.113,
        0.113,
        0.113,
        0.113,
        0.227,
        0.227,
        0.227,
        0.227,
        0.34,
        0.34,
        0.34,
        0.34,
        0.453,
        0.453,
        0.453,
        0.453,
        0.567,
        0.567,
        0.567,
        0.567,
        0.68,
        0.68,
        0.68,
        0.68,
        0.793,
        0.793,
        0.793,
        0.793,
        0.907,
        0.907,
        0.907,
        0.907,
        1.02,
        1.02,
        1.02,
        1.02,
        1.133,
        1.133,
        1.133,
        1.133,
        1.247,
        1.247,
        1.247,
        1.247,
        1.36,
        1.36,
        1.36,
        1.36,
        1.473,
        1.473,
        1.473,
        1.473,
        1.587,
        1.587,
        1.587,
        1.587
    ],
    "PhaseEncodingDirection": "j-",
    "EffectiveEchoSpacing": 0.00054,
    "TotalReadoutTime": 0.05994,
    "FlipAngle": 74,
    "MultibandAccelerationFactor": 4,
    "ParallelReductionFactorInPlane": 1.5,
    "EchoTrainLength": 75,
    "AcquisitionMatrixPE": 112,
    "ReconMatrixPE": 112,
    "PixelBandwidth": 2337.5,
    "InPlanePhaseEncodingDirectionDICOM": "COL",
    "MagneticFieldStrength": 3,
    "VoxelSize": [
        2,
        2,
        2
    ],
    "TaskName": "fomo",
    "StimulusPresentation": {
        "OperatingSystem": "Windows 10",
        "SoftwareName": "PsychoPy",
        "SoftwareVersion": "2024.1.0"
    },
    "SkullStripped": false,
    "Manufacturer": "Philips",
    "ManufacturersModelName": "Achieva dStream",
    "InstitutionName": "University of Amsterdam",
    "InstitutionAddress": "Nieuwe Achtergracht 129B, 1018 WS Amsterdam, The Netherlands",
    "InstitutionalDepartmentName": "Department of Psychology",
    "StationName": "MR01",
    "DeviceSerialNumber": "000000",
    "SoftwareVersions": "5.x"
}