{
	"TaskName": "HSU Deception Task",
	"Modality": "MR",
	"MagneticFieldStrength": 3,
	"Manufacturer": "Siemens",
	"ManufacturersModelName": "Prisma",
	"ScanningSequence": "EP",
	"SequenceVariant": "SK",
	"ImageType": ["ORIGINAL", "PRIMARY", "M", "ND", "MOSAIC"],
	"SliceThickness": 4,
	"SpacingBetweenSlices": 4.4,
	"EchoTime": 0.03,
	"RepetitionTime": 2,
	"FlipAngle": 90,
	"BandwidthPerPixelPhaseEncode": 31.888,
	"EffectiveEchoSpacing": 0.00049,
	"TotalReadoutTime": 0.03087,
	"PixelBandwidth": 2365,
	"PhaseEncodingDirection": "j-",
	"SliceTiming": [
		0.99,
		0,
		1.05,
		0.0625,
		1.1125,
		0.1225,
		1.175,
		0.185,
		1.2375,
		0.2475,
		1.2975,
		0.3075,
		1.36,
		0.37,
		1.4225,
		0.4325,
		1.485,
		0.495,
		1.545,
		0.555,
		1.6075,
		0.6175,
		1.67,
		0.68,
		1.7325,
		0.7425,
		1.7925,
		0.8025,
		1.855,
		0.865,
		1.9175,
		0.9275	]
}
