{
	"Modality": "MR",
	"MagneticFieldStrength": 3,
	"ImagingFrequency": 123.257,
	"Manufacturer": "Siemens",
	"ManufacturersModelName": "Prisma_fit",
	"InstitutionName": "Yale University MRRC",
	"InstitutionalDepartmentName": "Department",
	"InstitutionAddress": "Cedar Street 333,New Haven ,Connecticut,US,06510",
	"DeviceSerialNumber": "167087",
	"StationName": "AWP167087",
	"BodyPartExamined": "BRAIN",
	"PatientPosition": "HFS",
	"ProcedureStepDescription": "MRRC Research^SiteProtocols",
	"SoftwareVersions": "syngo MR E11",
	"MRAcquisitionType": "2D",
	"SeriesDescription": "cmrr_mb4_odor",
	"ProtocolName": "cmrr_mb4_odor",
	"ScanningSequence": "EP",
	"SequenceVariant": "SK\\SS",
	"ScanOptions": "PFP\\FS\\EXT",
	"SequenceName": "epfid2d1_128",
	"ImageType": ["ORIGINAL", "PRIMARY", "M", "MB", "ND", "NORM", "MOSAIC"],
	"SeriesNumber": 5,
	"ImageComments": "Unaliased MB4/PE3",
	"SliceThickness": 1.5,
	"SpacingBetweenSlices": 1.5,
	"SAR": 0.115198,
	"EchoTime": 0.04,
	"RepetitionTime": 2.1,
	"FlipAngle": 85,
	"PartialFourier": 0.75,
	"BaseResolution": 128,
	"ShimSetting": [
		-1613,
		3439,
		1642,
		9,
		179,
		-198,
		256,
		53	],
	"TxRefAmp": 322.567,
	"PhaseResolution": 1,
	"ReceiveCoilName": "Head_32",
	"ReceiveCoilActiveElements": "HEA;HEP",
	"PulseSequenceDetails": "%CustomerSeq%\\cmrr_mbep2d_bold",
	"WipMemBlock": "59860405-9ebc-46e9-8c69-275d945c5ab4||Sequence: R016 ve11e/master r/434b28f1; Aug  7 2019 18:53:46 by eja",
	"ConsistencyInfo": "N4_VE11E_LATEST_20181129",
	"MultibandAccelerationFactor": 4,
	"PercentPhaseFOV": 100,
	"PercentSampling": 100,
	"EchoTrainLength": 96,
	"PhaseEncodingSteps": 96,
	"AcquisitionMatrixPE": 128,
	"ReconMatrixPE": 128,
	"BandwidthPerPixelPhaseEncode": 8.401,
	"EffectiveEchoSpacing": 0.000929949,
	"DerivedVendorReportedEchoSpacing": 0.000929949,
	"TotalReadoutTime": 0.118103,
	"PixelBandwidth": 1500,
	"DwellTime": 2.6e-06,
	"PhaseEncodingDirection": "j-",
	"SliceTiming": [
		0,
		1.5,
		0.9225,
		0.345,
		1.8475,
		1.27,
		0.6925,
		0.115,
		1.6175,
		1.04,
		0.4625,
		1.9625,
		1.385,
		0.8075,
		0.23,
		1.7325,
		1.155,
		0.5775,
		0,
		1.5,
		0.9225,
		0.345,
		1.8475,
		1.27,
		0.6925,
		0.115,
		1.6175,
		1.04,
		0.4625,
		1.9625,
		1.385,
		0.8075,
		0.23,
		1.7325,
		1.155,
		0.5775,
		0,
		1.5,
		0.9225,
		0.345,
		1.8475,
		1.27,
		0.6925,
		0.115,
		1.6175,
		1.04,
		0.4625,
		1.9625,
		1.385,
		0.8075,
		0.23,
		1.7325,
		1.155,
		0.5775,
		0,
		1.5,
		0.9225,
		0.345,
		1.8475,
		1.27,
		0.6925,
		0.115,
		1.6175,
		1.04,
		0.4625,
		1.9625,
		1.385,
		0.8075,
		0.23,
		1.7325,
		1.155,
		0.5775	],
	"ImageOrientationPatientDICOM": [
		1,
		0,
		0,
		0,
		0.743145,
		-0.669131	],
	"InPlanePhaseEncodingDirectionDICOM": "COL",
	"ConversionSoftware": "dcm2niix",
	"ConversionSoftwareVersion": "v1.0.20201102",
	"TaskName": "odor"
}
