{
  "TaskName": "Open Speech Production",
  "TaskDescription": "Participants vocalize visually presented text naturally. Text stimuli include sentences from JSUT corpus, novel excerpts, and game dialogues.",
  "Instructions": "Read the presented text aloud naturally at a comfortable pace. Speak clearly and naturally as you would in normal conversation.",
  "InstitutionName": "Araya Inc.",
  "InstitutionAddress": "Tokyo, Japan",
  "Manufacturer": "g.tec medical engineering GmbH",
  "ManufacturersModelName": "g.Pangolin",
  "SoftwareVersions": "n/a",
  "DeviceSerialNumber": "n/a",
  "CapManufacturer": "g.tec medical engineering GmbH",
  "CapManufacturersModelName": "g.Pangolin",
  "ECGChannelCount": 0,
  "PowerLineFrequency": 50,
  "EEGPlacementScheme": "Custom left-hemisphere-dominant subset from a high-density g.Pangolin grid",
  "EEGReference": "FCz",
  "EEGGround": "AFz",
  "RecordingType": "continuous",
  "SoftwareFilters": "n/a",
  "HardwareFilters": "n/a",
  "SubjectArtefactDescription": "n/a",
  "InstitutionalDepartmentName": "n/a",
  "TotalChannelCount": 140,
  "EEGChannelCount": 128,
  "EOGChannelCount": 2,
  "EMGChannelCount": 4,
  "MiscChannelCount": 5,
  "TriggerChannelCount": 1,
  "SamplingFrequency": 1200,
  "Notes": "Stored channels are 0-127 EEG, 128-129 listening audio monitor, 130-131 speaking microphone monitor, 132-133 EOG pair, 134-135 upper-lip EMG pair, 136-137 lower-lip EMG pair, 138 auxiliary mastoid/unused, and 139 trigger."
}
