{
  "TaskName": "Open Speech Production",
  "TaskDescription": "Participants vocalize visually presented text naturally. Text stimuli include sentences from JSUT corpus, novel excerpts, and game dialogues.",
  "Instructions": "Read the presented text aloud naturally at a comfortable pace. Speak clearly and naturally as you would in normal conversation.",
  "InstitutionName": "Araya Inc.",
  "InstitutionAddress": "Tokyo, Japan",
  "Manufacturer": "ANT Neuro",
  "ManufacturersModelName": "eego sports",
  "SoftwareVersions": "eego SDK 1.8.0",
  "DeviceSerialNumber": "n/a",
  "CapManufacturer": "ANT Neuro",
  "CapManufacturersModelName": "waveguard 64-channel cap",
  "ECGChannelCount": 0,
  "PowerLineFrequency": 50,
  "EEGPlacementScheme": "ANT Neuro eego sports 64-channel cap based on the international 10-10 system; stored channel 31 is miscellaneous.",
  "EEGReference": "CPz",
  "EEGGround": "GND",
  "RecordingType": "continuous",
  "SoftwareFilters": "n/a",
  "HardwareFilters": "n/a",
  "SubjectArtefactDescription": "n/a",
  "InstitutionalDepartmentName": "n/a",
  "TotalChannelCount": 90,
  "EEGChannelCount": 63,
  "EOGChannelCount": 1,
  "EMGChannelCount": 2,
  "MiscChannelCount": 23,
  "TriggerChannelCount": 1,
  "SamplingFrequency": 1024,
  "Notes": "Stored channels are 0-30 and 32-63 EEG, 31 miscellaneous, 64 listening audio monitor, 65 speaking microphone monitor, 66 EOG, 67 upper-lip EMG, 68 lower-lip EMG, 69-87 and 89 miscellaneous auxiliary channels, and 88 trigger. EMG/EOG channels are stored after differential preprocessing."
}
