{
  "AcquisitionMatrixPE": 82,
  "AcquisitionNumber": 1,
  "BandwidthPerPixelPhaseEncode": 18.477,
  "BaseResolution": 82,
  "BodyPartExamined": "BRAIN",
  "CogAtlasID": "http://www.cognitiveatlas.org/task/id/TODO",
  "CoilCombinationMethod": "Sum of Squares",
  "ConsistencyInfo": "N4_VE11E_LATEST_20181129",
  "ConversionSoftware": "dcm2niix",
  "ConversionSoftwareVersion": "v1.0.20211006",
  "DerivedVendorReportedEchoSpacing": 0.000660016,
  "DeviceSerialNumber": "67037",
  "DwellTime": 3.4e-06,
  "EchoTime": 0.0332,
  "EchoTrainLength": 82,
  "EffectiveEchoSpacing": 0.000660016,
  "HeudiconvVersion": "0.11.3+d20220512",
  "ImageComments": "Unaliased MB3/PE3/LB SENSE1",
  "ImageType": [
    "ORIGINAL",
    "PRIMARY",
    "M",
    "MB",
    "ND",
    "NORM",
    "MOSAIC"
],
  "ImagingFrequency": 123.261,
  "InPlanePhaseEncodingDirectionDICOM": "COL",
  "InstitutionAddress": "Stephanstrasse 1A,Leipzig,District,DE,04103",
  "InstitutionalDepartmentName": "Department",
  "MRAcquisitionType": "2D",
  "MagneticFieldStrength": 3,
  "Manufacturer": "Siemens",
  "ManufacturersModelName": "Prisma_fit",
  "MatrixCoilMode": "SENSE",
  "Modality": "MR",
  "MultibandAccelerationFactor": 3,
  "PartialFourier": 1,
  "PatientPosition": "HFS",
  "PercentPhaseFOV": 100,
  "PercentSampling": 100,
  "PhaseEncodingDirection": "j-",
  "PhaseEncodingSteps": 82,
  "PhaseResolution": 1,
  "PixelBandwidth": 1795,
  "ProcedureStepDescription": "MPIL_Prisma^Studies",
  "ProtocolName": "cmrr_mbep2d_bold_2.5iso_TR1500_Localizer",
  "PulseSequenceDetails": "%CustomerSeq%\\cmrr_mbep2d_bold",
  "ReceiveCoilActiveElements": "HEA;HEP",
  "ReceiveCoilName": "Head_32",
  "ReconMatrixPE": 82,
  "RepetitionTime": 1.5,
  "ScanOptions": "FS",
  "ScanningSequence": "EP",
  "SequenceName": "epfid2d1_82",
  "SequenceVariant": "SK\\SS",
  "SeriesDescription": "cmrr_mbep2d_bold_2.5iso_TR1500_Localizer",
  "SliceThickness": 2.5,
  "SoftwareVersions": "syngo MR E11",
  "SpacingBetweenSlices": 2.75,
  "StationName": "TRIOSYS",
  "TaskName": "localizer",
  "TotalReadoutTime": 0.0534613}