{
  "AcquisitionNumber": 1,
  "BandwidthPerPixelPhaseEncode": 31.888,
  "BodyPartExamined": "BRAIN",
  "ConversionSoftware": "dcm2niix",
  "ConversionSoftwareVersion": "v1.0.20201102",
  "DeviceSerialNumber": "167081",
  "EchoTime": 0.03,
  "EchoTrainLength": 64,
  "EffectiveEchoSpacing":  0.000489996,
  "FlipAngle": 90,
  "ImageType": ["ORIGINAL", "PRIMARY", "M", "ND", "MOSAIC"],
  "InstitutionAddress": "Street StreetNo,Guangzhou,District,CN,ZIP",
  "InstitutionName": "South China Normal University",
  "MagneticFieldStrength": 3,
  "Manufacturer": "Siemens",
  "ManufacturersModelName": "Prisma_fit",
  "PhaseEncodingDirection": "j-",
  "ProcedureStepDescription": "SCNU^bingke_yuan",
  "RepetitionTime": 1.5,
  "ScanningSequence": "EP",
  "SequenceName": "epfid2d1_64",
  "SequenceVariant": "SK",
  "SoftwareVersions": "yngo MR E11",
  "TaskName": "mlg",
  "TotalReadoutTime": 0.0308698}
