{
	"Modality": "MR",
	"MagneticFieldStrength": 3,
	"ImagingFrequency": 123.229,
	"Manufacturer": "Siemens",
	"ManufacturersModelName": "TrioTim",
	"InstitutionName": "Yale_MRRC",
	"InstitutionalDepartmentName": "Department",
	"InstitutionAddress": "Cedar_Street_333_New_Haven_Connecticut_US_06510",
	"DeviceSerialNumber": "35407",
	"StationName": "MRC35407",
	"PatientPosition": "HFS",
	"ProcedureStepDescription": "MRRC_Research_SiteProtocols",
	"SoftwareVersions": "syngo_MR_B17",
	"MRAcquisitionType": "2D",
	"ScanningSequence": "EP",
	"SequenceVariant": "SK_SS",
	"ScanOptions": "FS",
	"SequenceName": "epfid2d1_110",
	"ImageType": ["ORIGINAL", "PRIMARY", "M", "MB", "ND", "NORM", "MOSAIC"],
	"SliceThickness": 2,
	"SpacingBetweenSlices": 2,
	"EchoTime": 0.03,
	"RepetitionTime": 1,
	"FlipAngle": 60,
	"PartialFourier": 1,
	"BaseResolution": 110,
	"TxRefAmp": 325.044,
	"PhaseResolution": 1,
	"ReceiveCoilName": "32Ch_Head",
	"CoilString": "C:HEA;HEP",
	"PulseSequenceDetails": "%CustomerSeq%_cmrr_mbep2d_bold",
	"RefLinesPE": 24,
	"MultibandAccelerationFactor": 4,
	"PercentPhaseFOV": 100,
	"PhaseEncodingSteps": 110,
	"AcquisitionMatrixPE": 110,
	"ReconMatrixPE": 110,
	"BandwidthPerPixelPhaseEncode": 26.35,
	"ParallelReductionFactorInPlane": 2,
	"EffectiveEchoSpacing": 0.000345006,
	"DerivedVendorReportedEchoSpacing": 0.000690012,
	"TotalReadoutTime": 0.0376057,
	"PixelBandwidth": 1976,
	"DwellTime": 2.3e-06,
	"PhaseEncodingDirection": "j-",
	"SliceTiming": [
		0,
		0.535,
		0.065,
		0.6,
		0.1325,
		0.6675,
		0.2,
		0.735,
		0.2675,
		0.8025,
		0.3325,
		0.8675,
		0.4,
		0.935,
		0.4675,
		0,
		0.535,
		0.065,
		0.6,
		0.1325,
		0.6675,
		0.2,
		0.735,
		0.2675,
		0.8025,
		0.3325,
		0.8675,
		0.4,
		0.935,
		0.4675,
		0,
		0.535,
		0.065,
		0.6,
		0.1325,
		0.6675,
		0.2,
		0.735,
		0.2675,
		0.8025,
		0.3325,
		0.8675,
		0.4,
		0.935,
		0.4675,
		0,
		0.535,
		0.065,
		0.6,
		0.1325,
		0.6675,
		0.2,
		0.735,
		0.2675,
		0.8025,
		0.3325,
		0.8675,
		0.4,
		0.935,
		0.4675	],
	"InPlanePhaseEncodingDirectionDICOM": "COL",
	"ConversionSoftware": "dcm2niix",
	"ConversionSoftwareVersion": "v1.0.20190902",
	"TaskName": "task-taste2"
}
