{
    "EffectiveEchoSpacing": 0.000460005,
    "TaskName": "flavor",
    "ManufacturersModelName": "TrioTim",
    "MagneticFieldStrength": 3,
    "PhaseEncodingDirection": "j-",
    "ProcedureStepDescription": "MRRC_Research_SiteProtocols",
    "PulseSequenceType": " EP SK FS",
    "SequenceName": "epfid2d1_64",
    "SliceTiming": [
        1.005,
        0,
        1.055,
        0.05,
        1.105,
        0.1,
        1.155,
        0.15,
        1.205,
        0.2,
        1.255,
        0.25,
        1.305,
        0.3025,
        1.355,
        0.3525,
        1.405,
        0.4025,
        1.455,
        0.4525,
        1.505,
        0.5025,
        1.555,
        0.5525,
        1.6075,
        0.6025,
        1.6575,
        0.6525,
        1.7075,
        0.7025,
        1.7575,
        0.7525,
        1.8075,
        0.8025,
        1.8575,
        0.8525,
        1.9075,
        0.9025,
        1.9575,
        0.955
    ],
    "InstitutionName": "Yale MRRC",
    "Manufacturer": "Siemens",
    "DeviceSerialNumber": "35407",
    "RepetitionTime": 2,
    "EchoTime": 0.02,
    "HardcopyDeviceSoftwareVersion": "syngo MR B17",
    "ProtocolName": "ep2d_bold_390",
    "AcquisitionDateTime": "2011-03-15T12:12:25.882812",
    "InstitutionAddress": "Cedar Street 333, New Haven, Connecticut, US 06510",
    "FlipAngle": 80,
    "ConversionSoftware": "dcm2niix",
    "ConversionSoftwareVersion": "v1.0.20170207",
    "ImageType": [
        "ORIGINAL",
        "PRIMARY",
        "M",
        "ND",
        "MOSAIC"
    ]
}