{
	"TaskName": "Foraging task",
	"Modality": "MR",
	"MagneticFieldStrength": 3,
	"Manufacturer": "Siemens",
	"ManufacturersModelName": "Skyra",
	"BodyPartExamined": "HEAD",
	"PatientPosition": "HFS",
	"SoftwareVersions": "syngo_MR_D13",
	"MRAcquisitionType": "2D",
	"ScanningSequence": "EP",
	"SequenceVariant": "SK_OSP",
	"ScanOptions": "FS",
	"SequenceName": "_epfid2d1_59",
	"ImageType": ["ORIGINAL", "PRIMARY", "M", "ND", "NORM", "MOSAIC"],
	"SliceThickness": 3,
	"SpacingBetweenSlices": 3,
	"SAR": 0.125089,
	"EchoTime": 0.03,
	"RepetitionTime": 3,
	"FlipAngle": 87,
	"PartialFourier": 1,
	"BaseResolution": 66,
	"ShimSetting": [
		3383,
		8698,
		9417,
		480,
		106,
		174,
		267,
		189	],
	"TxRefAmp": 326.379,
	"PhaseResolution": 0.9,
	"ReceiveCoilName": "HeadNeck_20",
	"ReceiveCoilActiveElements": "HE1-4",
	"PulseSequenceDetails": "%SiemensSeq%_ep2d_pace",
	"ConsistencyInfo": "N4_VD13A_LATEST_20120616",
	"PercentPhaseFOV": 100,
	"EchoTrainLength": 29,
	"PhaseEncodingSteps": 59,
	"AcquisitionMatrixPE": 59,
	"ReconMatrixPE": 66,
	"BandwidthPerPixelPhaseEncode": 49.18,
	"ParallelReductionFactorInPlane": 2,
	"EffectiveEchoSpacing": 0.000308083,
	"DerivedVendorReportedEchoSpacing": 0.000616166,
	"TotalReadoutTime": 0.0200254,
	"PixelBandwidth": 1895,
	"DwellTime": 4e-06,
	"PhaseEncodingDirection": "j-",
	"SliceTiming": [
		1.49,
		0,
		1.545,
		0.055,
		1.6,
		0.11,
		1.655,
		0.165,
		1.71,
		0.22,
		1.765,
		0.275,
		1.82,
		0.33,
		1.875,
		0.385,
		1.93,
		0.44,
		1.985,
		0.495,
		2.04,
		0.55,
		2.095,
		0.605,
		2.15,
		0.66,
		2.205,
		0.7175,
		2.2625,
		0.7725,
		2.3175,
		0.8275,
		2.3725,
		0.8825,
		2.4275,
		0.9375,
		2.4825,
		0.9925,
		2.5375,
		1.0475,
		2.5925,
		1.1025,
		2.6475,
		1.1575,
		2.7025,
		1.2125,
		2.7575,
		1.2675,
		2.8125,
		1.3225,
		2.8675,
		1.3775,
		2.9225,
		1.4325	],
	"ImageOrientationPatientDICOM": [
		1,
		0,
		0,
		0,
		0.930418,
		-0.366501	],
	"InPlanePhaseEncodingDirectionDICOM": "COL",
	"ConversionSoftware": "dcm2niix",
	"ConversionSoftwareVersion": "v1.0.20180518 GCC4.8.5"
}
