{
  "TaskName": "Open Speech Production",
  "TaskDescription": "Participants vocalize visually presented text naturally. Text stimuli include sentences from JSUT corpus, novel excerpts, and game dialogues.",
  "Instructions": "Read the presented text aloud naturally at a comfortable pace. Speak clearly and naturally as you would in normal conversation.",
  "InstitutionName": "Araya Inc.",
  "InstitutionAddress": "Tokyo, Japan",
  "Manufacturer": "ANT Neuro",
  "ManufacturersModelName": "Pangolin 64",
  "SoftwareVersions": "eego SDK 1.8.0",
  "DeviceSerialNumber": "pangolin-001",
  "CapManufacturer": "Easycap",
  "CapManufacturersModelName": "M10",
  "EEGChannelCount": 128,
  "EMGChannelCount": 2,
  "EOGChannelCount": 1,
  "ECGChannelCount": 0,
  "MiscChannelCount": 2,
  "TriggerChannelCount": 1,
  "SamplingFrequency": 1200,
  "PowerLineFrequency": 50,
  "EEGPlacementScheme": "Custom montage based on 10-20 system",
  "EEGReference": "FCz",
  "EEGGround": "AFz",
  "RecordingType": "continuous",
  "SoftwareFilters": "n/a",
  "HardwareFilters": "n/a",
  "SubjectArtefactDescription": "n/a",
  "InstitutionalDepartmentName": "n/a"
}