{
	"Modality": "MR",
	"MagneticFieldStrength": 3,
	"ImagingFrequency": 123.255,
	"Manufacturer": "Siemens",
	"ManufacturersModelName": "Prisma",
	"ScanningSequence": "GR_IR",
	"SequenceVariant": "SK_SP_MP",
	"ImageType": ["ORIGINAL", "PRIMARY", "M", "ND", "NORM"],
	"SliceThickness": 1,
	"EchoTime": 0.00345,
	"RepetitionTime": 1.81,
	"InversionTime": 1.1,
	"FlipAngle": 9
}
