{
	"TaskName": "change-point fmri",
	"Modality": "MR",
	"MagneticFieldStrength": 3,
	"Manufacturer": "Siemens",
	"ManufacturersModelName": "Prisma",
	"ScanningSequence": "EP",
	"SequenceVariant": "SK_SS",
	"ScanOptions": "PFP_FS_EXT",
	"ImageType": ["ORIGINAL", "PRIMARY", "M", "MB", "ND", "MOSAIC"],
	"SliceThickness": 2,
	"SpacingBetweenSlices": 2,
	"EchoTime": 0.03,
	"RepetitionTime": 1.5,
	"FlipAngle": 45,
	"MultibandAccelerationFactor": 4,
	"BandwidthPerPixelPhaseEncode": 16.728,
	"EffectiveEchoSpacing": 0.00061,
	"DerivedVendorReportedEchoSpacing": 0.00061,
	"TotalReadoutTime": 0.05917,
	"PixelBandwidth": 2320,
	"PhaseEncodingDirection": "j-",
	"SliceTiming": [
		0,
		1.0675,
		0.6575,
		0.245,
		1.315,
		0.9025,
		0.4925,
		0.0825,
		1.15,
		0.74,
		0.3275,
		1.3975,
		0.985,
		0.575,
		0.165,
		1.2325,
		0.8225,
		0.41,
		0,
		1.0675,
		0.6575,
		0.245,
		1.315,
		0.9025,
		0.4925,
		0.0825,
		1.15,
		0.74,
		0.3275,
		1.3975,
		0.985,
		0.575,
		0.165,
		1.2325,
		0.8225,
		0.41,
		0,
		1.0675,
		0.6575,
		0.245,
		1.315,
		0.9025,
		0.4925,
		0.0825,
		1.15,
		0.74,
		0.3275,
		1.3975,
		0.985,
		0.575,
		0.165,
		1.2325,
		0.8225,
		0.41,
		0,
		1.0675,
		0.6575,
		0.245,
		1.315,
		0.9025,
		0.4925,
		0.0825,
		1.15,
		0.74,
		0.3275,
		1.3975,
		0.985,
		0.575,
		0.165,
		1.2325,
		0.8225,
		0.41	]
}
