{
	"TaskName":"rest",
	"Modality": "MR",
	"MagneticFieldStrength": 6.98,
	"Manufacturer": "Siemens",
	"ManufacturersModelName": "Investigational_Device_7T",
	"InstitutionName": "Robarts_Research_Institute",
	"InstitutionalDepartmentName": "Department",
	"InstitutionAddress": "Perth_Drive_100_London_E0D672_Ontario_CA_N6A_5KB",
	"DeviceSerialNumber": "18932",
	"StationName": "MASTER",
	"PatientPosition": "HFS",
	"ProcedureStepDescription": "Menon_MS",
	"SoftwareVersions": "syngo_MR_B17",
	"MRAcquisitionType": "2D",
	"SeriesDescription": "mbep2d_bold_mb2_p2_rs",
	"ProtocolName": "mbep2d_bold_mb2_p2_rs",
	"ScanningSequence": "EP",
	"SequenceVariant": "SK_SS",
	"ScanOptions": "8750.5277133.IMA",
	"SequenceName": "epfid2d1_96",
	"ImageType": ["ORIGINAL", "PRIMARY", "M", "MB", "ND", "MOSAIC"],
	"SeriesNumber": 23,
	"AcquisitionTime": "11:39:38.395000",
	"AcquisitionNumber": 1,
	"ImageComments": "Unaliased_MB2_PE4",
	"SliceThickness": 1,
	"SpacingBetweenSlices": 1.1,
	"EchoTime": 0.018,
	"RepetitionTime": 1,
	"FlipAngle": 40,
	"PartialFourier": 0.75,
	"BaseResolution": 96,
	"ShimSetting": [
		23,
		986,
		893,
		-1882,
		-210,
		-562,
		-21,
		-184	],
	"TxRefAmp": 110,
	"PhaseResolution": 1,
	"ReceiveCoilName": "8Tx24Rx_NHP_CFMM",
	"PulseSequenceDetails": "%CustomerSeq%_cmrr_mbep2d_bold",
	"MultibandAccelerationFactor": 2,
	"PercentPhaseFOV": 100,
	"PhaseEncodingSteps": 71,
	"AcquisitionMatrixPE": 96,
	"ReconMatrixPE": 96,
	"BandwidthPerPixelPhaseEncode": 32.051,
	"ParallelReductionFactorInPlane": 2,
	"EffectiveEchoSpacing": 0.000325003,
	"DerivedVendorReportedEchoSpacing": 0.000650006,
	"TotalReadoutTime": 0.0308753,
	"PixelBandwidth": 1860,
	"DwellTime": 2.8e-06,
	"PhaseEncodingDirection": "j",
	"SliceTiming": [
		0,
		0.525,
		0.0475,
		0.5725,
		0.095,
		0.6225,
		0.1425,
		0.67,
		0.19,
		0.7175,
		0.24,
		0.765,
		0.2875,
		0.8125,
		0.335,
		0.86,
		0.3825,
		0.9075,
		0.43,
		0.955,
		0.4775,
		0,
		0.525,
		0.0475,
		0.5725,
		0.095,
		0.6225,
		0.1425,
		0.67,
		0.19,
		0.7175,
		0.24,
		0.765,
		0.2875,
		0.8125,
		0.335,
		0.86,
		0.3825,
		0.9075,
		0.43,
		0.955,
		0.4775	],
	"ImageOrientationPatientDICOM": [
		1,
		0,
		0,
		0,
		0.356738,
		-0.934204	],
	"InPlanePhaseEncodingDirectionDICOM": "COL",
	"ConversionSoftware": "dcm2niix",
	"ConversionSoftwareVersion": "v1.0.20180622 Clang9.1.0"
}
