{
  "AcquisitionNumber": 1,
  "BodyPartExamined": "BRAIN",
  "CogAtlasID": "http://www.cognitiveatlas.org/task/id/TODO",
  "CoilCombinationMethod": "Sum of Squares",
  "ConsistencyInfo": "N4_VE11E_LATEST_20181129",
  "ConversionSoftware": "dcm2niix",
  "ConversionSoftwareVersion": "v1.0.20220720",
  "DeviceSerialNumber": "166048",
  "EchoTime": 0.03,
  "FlipAngle": 20,
  "HeudiconvVersion": "1.1.0",
  "ImageComments": "SENSE1",
  "ImageType": [
    "ORIGINAL",
    "PRIMARY",
    "M",
    "ND",
    "NORM",
    "MOSAIC"
],
  "ImagingFrequency": 123.246,
  "InPlanePhaseEncodingDirectionDICOM": "COL",
  "InstitutionAddress": "North 13th 1701,Philadelphia,PA,US,19122",
  "InstitutionName": "Temple University - Weiss Hall",
  "InstitutionalDepartmentName": "Department",
  "MRAcquisitionType": "2D",
  "MagneticFieldStrength": 3,
  "Manufacturer": "Siemens",
  "ManufacturersModelName": "Prisma",
  "MatrixCoilMode": "SENSE",
  "Modality": "MR",
  "NonlinearGradientCorrection": false,
  "PartialFourier": 1,
  "PatientPosition": "HFS",
  "PercentPhaseFOV": 100,
  "PhaseEncodingDirection": "j-",
  "ProcedureStepDescription": "Smith Lab^RF1pilot",
  "ProtocolName": "CMRR_MB1_IP0_ME1_TR1700",
  "PulseSequenceDetails": "%CustomerSeq%\\cmrr_mbep2d_bold",
  "ReceiveCoilName": "HeadNeck_64",
  "ScanOptions": "FS",
  "ScanningSequence": "EP",
  "SeriesDescription": "CMRR_MB1_IP0_ME1_TR1700",
  "SliceThickness": 2.7,
  "SoftwareVersions": "syngo MR E11",
  "SpacingBetweenSlices": 2.97,
  "StationName": "AWP166048",
  "TaskName": "TODO: full task name for sharedreward"
}