{
  "AcquisitionMatrixPE": 84,
  "AcquisitionNumber": 1,
  "BandwidthPerPixelPhaseEncode": 22.046,
  "BaseResolution": 84,
  "BodyPartExamined": "BRAIN",
  "CogAtlasID": "http://www.cognitiveatlas.org/task/id/TODO",
  "CoilCombinationMethod": "Sum of Squares",
  "ConsistencyInfo": "N4_VE11C_LATEST_20160120",
  "ConversionSoftware": "dcm2niix",
  "ConversionSoftwareVersion": "v1.0.20220720",
  "DerivedVendorReportedEchoSpacing": 0.000539996,
  "DeviceSerialNumber": "167045",
  "DwellTime": 2.6e-06,
  "EchoTime": 0.031,
  "EchoTrainLength": 84,
  "EffectiveEchoSpacing": 0.000539996,
  "FlipAngle": 52,
  "ImageType": [
    "ORIGINAL",
    "PRIMARY",
    "M",
    "ND",
    "NORM",
    "MOSAIC"
],
  "ImagingFrequency": 123.259,
  "InPlanePhaseEncodingDirectionDICOM": "COL",
  "InstitutionAddress": "De Pintelaan 185,Gent,District,BE,9000",
  "InstitutionalDepartmentName": "Department",
  "MRAcquisitionType": "2D",
  "MagneticFieldStrength": 3,
  "Manufacturer": "Siemens",
  "ManufacturersModelName": "Prisma_fit",
  "Modality": "MR",
  "MultibandAccelerationFactor": 4,
  "NonlinearGradientCorrection": false,
  "PartialFourier": 1,
  "PatientPosition": "HFS",
  "PercentPhaseFOV": 100,
  "PercentSampling": 100,
  "PhaseEncodingDirection": "j-",
  "PhaseEncodingSteps": 84,
  "PhaseResolution": 1,
  "PixelBandwidth": 2290,
  "ProcedureStepDescription": "MR hersenen (structuur alleen) O",
  "ProtocolName": "ep2d_bold_WGEN",
  "PulseSequenceDetails": "%SiemensSeq%\\ep2d_bold",
  "ReceiveCoilActiveElements": "HC1-7;NC1,2",
  "ReceiveCoilName": "HeadNeck_64",
  "ReconMatrixPE": 84,
  "RefLinesPE": 12,
  "RepetitionTime": 1.07,
  "ScanOptions": "FS",
  "ScanningSequence": "EP",
  "SequenceName": "*epfid2d1_84",
  "SequenceVariant": "SK",
  "SeriesDescription": "ep2d_bold_WGEN",
  "SliceThickness": 2.5,
  "SoftwareVersions": "syngo MR E11",
  "SpacingBetweenSlices": 2.5,
  "StationName": "AWP167045",
  "TaskName": "covert letter fluency task",
  "TotalReadoutTime": 0.0448197}