{
  "AcquisitionMatrixPE": 90,
  "AcquisitionNumber": 1,
  "BandwidthPerPixelPhaseEncode": 21.786,
  "BaseResolution": 90,
  "BodyPartExamined": "BRAIN",
  "CogAtlasID": "https://www.cognitiveatlas.org/task/id/trm_4c8a834779883",
  "CoilCombinationMethod": "Sum of Squares",
  "ConsistencyInfo": "N4_VE11C_LATEST_20160120",
  "ConversionSoftware": "dcm2niix",
  "ConversionSoftwareVersion": "v1.0.20240202",
  "DerivedVendorReportedEchoSpacing": 0.000510012,
  "DeviceSerialNumber": "66044",
  "EchoTime": 0.03,
  "EchoTrainLength": 90,
  "EffectiveEchoSpacing": 0.000510012,
  "FlipAngle": 52,
  "HeudiconvVersion": "0.13.1",
  "ImageOrientationPatientDICOM": [1, 0, 0, 0, 0.939693, -0.34202],
  "ImageType": [
    "ORIGINAL",
    "PRIMARY",
    "M",
    "ND",
    "MOSAIC"
],
  "InPlanePhaseEncodingDirectionDICOM": "COL",
  "InstitutionAddress": "Curie Blvd. 422,Philadelphia,PA,US,19104",
  "InstitutionName": "SC3T",
  "MRAcquisitionType": "2D",
  "MagneticFieldStrength": 3,
  "Manufacturer": "Siemens",
  "ManufacturersModelName": "Prisma",
  "Modality": "MR",
  "MultibandAccelerationFactor": 6,
  "NonlinearGradientCorrection": false,
  "PartialFourier": 1,
  "PatientPosition": "HFS",
  "PercentPhaseFOV": 100,
  "PercentSampling": 100,
  "PhaseEncodingDirection": "j",
  "PhaseEncodingSteps": 90,
  "PhaseResolution": 1,
  "PixelBandwidth": 2780,
  "ProcedureStepDescription": "CAMRIS^Satterthwaite",
  "PulseSequenceDetails": "%CustomerSeq%\\ep2d_bold_sms_abcd",
  "ReceiveCoilName": "HeadNeck_64",
  "ReconMatrixPE": 90,
  "RefLinesPE": 22,
  "RepetitionTime": 0.8,
  "ScanOptions": "FS\\CT",
  "ScanningSequence": "EP",
  "SequenceName": "epfid2d1_90",
  "SequenceVariant": "SK",
  "SliceThickness": 2.4,
  "SoftwareVersions": "syngo MR E11",
  "SpacingBetweenSlices": 2.4,
  "StationName": "AWP66044",
  "TaskName": "rest eyes open",
  "TotalReadoutTime": 0.045391
}
