{
	"TaskName": "Taste Mapping",
	"StationName": "FMRIFD7T",
	"DeviceSerialNumber": 18926,
	"PulseSequenceType": "Multiband Gradient ECHO EPI",
	"ParallelReductionFactorInPlane": 2,
	"ParallelAcquisitionTechnique": "GRAPPA",
	"PartialFourier": "6/8",
	"PhaseEncodingDirection": "j",
	"MultibandAccelerationFactor": 2,
	"Manufacturer": "SIEMENS",
	"ManufacturerModelName": "Investigational_Device_7T",
	"InstitutionName": "NIH 7T Research",
	"InstitutionAddress": "Center Drive 10,Bethesda,Maryland,US,20892",
	"SeriesDescription": "TM_V3_MB2_1.2mm_2.5TR_PAT2_Axial_AP",
	"ScanningSequence": "EP",
	"SequenceVariant": "SK_SS",
	"ScanOptions": "PFP_FS",
	"MRAcquisitionType": "2D",
	"SequenceName": "epfid2d1_160",
	"SliceThickness": 1.2000000476837,
	"RepetitionTime": 2.5,
	"EchoTime": 0.023,
	"NumberofAverages": 1,
	"ImagingFrequency": 297.20448,
	"MagneticFieldStrength": 6.98,
	"SpacingBetweenSlices": 1.2000000227743,
	"NumberofPhaseEncodingSteps": 119,
	"EchoTrainLength": 1,
	"PercentSampling": 100,
	"PercentPhaseFieldofView": 100,
	"PixelBandwidth": 1420,
	"SoftwareVersion": "syngo MR B17",
	"TransmitCoilName": "32Ch_Head_7T",
	"AcquisitionMatrix": "160,0,0,160",
	"InplanePhaseEncodingDirection": "COL",
	"FlipAngle": 55,
	"SAR": 0.06155064061711,
	"Rows": 1440,
	"Columns": 1440,
	"PixelSpacing": "1.2000000476837 1.2000000476837",
	"SliceTiming": [
		0.000, 
		1.845, 
		1.183, 
		0.517, 
		2.362, 
		1.697, 
		1.035, 
		0.370, 
		2.215, 
		1.550, 
		0.887, 
		0.222, 
		2.068, 
		1.403, 
		0.738, 
		0.075, 
		1.920, 
		1.255, 
		0.590, 
		2.435, 
		1.773, 
		1.107, 
		0.442, 
		2.287, 
		1.625,
		0.960,
		0.295, 
		2.140, 
		1.477, 
		0.813, 
		0.147, 
		1.992, 
		1.330, 
		0.665, 
		0.000, 
		1.845, 
		1.183, 
		0.517, 
		2.362, 
		1.697, 
		1.035, 
		0.370, 
		2.215,
		1.550, 
		0.887, 
		0.222, 
		2.068, 
		1.403, 
		0.738, 
		0.075, 
		1.920, 
		1.255, 
		0.590, 
		2.435, 
		1.773, 
		1.107,
		0.442, 
		2.287, 
		1.625, 
		0.960, 
		0.295, 
		2.140, 
		1.477, 
		0.813, 
		0.147, 
		1.992, 
		1.330, 
		0.665]
}

