{
  "TaskName": "Visual Syntax Judgement",
  "Instructions": "Grammar task: Determine if words are grammatical. Lines task: Determine if two groups of lines are the same. Please keep head still.",
  "TaskDescription": "Participants were presented with 50 grammar judgement trials and 50 perceptual control line judgement trials arranged into alternating 10 trial blocks, beginning with a grammar block. A 4000 ms instructions screen was presented at the beginning of each block which contained one word indicating the type of judgment, grammar or lines. In each trial, three visual stimuli were presented sequentially for 800 ms followed by a 200 ms blank inter stimulus interval. Following the third inter stimulus interval, a yellow fixation cross was presented for 1910 ms to indicate that the participants should make a response. Participants could make a response from the beginning of the third stimulus until the end of the trial. In grammar trials, stimuli consisted of three English words and participants were asked to judge whether the phrase that the three words made was grammatical (e.g. ducks are quacking). 30 of the 50 grammar trials were grammatical. The remaining 20 trials contained a grammar violation and were labelled ungrammatical. In perceptual control line trials, participants were presented with a set of three non-linguistic symbols each of which consisted of two straight lines (e.g., / \ , \ \ , / /, \ /). 30 of the 50 control trials contained a matching symbol pair with 15 of those being a match between the first and third stimuli and 15 being a match between the second and third stimuli. Trials were pseudo-randomly assigned to blocks and all participants completed trials and blocks in the same fixed order. Each task lasted approximately 9 minutes.",
  "Manufacturer": "GE",
  "ManufacturersModelName": "Signa",
  "MagneticFieldStrength": 1.5,
  "SoftwareVersions": "11",
  "PulseSequenceType": "single-shot EPI",
  "ScanningSequence": "EP_G",
  "SequenceVariant": "SS",
  "SliceThickness": 4,
  "PhaseEncodingAxis": "j",
  "RepetitionTime": 3,
  "EchoTime": 0.04,
  "NumberOfSlices": 32,
  "NumberOfVolumesDiscardedByUser": 5,
  "FlipAngle": 90,
  "PercentPhaseFOV": 100,
  "AcquisitionMatrixPE": 64,
  "ReconMatrixPE": 64,
  "SliceTiming": [
		0,
		1.5484,
		0.0968,
		1.6452,
		0.1935,
		1.7419,
		0.2903,
		1.8387,
		0.3871,
		1.9355,
		0.4839,
		2.0323,
		0.5806,
		2.129,
		0.6774,
		2.2258,
		0.7742,
		2.3226,
		0.871,
		2.4194,
		0.9677,
		2.5161,
		1.0645,
		2.6129,
  		1.1613,
  		2.7097,
  		1.2581,
  		2.8065,
  		1.3548,
  		2.9032,
  		1.4516,
  		3]
}