{
  "TaskName": "Auditory Phonology Judgement",
  "Instructions": "Rhyme task: Determine if two words rhyme. Tone task: Determine if two tones are the same. Respond as quickly and accurately as possible. Please keep head still.",
  "TaskDescription": "Participants were presented with 50 rhyming judgement trials and 50 perceptual control tone judgement trials arranged into alternating 10 trial blocks, beginning with a rhyming block. A 4000 ms instructions screen was presented at the beginning of each block which contained one word indicating the type of judgment, rhyme or tones. In each trial three auditory stimuli were presented sequentially, each accompanied by a white fixation cross against a black background for 1000 ms. Following the third stimuli a yellow fixation cross was presented to indicate that the participants should make a response. The yellow fixation cross was presented for 1930 ms in rhyming trials and for 1850 ms in control trials. Participants could make a response from the beginning of the third stimulus until the end of the trial. In rhyming trials, stimuli consisted of three English words and participants were asked to judge whether the final word rhymed with one of the first two words. 30 of the 50 rhyming trials contained matches and of these, 15 contained matches between the first and third stimulus, and 15 contained matches between the second and third stimulus. In half of the matched trials the matching words were both orthographically and phonologically similar (O+P+), meaning they both matched in rime and rhyme and half contained two words that rhymed but did not match in spelling, denoted orthographically dissimilar but phonologically similar (O-P+). The remaining 20 trials contained no match and were both orthographically and phonologically dissimilar (O-P-). In perceptual control tone trials, participants were presented with three pure tones which were either high (700 Hz), medium (500 Hz) or low (300 Hz) frequency. Each tone was 600 ms in duration and contained a 100 ms linear fade in and fade out. 30 of the 50 control trials contained a matching tone pair with 15 of those being a match between the first and third stimuli and 15 being a match between the second and third stimuli. Trials were pseudo-randomly assigned to blocks and all participants completed trials and blocks in the same fixed order. Each task lasted approximately 9 minutes. All lexical auditory stimuli were recorded by a native Chicagoan female voice in a soundproof booth with a digital recorder and a high-quality microphone. Words longer than 800 ms were shorted through linear transformation to 800 ms. All words were normalized in amplitude.",
  "Manufacturer": "GE",
  "ManufacturersModelName": "Signa",
  "MagneticFieldStrength": 1.5,
  "SoftwareVersions": "11",
  "PulseSequenceType": "single-shot EPI",
  "ScanningSequence": "EP_G",
  "SequenceVariant": "SS",
  "SliceThickness": 4,
  "PhaseEncodingAxis": "j",
  "RepetitionTime": 3,
  "EchoTime": 0.04,
  "NumberOfSlices": 32,
  "NumberOfVolumesDiscardedByUser": 5,
  "FlipAngle": 90,
  "PercentPhaseFOV": 100,
  "AcquisitionMatrixPE": 64,
  "ReconMatrixPE": 64,
  "SliceTiming": [
		0,
		1.5484,
		0.0968,
		1.6452,
		0.1935,
		1.7419,
		0.2903,
		1.8387,
		0.3871,
		1.9355,
		0.4839,
		2.0323,
		0.5806,
		2.129,
		0.6774,
		2.2258,
		0.7742,
		2.3226,
		0.871,
		2.4194,
		0.9677,
		2.5161,
		1.0645,
		2.6129,
  		1.1613,
  		2.7097,
  		1.2581,
  		2.8065,
  		1.3548,
  		2.9032,
  		1.4516,
  		3]
}