{
  "AcquisitionMatrixPE": 110,
  "AcquisitionNumber": 1,
  "BandwidthPerPixelPhaseEncode": 26.35,
  "BaseResolution": 110,
  "CoilString": "C:HEA;HEP",
  "ConversionSoftware": "dcm2niix",
  "ConversionSoftwareVersion": "v1.0.20190410  GCC6.3.0",
  "DerivedVendorReportedEchoSpacing": 0.000690012,
  "DeviceSerialNumber": "35422",
  "DwellTime": 2.6e-06,
  "EchoTime": 0.03,
  "EffectiveEchoSpacing": 0.000345006,
  "FlipAngle": 85,
  "ImageComments": "Unaliased_MB4_PE4_LB",
  "ImageType": [
    "ORIGINAL",
    "PRIMARY",
    "FMRI",
    "NONE",
    "MB",
    "ND",
    "MOSAIC"
],
  "InPlanePhaseEncodingDirectionDICOM": "ROW",
  "InstitutionName": "SNUBIC",
  "InstitutionalDepartmentName": "Department",
  "MRAcquisitionType": "2D",
  "MagneticFieldStrength": 3,
  "Manufacturer": "Siemens",
  "ManufacturersModelName": "TrioTim",
  "Modality": "MR",
  "MultibandAccelerationFactor": 4,
  "ParallelReductionFactorInPlane": 2,
  "PartialFourier": 1,
  "PatientPosition": "HFS",
  "PercentPhaseFOV": 100,
  "PhaseEncodingDirection": "i-",
  "PhaseEncodingSteps": 110,
  "PhaseResolution": 1,
  "PixelBandwidth": 1748,
  "ProcedureStepDescription": "SNU_SAVED",
  "PulseSequenceDetails": "%CustomerSeq%_cmrr_mbep2d_bold",
  "ReceiveCoilName": "32Ch_Head",
  "ReconMatrixPE": 110,
  "RefLinesPE": 32,
  "RepetitionTime": 1.5,
  "ScanOptions": "FS",
  "ScanningSequence": "EP",
  "SequenceName": "epfid2d1_110",
  "SequenceVariant": "SK_SS",
  "SliceThickness": 2.3,
  "SoftwareVersions": "syngo_MR_B17",
  "SpacingBetweenSlices": 2.3,
  "StationName": "MRC35422",
  "TaskName": "wmgng",
  "TotalReadoutTime": 0.0376057,
  "dcmmeta_reorient_transform": [
    [0.0, -1.0, 0.0, 109.0],
    [1.0, 0.0, 0.0, 0.0],
    [0.0, 0.0, 1.0, 0.0],
    [0.0, 0.0, 0.0, 1.0]
],
  "dcmmeta_shape": [110, 110, 64, 357],
  "dcmmeta_slice_dim": 2,
  "dcmmeta_version": 0.6}