{
	"TaskName": "delay discounting bidding task",
	"Modality": "MR",
	"MagneticFieldStrength": 3,
	"Manufacturer": "Siemens",
	"ManufacturersModelName": "TrioTim",
	"ScanningSequence": "EP",
	"SequenceVariant": "SK",
	"ImageType": ["ORIGINAL", "PRIMARY", "M", "ND", "MOSAIC"],
	"SliceThickness": 3,
	"SpacingBetweenSlices": 3,
	"EchoTime": 0.03,
	"RepetitionTime": 3,
	"FlipAngle": 90,
	"BandwidthPerPixelPhaseEncode": 31.25,
	"EffectiveEchoSpacing": 0.0005,
	"TotalReadoutTime": 0.0315,
	"PixelBandwidth": 3005,
	"PhaseEncodingDirection": "j-",
	"SliceTiming": [
		0,
		1.53,
		0.0675,
		1.595,
		0.1325,
		1.6625,
		0.2,
		1.73,
		0.2675,
		1.795,
		0.3325,
		1.8625,
		0.4,
		1.9275,
		0.465,
		1.995,
		0.5325,
		2.06,
		0.5975,
		2.1275,
		0.665,
		2.195,
		0.7325,
		2.26,
		0.7975,
		2.3275,
		0.865,
		2.3925,
		0.93,
		2.46,
		0.9975,
		2.5275,
		1.065,
		2.5925,
		1.13,
		2.66,
		1.1975,
		2.725,
		1.2625,
		2.7925,
		1.33,
		2.86,
		1.3975,
		2.925,
		1.4625	]
}
