{
	"Modality": "MR",
	"MagneticFieldStrength": 3,
	"ImagingFrequency": 123.242,
	"Manufacturer": "Siemens",
	"ManufacturersModelName": "Prisma",
	"InstitutionName": "HIRF",
	"InstitutionalDepartmentName": "RBWH HIRF Imaging",
	"InstitutionAddress": "Herston Road 300,Brisbane,Queensland,AU,4006",
	"DeviceSerialNumber": "66023",
	"StationName": "AWP66023",
	"BodyPartExamined": "BRAIN",
	"PatientPosition": "HFS",
	"ProcedureStepDescription": "MR Brain Research",
	"SoftwareVersions": "syngo MR E11",
	"MRAcquisitionType": "2D",
	"SeriesDescription": "AP_MB4_BOLD_SOUNDS_B1",
	"ProtocolName": "AP_MB4_BOLD_SOUNDS_B1",
        "TaskName": "NamingToSounds",
	"ScanningSequence": "EP",
	"SequenceVariant": "SK",
	"ScanOptions": "PFP\\FS",
	"SequenceName": "*epfid2d1_72",
	"ImageType": ["ORIGINAL", "PRIMARY", "M", "ND", "NORM", "MOSAIC"],
	"SeriesNumber": 15,
	"AcquisitionTime": "12:21:0.887500",
	"AcquisitionNumber": 1,
	"SliceThickness": 2.6,
	"SpacingBetweenSlices": 2.6,
	"SAR": 0.0647244,
	"EchoTime": 0.03,
	"RepetitionTime": 1,
	"FlipAngle": 80,
	"PartialFourier": 0.875,
	"BaseResolution": 72,
	"ShimSetting": [
		2557,
		-11347,
		-11239,
		552,
		34,
		-62,
		43,
		95	],
	"TxRefAmp": 217.148,
	"PhaseResolution": 1,
	"VendorReportedEchoSpacing": 0.00051,
	"ReceiveCoilName": "HeadNeck_64",
	"ReceiveCoilActiveElements": "HC1-6",
	"PulseSequenceDetails": "%SiemensSeq%\\ep2d_bold",
	"RefLinesPE": 12,
	"ConsistencyInfo": "N4_VE11E_LATEST_20181129",
	"MultibandAccelerationFactor": 4,
	"PercentPhaseFOV": 100,
	"PercentSampling": 100,
	"EchoTrainLength": 63,
	"PhaseEncodingSteps": 63,
	"AcquisitionMatrixPE": 72,
	"ReconMatrixPE": 72,
	"BandwidthPerPixelPhaseEncode": 27.233,
	"EffectiveEchoSpacing": 0.000510002,
	"DerivedVendorReportedEchoSpacing": 0.000510002,
	"TotalReadoutTime": 0.0362102,
	"PixelBandwidth": 2570,
	"DwellTime": 2.7e-06,
	"PhaseEncodingDirection": "j-",
	"SliceTiming": [
		0.735,
		0,
		0.49,
		0.08,
		0.57,
		0.1625,
		0.6525,
		0.325,
		0.815,
		0.4075,
		0.8975,
		0.245,
		0.735,
		0,
		0.49,
		0.08,
		0.57,
		0.1625,
		0.6525,
		0.325,
		0.815,
		0.4075,
		0.8975,
		0.245,
		0.735,
		0,
		0.49,
		0.08,
		0.57,
		0.1625,
		0.6525,
		0.325,
		0.815,
		0.4075,
		0.8975,
		0.245,
		0.735,
		0,
		0.49,
		0.08,
		0.57,
		0.1625,
		0.6525,
		0.325,
		0.815,
		0.4075,
		0.8975,
		0.245	],
	"ImageOrientationPatientDICOM": [
		0.996999,
		0.0332518,
		-0.0699127,
		-0.0348159,
		0.999167,
		-0.0212747	],
	"InPlanePhaseEncodingDirectionDICOM": "COL",
	"ConversionSoftware": "dcm2niix",
	"ConversionSoftwareVersion": "v1.0.20201102"
}
