{
	"Modality": "MR",
	"MagneticFieldStrength": 3,
	"ImagingFrequency": 123.241582,
	"Manufacturer": "Siemens",
	"ManufacturersModelName": "Prisma",
	"InstitutionName": "HIRF",
	"InstitutionalDepartmentName": "RBWH HIRF Imaging",
	"InstitutionAddress": "Herston Road 300,Brisbane,Queensland,AU,4006",
	"DeviceSerialNumber": "66023",
	"StationName": "AWP66023",
	"BodyPartExamined": "BRAIN",
	"PatientPosition": "HFS",
	"ProcedureStepDescription": "MR Brain Research",
	"SoftwareVersions": "syngo MR E11",
	"MRAcquisitionType": "2D",
	"SeriesDescription": "AP_MB4_BOLD_DEFN_B1",
	"ProtocolName": "AP_MB4_BOLD_DEFN_B1",
        "TaskName": "NamingToDefinitions",
	"ScanningSequence": "EP",
	"SequenceVariant": "SK",
	"ScanOptions": "PFP\\FS",
	"SequenceName": "*epfid2d1_72",
	"ImageType": ["ORIGINAL", "PRIMARY", "M", "ND", "NORM", "MOSAIC"],
	"NonlinearGradientCorrection": false,
	"SeriesNumber": 11,
	"AcquisitionTime": "15:38:53.227500",
	"AcquisitionNumber": 1,
	"SliceThickness": 2.6,
	"SpacingBetweenSlices": 2.6,
	"SAR": 0.0717881,
	"EchoTime": 0.03,
	"RepetitionTime": 1,
	"FlipAngle": 80,
	"PartialFourier": 0.875,
	"BaseResolution": 72,
	"ShimSetting": [
		2559,
		-11356,
		-11178,
		647,
		-73,
		10,
		29,
		81	],
	"TxRefAmp": 218.639,
	"PhaseResolution": 1,
	"VendorReportedEchoSpacing": 0.00051,
	"ReceiveCoilName": "HeadNeck_64",
	"ReceiveCoilActiveElements": "HC1-7",
	"PulseSequenceDetails": "%SiemensSeq%\\ep2d_bold",
	"RefLinesPE": 12,
	"CoilCombinationMethod": "Sum of Squares",
	"ConsistencyInfo": "N4_VE11E_LATEST_20181129",
	"MultibandAccelerationFactor": 4,
	"PercentPhaseFOV": 100,
	"PercentSampling": 100,
	"EchoTrainLength": 63,
	"PhaseEncodingSteps": 63,
	"AcquisitionMatrixPE": 72,
	"ReconMatrixPE": 72,
	"BandwidthPerPixelPhaseEncode": 27.233,
	"EffectiveEchoSpacing": 0.000510002,
	"DerivedVendorReportedEchoSpacing": 0.000510002,
	"TotalReadoutTime": 0.0362102,
	"PixelBandwidth": 2570,
	"DwellTime": 2.7e-06,
	"PhaseEncodingDirection": "j-",
	"SliceTiming": [
		0.735,
		0,
		0.49,
		0.08,
		0.57,
		0.1625,
		0.6525,
		0.325,
		0.815,
		0.4075,
		0.8975,
		0.245,
		0.735,
		0,
		0.49,
		0.08,
		0.57,
		0.1625,
		0.6525,
		0.325,
		0.815,
		0.4075,
		0.8975,
		0.245,
		0.735,
		0,
		0.49,
		0.08,
		0.57,
		0.1625,
		0.6525,
		0.325,
		0.815,
		0.4075,
		0.8975,
		0.245,
		0.735,
		0,
		0.49,
		0.08,
		0.57,
		0.1625,
		0.6525,
		0.325,
		0.815,
		0.4075,
		0.8975,
		0.245	],
	"ImageOrientationPatientDICOM": [
		0.996652,
		-0.0535893,
		-0.0617521,
		0.0522323,
		0.998361,
		-0.0233846	],
	"ImageOrientationText": "Tra>Sag(-3.6)>Cor(-1.2)",
	"InPlanePhaseEncodingDirectionDICOM": "COL",
	"ConversionSoftware": "dcm2niix",
	"ConversionSoftwareVersion": "v1.0.20230411"
}
