{
  "AcquisitionMatrixPE": 116,
  "AcquisitionNumber": 1,
  "BandwidthPerPixelPhaseEncode": 18.539,
  "BaseResolution": 116,
  "BodyPartExamined": "HEAD",
  "CogAtlasID": "TODO",
  "ConsistencyInfo": "N4_VD13D_LATEST_20130810",
  "ConversionSoftware": "dcm2niix",
  "ConversionSoftwareVersion": "v1.0.20190410  (JP2:OpenJPEG) (JP-LS:CharLS) GCC5.5.0",
  "DerivedVendorReportedEchoSpacing": 0.000930006,
  "DeviceSerialNumber": "66014",
  "DwellTime": 3e-06,
  "EchoTime": 0.03,
  "EchoTrainLength": 50,
  "EffectiveEchoSpacing": 0.000465003,
  "FlipAngle": 81,
  "ImageComments": "Unaliased_MB3_PE4",
  "ImageType": [
    "ORIGINAL",
    "PRIMARY",
    "M",
    "MB",
    "ND",
    "MOSAIC"
],
  "ImagingFrequency": 123.261,
  "InPlanePhaseEncodingDirectionDICOM": "COL",
  "InstitutionAddress": "Yiheyuan_Road_5_Beijing_Haidian_CN_100871",
  "InstitutionalDepartmentName": "Department",
  "MRAcquisitionType": "2D",
  "MagneticFieldStrength": 3,
  "Manufacturer": "Siemens",
  "ManufacturersModelName": "Prisma",
  "Modality": "MR",
  "MultibandAccelerationFactor": 3,
  "ParallelReductionFactorInPlane": 2,
  "PartialFourier": 0.875,
  "PatientPosition": "HFS",
  "PercentPhaseFOV": 100,
  "PhaseEncodingDirection": "j-",
  "PhaseEncodingSteps": 101,
  "PhaseResolution": 1,
  "PixelBandwidth": 1435,
  "ProcedureStepDescription": "Research_Projects_64CH",
  "PulseSequenceDetails": "%CustomerSeq%_cmrr_mbep2d_bold",
  "ReceiveCoilName": "HeadNeck_64",
  "ReconMatrixPE": 116,
  "RefLinesPE": 44,
  "RepetitionTime": 2,
  "ScanOptions": "PFP_FS",
  "ScanningSequence": "EP",
  "SequenceName": "epfid2d1_116",
  "SequenceVariant": "SK_SS",
  "SliceThickness": 1.9,
  "SoftwareVersions": "syngo_MR_D13D",
  "SpacingBetweenSlices": 1.9,
  "StationName": "AWP66014",
  "TaskName": "localizer",
  "TotalReadoutTime": 0.0534753,
  "dcmmeta_reorient_transform": [
    [0.0, -1.0, 0.0, 115.0],
    [1.0, 0.0, 0.0, 0.0],
    [0.0, 0.0, 1.0, 0.0],
    [0.0, 0.0, 0.0, 1.0]
],
  "dcmmeta_shape": [116, 116, 72, 164],
  "dcmmeta_slice_dim": 2,
  "dcmmeta_version": 0.6}