{
	"RepetitionTime": 3.0,
	"TaskName": "Untrained Hand, Untrained Sequence",
	"TaskInstructions": "See published manuscripts.",
	"TaskDescription": "Finger-to-thumb opposition sequence performed with the untrained hand using the novel, untrained sequence.",
	"CogAtlasID": "trm_4c898f079d05e",
	"CogPOID": "",
	"Manufacturer": "GE",
	"ManufacturerModelName": "SIGNA HDx",
	"MagneticFieldStrength": 3.0,
	"SoftwareVersion": "14/LX/MR Software release.14.0.M5A.0828.b",
	"ReceiveCoilName": "8-channel head",
	"ScanningSequence": "EP/GR",
	"SequenceVariant": "SS",
	"ScanOptions": "EPI.GEMS",
	"MRAcquisitionType": "2D",
	"InPlanePhaseEncodingDirection": "COL",
	"EchoTime": 0.035, 
	"SliceAcquisitionDirection": "sequential/ascending (bottom up)",
	"SliceTimingCalculationMethod": "slice_number * (RepetitionTime / num_slices)",
	"SliceTiming": [ 0.0   ,  0.075,  0.15 ,  0.225,  0.3  ,  0.375,  0.45 ,  0.525,
        0.6  ,  0.675,  0.75 ,  0.825,  0.9  ,  0.975,  1.05 ,  1.125,
        1.2  ,  1.275,  1.35 ,  1.425,  1.5  ,  1.575,  1.65 ,  1.725,
        1.8  ,  1.875,  1.95 ,  2.025,  2.1  ,  2.175,  2.25 ,  2.325,
        2.4  ,  2.475,  2.55 ,  2.625,  2.7  ,  2.775,  2.85 ,  2.925],
	"SliceGap": 0,
	"FlipAngle": 90.0
}