{
  "Manufacturer": "Bruker BioSpin MRI GmbH", 
  "ManufacturerModelName": "BioSpec 94/20 AV3HD", 
  "Description": "The echo-planar anatomical scan with a Bruker imager at 9.4 T with a volume transmit, 4-channel surface receive cross coil configuration. ", 
  "DeviceSerialNumber": "10100191", 
  "StationName": "BioSpec 94/20 AV3HD", 
  "SoftwareVersions": "6.0.1", 
  "MatrixCoilMode": "ParallelExperiment", 
  "PulseSequenceType": "Both", 
  "ScanningSequence": "T2_TurboRARE", 
  "SequenceVariant": "Both", 
  "ScanOptions": ["n/a", "No", "No", "n/a", "FlowNone", "1", "1", "Off", "FatSuppression"], 
  "SequenceName": "Bruker:RARE", 
  "NonlinearGradientCorrection": true, 
  "MRAcquisitionType": "2D", 
  "MTState": false, 
  "SpoilingState": true, 
  "NumberShots": 1, 
  "ParallelReductionFactorInPlane": 8, 
  "PartialFourier": 1, 
  "EffectiveEchoSpacing": 3.7500000000000094e-06, 
  "PhaseEncodingDirection": "j", 
  "TotalReadoutTime": 0.0009600000000000024, 
  "EchoTime": 0.036000000000000004, 
  "SliceTiming": [0.0, 0.24000000000000002, 0.48000000000000004, 0.7200000000000001, 0.9600000000000001, 1.2000000000000002, 1.4400000000000002, 1.6800000000000002, 1.9200000000000002, 2.16, 2.4000000000000004, 2.64, 2.8800000000000003, 3.12, 3.3600000000000003, 0.12000000000000001, 0.36000000000000004, 0.6000000000000001, 0.8400000000000001, 1.08, 1.32, 1.56, 1.8, 2.04, 2.2800000000000002, 2.52, 2.7600000000000002, 3.0000000000000004, 3.24, 3.4800000000000004], 
  "SliceEncodingDirection": "k", 
  "DwellTime": 0.007680000000000019, 
  "FlipAngle": 90, 
  "InstitutionName": "GIN Grenoble", 
  "InstitutionAddress": "Grenoble, Auvergne-Rhône-Alpes, France", 
  "SkullStripped": false
}
