{
  "TaskName": "rest", 
  "Description": "Single shot echo-planar imaging. Spatial resolution 0.46875 x 0.46875 x 1.10 mm, gap 0.1 mm, 9 slices, TR 0.5 s, 1800 repetitions, duration 30 min. The volume of interest stands between -10 mm and 0 mm with respect to the bregma location and results in a volume of 64 x 64 x 9 voxels. ", 
  "TaskDescription": "This is a resting-state task: the animal is at rest,  anesthetized and still. ", 
  "Manufacturer": "Bruker BioSpin MRI GmbH", 
  "ManufacturerModelName": "BioSpec 94/20 AV3HD", 
  "DeviceSerialNumber": "10100191", 
  "StationName": "BioSpec 94/20 AV3HD", 
  "SoftwareVersions": "6.0.1", 
  "MatrixCoilMode": "ParallelExperiment", 
  "PulseSequenceType": "Both", 
  "ScanningSequence": "T2star_FID_EPI", 
  "SequenceVariant": "Both", 
  "ScanOptions": ["n/a", "No", "No", "n/a", "FlowNone", "1", "1", "Off", "FatSuppression"], 
  "SequenceName": "Bruker:EPI", 
  "NonlinearGradientCorrection": true, 
  "MRAcquisitionType": "2D", 
  "MTState": false, 
  "SpoilingState": true, 
  "NumberShots": 1, 
  "ParallelReductionFactorInPlane": 1, 
  "PartialFourier": 1, 
  "EffectiveEchoSpacing": 5.600000000000002e-06, 
  "PhaseEncodingDirection": "j", 
  "TotalReadoutTime": 0.00035840000000000015, 
  "EchoTime": 0.02, 
  "SliceEncodingDirection": "k", 
  "DwellTime": 0.00035840000000000015, 
  "FlipAngle": 90, 
  "InstitutionName": "GIN Grenoble", 
  "InstitutionAddress": "Grenoble, Auvergne-Rhône-Alpes, France", 
  "RepetitionTime": 0.5, 
  "SkullStripped": false
}