{
	"Modality": "MR",
	"MagneticFieldStrength": 3,
	"ImagingFrequency": 123.231189,
	"Manufacturer": "Siemens",
	"ManufacturersModelName": "Prisma",
	"InstitutionName": "Herston Imaging Research Facility",
	"InstitutionalDepartmentName": "RBWH HIRF Imaging",
	"InstitutionAddress": "Herston Road 300,Brisbane,Queensland,AU,4006",
	"DeviceSerialNumber": "66023",
	"StationName": "AWP66023",
	"BodyPart": "BRAIN",
	"PatientPosition": "HFS",
	"ProcedureStepDescription": "MR Brain",
	"SoftwareVersions": "syngo MR E11",
	"MRAcquisitionType": "2D",
	"StudyDescription": "Brain Research_Current^FORM_TYPICALITY",
	"SeriesDescription": "AP_MB4_BOLD_FT_B1",
	"ProtocolName": "AP_MB4_BOLD_FT_B1",
    "TaskName": "lexicaldecision",
    "ScanningSequence": "EP",
	"SequenceVariant": "SK",
	"ScanOptions": "PFP\\FS",
	"SequenceName": "*epfid2d1_72",
	"ImageType": ["ORIGINAL", "PRIMARY", "M", "ND", "NORM", "MOSAIC", "MAGNITUDE"],
	"NonlinearGradientCorrection": false,
	"SeriesNumber": 11,
	"AcquisitionTime": "15:15:48.917500",
	"AcquisitionNumber": 1,
	"SliceThickness": 2.6,
	"SpacingBetweenSlices": 2.6,
	"SAR": 0.0769133,
	"TablePosition": [
		0,
		0,
		-0	],
	"EchoTime": 0.03,
	"RepetitionTime": 1,
	"FlipAngle": 80,
	"PartialFourier": 0.875,
	"BaseResolution": 72,
	"ShimSetting": [
		2561,
		-11289,
		-11257,
		569,
		-12,
		-155,
		-233,
		9	],
	"TxRefAmp": 250.92,
	"PhaseResolution": 1,
	"VendorReportedEchoSpacing": 0.00051,
	"ReceiveCoilName": "HeadNeck_64",
	"ReceiveCoilActiveElements": "HC1-7;NC1",
	"PulseSequenceDetails": "%SiemensSeq%\\ep2d_bold",
	"RefLinesPE": 12,
	"CoilCombinationMethod": "Sum of Squares",
	"ConsistencyInfo": "N4_VE11E_LATEST_20181129",
	"MultibandAccelerationFactor": 4,
	"PercentPhaseFOV": 100,
	"PercentSampling": 100,
	"EchoTrainLength": 63,
	"PhaseEncodingSteps": 63,
	"AcquisitionMatrixPE": 72,
	"ReconMatrixPE": 72,
	"BandwidthPerPixelPhaseEncode": 27.233,
	"EffectiveEchoSpacing": 0.000510002,
	"DerivedVendorReportedEchoSpacing": 0.000510002,
	"TotalReadoutTime": 0.0362102,
	"PixelBandwidth": 2570,
	"DwellTime": 2.7e-06,
	"PhaseEncodingDirection": "j-",
	"SliceTiming": [
		0.735,
		0,
		0.49,
		0.0825,
		0.5725,
		0.165,
		0.655,
		0.3275,
		0.8175,
		0.41,
		0.9,
		0.245,
		0.735,
		0,
		0.49,
		0.0825,
		0.5725,
		0.165,
		0.655,
		0.3275,
		0.8175,
		0.41,
		0.9,
		0.245,
		0.735,
		0,
		0.49,
		0.0825,
		0.5725,
		0.165,
		0.655,
		0.3275,
		0.8175,
		0.41,
		0.9,
		0.245,
		0.735,
		0,
		0.49,
		0.0825,
		0.5725,
		0.165,
		0.655,
		0.3275,
		0.8175,
		0.41,
		0.9,
		0.245	],
	"ImageOrientationPatientDICOM": [
		0.998771,
		-0.0483815,
		-0.0107634,
		0.0348779,
		0.840347,
		-0.540925	],
	"ImageOrientationText": "Tra>Cor(-32.7)>Sag(-2.0)",
	"InPlanePhaseEncodingDirectionDICOM": "COL",
	"BidsGuess": ["func","_acq-epfid2m4_dir-AP_run-11_bold"],
	"ConversionSoftware": "dcm2niix",
	"ConversionSoftwareVersion": "v1.0.20250505"
}
