{

	"InstitutionName": "Queen's University",
	"InstitutionAddress": "Botterell Hall 234, Kingston, Ontario, CA, K7L3N6",
	"InstitutionalDepartmentName": "Centre for Neuroscience Studies",
	"Manufacturer": "SIEMENS",
	"ManufacturersModelName": "TrioTim",
	"DeviceSerialNumber": "35109",
	"StationName": "MRC35109",
	"MagneticFieldStrength": 3,
	"SoftwareVersions": "syngo MR B19",
	"ConversionSoftware":"dcm2niix",
	"BodyPartExamined": "BRAIN",	
	"PatientPosition": "HFS",
	"Modality": "MR",	
	"ReceiveCoilActiveElements": "HEA;HEP",
	"CoilCombinationMethod": "Sum of Squares",
	
	"PulseSequenceType": "Multiband diffusion-weighted imaging (L>>R)",
	"ScanningSequence": "EP",
	"MRAcquisitionType": "2D",
	"SequenceVariant": "SK\SS",
	"ScanOptions": "PFP\FS",
	"SequenceName": "ep_b1200#64",	
	"MultibandAccelerationFactor":3,
	"RepetitionTime":5.18,
	"EchoTime":0.1034,
	"EffectiveEchoSpacing":0.00077,
	"FlipAngle":78,
 	"PartialFourier": 0.75,
	"SliceThickness": 1.5,
	"SpacingBetweenSlices": 0,
	"PercentPhaseFOV": 100,
	"AcquisitionMatrixPE": 128,
	"PixelBandwidth": 1502,
	"PhaseEncodingDirection": "i",
	"TotalReadoutTime": 0.000910
	
}