{

	"InstitutionName": "Queen's University",
	"InstitutionAddress": "Botterell Hall 234, Kingston, Ontario, CA, K7L3N6",
	"InstitutionalDepartmentName": "Centre for Neuroscience Studies",
	"Manufacturer": "SIEMENS",
	"ManufacturersModelName": "TrioTim",
	"DeviceSerialNumber": "35109",
	"StationName": "MRC35109",
	"MagneticFieldStrength": 3,
	"SoftwareVersions": "syngo MR B19",
	"ConversionSoftware":"dcm2niix",
	"BodyPartExamined": "BRAIN",
	"PatientPosition": "HFS",
	"Modality": "MR",	
	"ReceiveCoilActiveElements": "HEA;HEP",
	"CoilCombinationMethod": "Sum of Squares",
	
	"PulseSequenceType": "Single-band gradient echo EPI reference (A>>P)",
	"ScanningSequence": "EP",
	"MRAcquisitionType": "2D",
	"SequenceVariant": "SK",
	"ScanOptions": "PFP\FS",
	"SequenceName": "epse2d1_128",	
	"MultibandAccelerationFactor":1,
	"RepetitionTime":15.53,
	"EchoTime":0.0976,
	"EffectiveEchoSpacing":0.00088,
	"FlipAngle":90,
 	"PartialFourier": 0.875,
	"SliceThickness": 1.5,
	"SpacingBetweenSlices": 0,
	"PercentPhaseFOV": 100,
	"AcquisitionMatrixPE": 128,
	"PixelBandwidth": 1776,
	"PhaseEncodingDirection":"j-",
	"TotalReadoutTime":0.000879
	
}