{

	"InstitutionName": "Queen's University",
	"InstitutionAddress": "Botterell Hall 234, Kingston, Ontario, CA, K7L3N6",
	"InstitutionalDepartmentName": "Centre for Neuroscience Studies",
	"Manufacturer": "SIEMENS",
	"ManufacturersModelName": "TrioTim",
	"DeviceSerialNumber": "35109",
	"StationName": "MRC35109",
	"MagneticFieldStrength": 3,
	"SoftwareVersions": "syngo MR B19",
	"ConversionSoftware":"dcm2niix",
	"BodyPartExamined": "BRAIN",
	"PatientPosition": "HFS",
	"Modality": "MR",	
	"ReceiveCoilActiveElements": "HEA;HEP",
	"CoilCombinationMethod": "Adaptive Combine",
	
	"PulseSequenceType": "MPRAGE",
	"ScanningSequence": "GR\IR",
	"MRAcquisitionType": "3D",
	"SequenceVariant": "SP\MP\OSP",
	"ScanOptions": "IR",
	"SequenceName": "*tfl3d1_ns",
	"RepetitionTime":2.4,
	"EchoTime":0.00213,
	"EffectiveEchoSpacing":0.0065,
	"FlipAngle":8,
	"SliceThickness": 0.7,
	"SpacingBetweenSlices": 0,
	"AcquisitionMatrixPE": 320,
	"PercentPhaseFOV": 100,
	"PixelBandwidth": 240,
	"ParallelAcquisitionTechnique": "GRAPPA",
	"ParallelReductionFactorInPlane": 2,
	"PhaseEncodingDirection": "j-"

}	
