{
    "Manufacturer": "Biosemi",
    "EEGReference": "CMS",
    "EEGGround": "DRL",
	"InstitutionAddress": "160 Hawkesbury Rd, Westmead NSW 2145, Australia",
	"InstitutionName": "Western Sydney University",
	"InstitutionalDepartmentName": "The MARCS Institute for Brain, Behaviour and Development",
	"PowerLineFrequency": 50,
	"SamplingFrequency": 2048,
    "EEGChannelCount": 64,
    "EOGChannelCount": 0,
    "ECGChannelCount": 0,
    "EMGChannelCount": 0,
    "SoftwareFilters": "n/a",
	"TaskDescription": "Pairs of participants engaged in a stimulus categorisation task. There was a pre- and post- test.",
	"TaskName": "categorisation"
}
