{
	"TaskName": "category pairings",
	"Modality": "MR",
	"MagneticFieldStrength": 3,
	"Manufacturer": "Siemens",
	"ManufacturersModelName": "Prisma",
	"SoftwareVersions": "syngo_MR_E11",
	"MRAcquisitionType": "2D",
	"SliceThickness": 1.5,
	"SpacingBetweenSlices": 1.5,
	"SAR": 0.0491065,
	"EchoTime": 0.032,
	"RepetitionTime": 1.5,
	"FlipAngle": 64,
	"PartialFourier": 0.75,
	"BaseResolution": 128,
	"ShimSetting": [
		-1112,
		-810,
		-5603,
		242,
		24,
		-35,
		53,
		-32	],
	"TxRefAmp": 211.017,
	"PhaseResolution": 1,
	"MultibandAccelerationFactor": 6,
	"PercentPhaseFOV": 100,
	"EchoTrainLength": 96,
	"PhaseEncodingSteps": 96,
	"AcquisitionMatrixPE": 128,
	"ReconMatrixPE": 128,
	"BandwidthPerPixelPhaseEncode": 11.004,
	"EffectiveEchoSpacing": 0.000709969,
	"DerivedVendorReportedEchoSpacing": 0.000709969,
	"TotalReadoutTime": 0.0901661,
	"PixelBandwidth": 1775,
	"DwellTime": 2.2e-06,
	"PhaseEncodingDirection": "j-",
	"SliceTiming": [
		0.69,
		0,
		0.79,
		0.1,
		0.8875,
		0.1975,
		0.9875,
		0.2975,
		1.085,
		0.395,
		1.185,
		0.495,
		1.2825,
		0.5925,
		1.3825,
		0.69,
		0,
		0.79,
		0.1,
		0.8875,
		0.1975,
		0.9875,
		0.2975,
		1.085,
		0.395,
		1.185,
		0.495,
		1.2825,
		0.5925,
		1.3825,
		0.69,
		0,
		0.79,
		0.1,
		0.8875,
		0.1975,
		0.9875,
		0.2975,
		1.085,
		0.395,
		1.185,
		0.495,
		1.2825,
		0.5925,
		1.3825,
		0.69,
		0,
		0.79,
		0.1,
		0.8875,
		0.1975,
		0.9875,
		0.2975,
		1.085,
		0.395,
		1.185,
		0.495,
		1.2825,
		0.5925,
		1.3825,
		0.69,
		0,
		0.79,
		0.1,
		0.8875,
		0.1975,
		0.9875,
		0.2975,
		1.085,
		0.395,
		1.185,
		0.495,
		1.2825,
		0.5925,
		1.3825,
		0.69,
		0,
		0.79,
		0.1,
		0.8875,
		0.1975,
		0.9875,
		0.2975,
		1.085,
		0.395,
		1.185,
		0.495,
		1.2825,
		0.5925,
		1.3825	],
	"ImageOrientationPatientDICOM": [
		0.999447,
		-0.0196007,
		-0.026843,
		0.0183179,
		0.998716,
		-0.0472282	],
	"InPlanePhaseEncodingDirectionDICOM": "COL",
	"ConversionSoftware": "dcm2niix",
	"ConversionSoftwareVersion": "v1.0.20171215 (OpenJPEG build) GCC4.8.4"
}
