{
  "AcquisitionMatrixPE": 128,
  "AcquisitionNumber": 1,
  "AcquisitionTime": "17:16:13.057500",
  "BandwidthPerPixelPhaseEncode": 8.138,
  "BaseResolution": 128,
  "BodyPartExamined": "BRAIN",
  "CogAtlasID": "https://www.cognitiveatlas.org/task/id/trm_4f2421a62cdf8/",
  "ConsistencyInfo": "N4_VE11C_LATEST_20160120",
  "ConversionSoftware": "dcm2niix",
  "ConversionSoftwareVersion": "v1.0.20180328 GCC6.3.0",
  "DerivedVendorReportedEchoSpacing": 0.000960003,
  "DeviceSerialNumber": "45031",
  "DwellTime": 3.1e-06,
  "EchoTime": 0.04,
  "EchoTrainLength": 96,
  "EffectiveEchoSpacing": 0.000960002,
  "FlipAngle": 64,
  "ImageOrientationPatientDICOM": [1, 0, 0, 0, 0.953191, -0.30237],
  "ImageType": [
    "ORIGINAL",
    "PRIMARY",
    "M",
    "ND",
    "MOSAIC"
],
  "InPlanePhaseEncodingDirectionDICOM": "COL",
  "InstitutionAddress": "Washington_and_Faculty_Rd._-_Building_25_25_Princeton_NJ_US_085",
  "InstitutionName": "Princeton_University_-_Neuroscience_Institute",
  "InstitutionalDepartmentName": "Department",
  "MRAcquisitionType": "2D",
  "MagneticFieldStrength": 3,
  "Manufacturer": "Siemens",
  "ManufacturersModelName": "Skyra",
  "Modality": "MR",
  "MultibandAccelerationFactor": 6,
  "PartialFourier": 0.75,
  "PatientPosition": "HFS",
  "PercentPhaseFOV": 100,
  "PhaseEncodingDirection": "j-",
  "PhaseEncodingSteps": 96,
  "PhaseResolution": 1,
  "PixelBandwidth": 1260,
  "ProcedureStepDescription": "Norman_McDevitt_7137_viodiff",
  "ProtocolName": "func_ses-02_task-postscenes_run-01",
  "PulseSequenceDetails": "%SiemensSeq%_ep2d_bold",
  "ReceiveCoilActiveElements": "HC1-7",
  "ReceiveCoilName": "HeadNeck_64",
  "ReconMatrixPE": 128,
  "RepetitionTime": 1.5,
  "SAR": 0.066795,
  "ScanOptions": "PFP_FS",
  "ScanningSequence": "EP",
  "SequenceName": "_epfid2d1_128",
  "SequenceVariant": "SK",
  "SeriesDescription": "func_ses-02_task-postscenes_run-01",
  "SeriesNumber": 3,
  "ShimSetting": [3373, 8559, 9480, 999, 293, -174, 611, 64],
  "SliceThickness": 1.5,
  "SliceTiming": [1.11, 0, 0.74, 0.1225, 0.8625, 0.2475, 0.9875, 0.4925, 1.2325, 0.6175, 1.3575, 0.37, 1.11, 0, 0.74, 0.1225, 0.8625, 0.2475, 0.9875, 0.4925, 1.2325, 0.6175, 1.3575, 0.37, 1.11, 0, 0.74, 0.1225, 0.8625, 0.2475, 0.9875, 0.4925, 1.2325, 0.6175, 1.3575, 0.37, 1.11, 0, 0.74, 0.1225, 0.8625, 0.2475, 0.9875, 0.4925, 1.2325, 0.6175, 1.3575, 0.37, 1.11, 0, 0.74, 0.1225, 0.8625, 0.2475, 0.9875, 0.4925, 1.2325, 0.6175, 1.3575, 0.37, 1.11, 0, 0.74, 0.1225, 0.8625, 0.2475, 0.9875, 0.4925, 1.2325, 0.6175, 1.3575, 0.37],
  "SoftwareVersions": "syngo_MR_E11",
  "SpacingBetweenSlices": 1.5,
  "StationName": "AWP45031",
  "TaskName": "postscenes",
  "TotalReadoutTime": 0.12192,
  "TxRefAmp": 318.676,
  "VendorReportedEchoSpacing": 0.00096}